{
	"TaskName": "rest",
	"Manufacturer": "Siemens",
	"ManufacturersModelName": "TrioTim",
	"ProcedureStepDescription": "RESEARCH_Brain_Traumas",
	"ScanningSequence": "EP",
	"SequenceVariant": "SK",
	"SeriesDescription": "Bold",
	"ProtocolName": "Bold",
	"SequenceName": "epfid2d1_80",
	"ImageType": ["ORIGINAL", "PRIMARY", "M", "ND", "NORM", "MOSAIC"],
	"MagneticFieldStrength": 3,
	"FlipAngle": 90,
	"EchoTime": 0.03,
	"RepetitionTime": 2,
	"EffectiveEchoSpacing": 0.000290003,
	"SliceTiming": [
		0.9925,
		0,
		1.0525,
		0.0575,
		1.11,
		0.115,
		1.1675,
		0.175,
		1.2275,
		0.2325,
		1.285,
		0.2925,
		1.345,
		0.35,
		1.4025,
		0.4075,
		1.46,
		0.4675,
		1.52,
		0.525,
		1.5775,
		0.585,
		1.635,
		0.6425,
		1.695,
		0.7,
		1.7525,
		0.76,
		1.8125,
		0.8175,
		1.87,
		0.875,
		1.9275,
		0.935	],
	"PhaseEncodingDirection": "j-",
	"ConversionSoftware": "dcm2niix",
	"ConversionSoftwareVersion": "v1.0.20170314",
	"CogAtlasID":"http://www.cognitiveatlas.org/task/id/trm_4c8a834779883"
}
