{
  "aor": 0.029163333333333333,
  "aqi": 0.024894721597222225,
  "bids_meta": {
    "CogAtlasID": "http://www.cognitiveatlas.org/task/id/trm_4c8a834779883",
    "ConversionSoftware": "dcm2niix",
    "ConversionSoftwareVersion": "v1.0.20170314",
    "EchoTime": 0.03,
    "EffectiveEchoSpacing": 0.000290003,
    "FlipAngle": 90,
    "ImageType": [
      "ORIGINAL",
      "PRIMARY",
      "M",
      "ND",
      "NORM",
      "MOSAIC"
    ],
    "MagneticFieldStrength": 3,
    "Manufacturer": "Siemens",
    "ManufacturersModelName": "TrioTim",
    "PhaseEncodingDirection": "j-",
    "ProcedureStepDescription": "RESEARCH_Brain_Traumas",
    "ProtocolName": "Bold",
    "RepetitionTime": 2,
    "ScanningSequence": "EP",
    "SequenceName": "epfid2d1_80",
    "SequenceVariant": "SK",
    "SeriesDescription": "Bold",
    "SliceTiming": [
      0.9925,
      0,
      1.0525,
      0.0575,
      1.11,
      0.1175,
      1.1675,
      0.175,
      1.2275,
      0.2325,
      1.285,
      0.2925,
      1.345,
      0.35,
      1.4025,
      0.4075,
      1.46,
      0.4675,
      1.52,
      0.525,
      1.5775,
      0.585,
      1.635,
      0.6425,
      1.695,
      0.7,
      1.7525,
      0.76,
      1.8125,
      0.8175,
      1.87,
      0.8775,
      1.9275,
      0.935
    ],
    "TaskName": "rest",
    "modality": "bold",
    "session_id": "2",
    "subject_id": "tbi03",
    "task_id": "rest"
  },
  "dummy_trs": 0,
  "dvars_nstd": 25.629799423076925,
  "dvars_std": 1.064000070699301,
  "dvars_vstd": 0.9729515018881123,
  "efc": 0.3979524366911081,
  "fber": 10361.3994140625,
  "fd_mean": 0.24358740071749949,
  "fd_num": 59,
  "fd_perc": 40.97222222222222,
  "fwhm_avg": 2.555610833333333,
  "fwhm_x": 2.3721466666666666,
  "fwhm_y": 3.1418733333333333,
  "fwhm_z": 2.1528125,
  "gcor": 0.0246182,
  "gsr_x": -0.023166857659816742,
  "gsr_y": 0.017696406692266464,
  "provenance": {
    "md5sum": "7f6d6ce4d9f2737d06da8484ca69a4be",
    "settings": {
      "fd_thres": 0.2,
      "hmc_fsl": false
    },
    "software": "mriqc",
    "version": "0.9.6"
  },
  "size_t": 144,
  "size_x": 80,
  "size_y": 80,
  "size_z": 34,
  "snr": 5.36042281749149,
  "spacing_tr": 20110602.0,
  "spacing_x": 3.0,
  "spacing_y": 3.0,
  "spacing_z": 4.0,
  "summary_bg_k": 52.80442375861215,
  "summary_bg_mad": 5.343545436859131,
  "summary_bg_mean": 22.120758056640625,
  "summary_bg_median": 7.576388835906982,
  "summary_bg_n": 152208.0,
  "summary_bg_p05": 3.0416667461395264,
  "summary_bg_p95": 77.33298606872546,
  "summary_bg_stdv": 50.31190490722656,
  "summary_fg_k": 5.331687390144008,
  "summary_fg_mad": 101.99061584472656,
  "summary_fg_mean": 770.5406494140625,
  "summary_fg_median": 781.9930419921875,
  "summary_fg_n": 27679.0,
  "summary_fg_p05": 519.2972534179687,
  "summary_fg_p95": 964.5284667968749,
  "summary_fg_stdv": 145.8800811767578,
  "tsnr": 37.152366638183594
}