{
  "aor": 0.0009627777777777779,
  "aqi": 0.009737195763888888,
  "bids_meta": {
    "CogAtlasID": "http://www.cognitiveatlas.org/task/id/trm_4c8a834779883",
    "ConversionSoftware": "dcm2niix",
    "ConversionSoftwareVersion": "v1.0.20170314",
    "EchoTime": 0.03,
    "EffectiveEchoSpacing": 0.000290003,
    "FlipAngle": 90,
    "ImageType": [
      "ORIGINAL",
      "PRIMARY",
      "M",
      "ND",
      "NORM",
      "MOSAIC"
    ],
    "MagneticFieldStrength": 3,
    "Manufacturer": "Siemens",
    "ManufacturersModelName": "TrioTim",
    "PhaseEncodingDirection": "j-",
    "ProcedureStepDescription": "RESEARCH_Brain_Traumas",
    "ProtocolName": "Bold",
    "RepetitionTime": 2,
    "ScanningSequence": "EP",
    "SequenceName": "epfid2d1_80",
    "SequenceVariant": "SK",
    "SeriesDescription": "Bold",
    "SliceTiming": [
      0.9925,
      0,
      1.0525,
      0.0575,
      1.11,
      0.115,
      1.1675,
      0.175,
      1.2275,
      0.2325,
      1.285,
      0.2925,
      1.3425,
      0.35,
      1.4025,
      0.4075,
      1.46,
      0.4675,
      1.52,
      0.525,
      1.5775,
      0.585,
      1.635,
      0.6425,
      1.695,
      0.7,
      1.7525,
      0.76,
      1.8125,
      0.8175,
      1.87,
      0.875,
      1.9275,
      0.935
    ],
    "TaskName": "rest",
    "modality": "bold",
    "session_id": "2",
    "subject_id": "control07",
    "task_id": "rest"
  },
  "dummy_trs": 0,
  "dvars_nstd": 30.944628228671323,
  "dvars_std": 1.2562308432167824,
  "dvars_vstd": 0.9902839395104899,
  "efc": 0.4619597598316053,
  "fber": 7060.279296875,
  "fd_mean": 0.19682109007530502,
  "fd_num": 75,
  "fd_perc": 52.083333333333336,
  "fwhm_avg": 2.335892222222222,
  "fwhm_x": 2.2110233333333333,
  "fwhm_y": 2.754913333333333,
  "fwhm_z": 2.04174,
  "gcor": 0.0100359,
  "gsr_x": -0.009306943975389004,
  "gsr_y": 0.01704636961221695,
  "provenance": {
    "md5sum": "9378a7b0e512311a1e392657cca3189f",
    "settings": {
      "fd_thres": 0.2,
      "hmc_fsl": false
    },
    "software": "mriqc",
    "version": "0.9.6"
  },
  "size_t": 144,
  "size_x": 80,
  "size_y": 80,
  "size_z": 34,
  "snr": 5.810515337700839,
  "spacing_tr": 20110204.0,
  "spacing_x": 3.0,
  "spacing_y": 3.0,
  "spacing_z": 4.0,
  "summary_bg_k": 53.73137773207228,
  "summary_bg_mad": 4.65372371673584,
  "summary_bg_mean": 18.665483474731445,
  "summary_bg_median": 7.763888835906982,
  "summary_bg_n": 136442.0,
  "summary_bg_p05": 3.4375,
  "summary_bg_p95": 72.04131698608397,
  "summary_bg_stdv": 36.939945220947266,
  "summary_fg_k": 4.960351401798756,
  "summary_fg_mad": 86.94325256347656,
  "summary_fg_mean": 667.0285034179688,
  "summary_fg_median": 672.2152709960938,
  "summary_fg_n": 40894.0,
  "summary_fg_p05": 479.80694580078125,
  "summary_fg_p95": 829.5579772949219,
  "summary_fg_stdv": 115.68802642822266,
  "tsnr": 60.9980583190918
}