{
  "aor": 0.003071388888888889,
  "aqi": 0.005085759375,
  "bids_meta": {
    "CogAtlasID": "http://www.cognitiveatlas.org/task/id/trm_4c8a834779883",
    "ConversionSoftware": "dcm2niix",
    "ConversionSoftwareVersion": "v1.0.20170314",
    "EchoTime": 0.025,
    "EffectiveEchoSpacing": 0.000264999,
    "FlipAngle": 80,
    "ImageType": [
      "ORIGINAL",
      "PRIMARY",
      "M",
      "ND",
      "NORM",
      "MOSAIC"
    ],
    "MagneticFieldStrength": 3,
    "Manufacturer": "Siemens",
    "ManufacturersModelName": "TrioTim",
    "PhaseEncodingDirection": "j-",
    "ProcedureStepDescription": "Investigators_FGH3",
    "ProtocolName": "Rest_1",
    "RepetitionTime": 2,
    "ScanningSequence": "EP",
    "SequenceName": "_epfid2d1_80",
    "SequenceVariant": "SK",
    "SeriesDescription": "Rest_1",
    "SliceTiming": [
      1.93,
      1.88,
      1.8275,
      1.7775,
      1.7275,
      1.6775,
      1.625,
      1.575,
      1.525,
      1.4725,
      1.4225,
      1.3725,
      1.32,
      1.27,
      1.22,
      1.1675,
      1.1175,
      1.0675,
      1.0175,
      0.965,
      0.915,
      0.865,
      0.8125,
      0.7625,
      0.7125,
      0.66,
      0.61,
      0.56,
      0.51,
      0.4575,
      0.4075,
      0.3575,
      0.305,
      0.255,
      0.205,
      0.1525,
      0.1025,
      0.0525,
      0
    ],
    "TaskName": "rest",
    "modality": "bold",
    "session_id": "1",
    "subject_id": "control09",
    "task_id": "rest"
  },
  "dummy_trs": 0,
  "dvars_nstd": 28.35956912230769,
  "dvars_std": 1.15534616097902,
  "dvars_vstd": 1.0297841545454551,
  "efc": 0.42096874797061534,
  "fber": 1824.1663818359375,
  "fd_mean": 0.18407974227747495,
  "fd_num": 45,
  "fd_perc": 31.25,
  "fwhm_avg": 2.503833611111111,
  "fwhm_x": 2.531363333333333,
  "fwhm_y": 2.9185199999999996,
  "fwhm_z": 2.0616175,
  "gcor": 0.0135148,
  "gsr_x": -0.014445901848375797,
  "gsr_y": 0.011502615176141262,
  "provenance": {
    "md5sum": "1cc0ca58807868896c33f06561973578",
    "settings": {
      "fd_thres": 0.2,
      "hmc_fsl": false
    },
    "software": "mriqc",
    "version": "0.9.6"
  },
  "size_t": 144,
  "size_x": 80,
  "size_y": 80,
  "size_z": 35,
  "snr": 4.312835604911579,
  "spacing_tr": 1.0,
  "spacing_x": 3.0,
  "spacing_y": 3.0,
  "spacing_z": 4.0,
  "summary_bg_k": 160.71090382879552,
  "summary_bg_mad": 3.4491100311279297,
  "summary_bg_mean": 26.582889556884766,
  "summary_bg_median": 16.83333396911621,
  "summary_bg_n": 157136.0,
  "summary_bg_p05": 13.61805534362793,
  "summary_bg_p95": 67.60590171813965,
  "summary_bg_stdv": 37.86900329589844,
  "summary_fg_k": 1.6698838854771472,
  "summary_fg_mad": 150.29879760742188,
  "summary_fg_mean": 747.6121826171875,
  "summary_fg_median": 757.2708129882812,
  "summary_fg_n": 28845.0,
  "summary_fg_p05": 438.3222351074219,
  "summary_fg_p95": 1004.5625122070312,
  "summary_fg_stdv": 175.5823211669922,
  "tsnr": 57.404747009277344
}