{
  "aor": 0.0084225,
  "aqi": 0.014450353541666667,
  "bids_meta": {
    "CogAtlasID": "http://www.cognitiveatlas.org/task/id/trm_4c8a834779883",
    "ConversionSoftware": "dcm2niix",
    "ConversionSoftwareVersion": "v1.0.20170314",
    "EchoTime": 0.03,
    "EffectiveEchoSpacing": 0.000290003,
    "FlipAngle": 90,
    "ImageType": [
      "ORIGINAL",
      "PRIMARY",
      "M",
      "ND",
      "NORM",
      "MOSAIC"
    ],
    "MagneticFieldStrength": 3,
    "Manufacturer": "Siemens",
    "ManufacturersModelName": "TrioTim",
    "PhaseEncodingDirection": "j-",
    "ProcedureStepDescription": "RESEARCH_Brain_Traumas",
    "ProtocolName": "Bold",
    "RepetitionTime": 2,
    "ScanningSequence": "EP",
    "SequenceName": "epfid2d1_80",
    "SequenceVariant": "SK",
    "SeriesDescription": "Bold",
    "SliceTiming": [
      0,
      1.02,
      0.055,
      1.0775,
      0.1125,
      1.135,
      0.17,
      1.1925,
      0.225,
      1.2475,
      0.2825,
      1.305,
      0.34,
      1.3625,
      0.3975,
      1.4175,
      0.4525,
      1.475,
      0.51,
      1.5325,
      0.5675,
      1.59,
      0.6225,
      1.645,
      0.68,
      1.7025,
      0.7375,
      1.76,
      0.795,
      1.815,
      0.85,
      1.8725,
      0.9075,
      1.93,
      0.965
    ],
    "TaskName": "rest",
    "modality": "bold",
    "session_id": "1",
    "subject_id": "tbi08",
    "task_id": "rest"
  },
  "dummy_trs": 0,
  "dvars_nstd": 25.410334313776207,
  "dvars_std": 1.194899262937063,
  "dvars_vstd": 1.0334040545454548,
  "efc": 0.4133519738603382,
  "fber": 10932.3369140625,
  "fd_mean": 0.14713759560094863,
  "fd_num": 17,
  "fd_perc": 11.805555555555555,
  "fwhm_avg": 2.435617514637764,
  "fwhm_x": 2.351346479798438,
  "fwhm_y": 2.903903564114854,
  "fwhm_z": 2.0516025,
  "gcor": 0.0237069,
  "gsr_x": -0.010131582617759705,
  "gsr_y": 0.0037456785794347525,
  "provenance": {
    "md5sum": "45c810b7042f5d703e1c07010643a51f",
    "settings": {
      "fd_thres": 0.2,
      "hmc_fsl": false
    },
    "software": "mriqc",
    "version": "0.9.6"
  },
  "size_t": 144,
  "size_x": 80,
  "size_y": 80,
  "size_z": 35,
  "snr": 5.85333739400592,
  "spacing_tr": 1.0,
  "spacing_x": 3.000000238418579,
  "spacing_y": 2.999999761581421,
  "spacing_z": 4.0,
  "summary_bg_k": 80.56040161724034,
  "summary_bg_mad": 4.056564807891846,
  "summary_bg_mean": 15.653162002563477,
  "summary_bg_median": 6.555555820465088,
  "summary_bg_n": 150832.0,
  "summary_bg_p05": 2.784722328186035,
  "summary_bg_p95": 56.40590286254871,
  "summary_bg_stdv": 34.5966796875,
  "summary_fg_k": 6.057409378827426,
  "summary_fg_mad": 76.70403289794922,
  "summary_fg_mean": 685.8173217773438,
  "summary_fg_median": 699.4027709960938,
  "summary_fg_n": 33601.0,
  "summary_fg_p05": 463.5486145019531,
  "summary_fg_p95": 834.5416870117188,
  "summary_fg_stdv": 119.486083984375,
  "tsnr": 52.37425231933594
}