{
  "aor": 0.0006021527777777778,
  "aqi": 0.007847677291666667,
  "bids_meta": {
    "BodyPartExamined": "BRAIN",
    "CogAtlasID": "http://www.cognitiveatlas.org/task/id/trm_4c8a834779883",
    "ConversionSoftware": "dcm2niix",
    "ConversionSoftwareVersion": "v1.0.20170314",
    "EchoTime": 0.03,
    "EffectiveEchoSpacing": 0.000290003,
    "FlipAngle": 90,
    "ImageType": [
      "ORIGINAL",
      "PRIMARY",
      "M",
      "ND",
      "NORM",
      "MOSAIC"
    ],
    "MagneticFieldStrength": 3,
    "Manufacturer": "Siemens",
    "ManufacturersModelName": "Prisma_fit",
    "PhaseEncodingDirection": "j-",
    "ProcedureStepDescription": "Investigators_20_ch_FGH3",
    "ProtocolName": "rest_1",
    "RepetitionTime": 2,
    "ScanningSequence": "EP",
    "SequenceName": "_epfid2d1_80",
    "SequenceVariant": "SK",
    "SeriesDescription": "rest_1",
    "SliceTiming": [
      0,
      1.02,
      0.0575,
      1.075,
      0.1125,
      1.1325,
      0.17,
      1.1875,
      0.2275,
      1.245,
      0.2825,
      1.3025,
      0.34,
      1.3575,
      0.3975,
      1.415,
      0.4525,
      1.4725,
      0.51,
      1.5275,
      0.5675,
      1.585,
      0.6225,
      1.64,
      0.68,
      1.6975,
      0.735,
      1.755,
      0.7925,
      1.81,
      0.85,
      1.8675,
      0.905,
      1.925,
      0.9625
    ],
    "TaskName": "rest",
    "modality": "bold",
    "session_id": "2",
    "subject_id": "control12",
    "task_id": "rest"
  },
  "dummy_trs": 0,
  "dvars_nstd": 30.034160240279732,
  "dvars_std": 1.4044060050349652,
  "dvars_vstd": 0.9870635897902095,
  "efc": 0.4044817954114391,
  "fber": 4583.333984375,
  "fd_mean": 0.11999841905861008,
  "fd_num": 9,
  "fd_perc": 6.25,
  "fwhm_avg": 2.4383880297468346,
  "fwhm_x": 2.4704198036686735,
  "fwhm_y": 2.8498466666666666,
  "fwhm_z": 1.994897618905164,
  "gcor": 0.0140115,
  "gsr_x": -0.011855803430080414,
  "gsr_y": 0.0045386673882603645,
  "provenance": {
    "md5sum": "0e0bca55cafba3898ffa2bd8c518f47d",
    "settings": {
      "fd_thres": 0.2,
      "hmc_fsl": false
    },
    "software": "mriqc",
    "version": "0.9.6"
  },
  "size_t": 144,
  "size_x": 80,
  "size_y": 80,
  "size_z": 35,
  "snr": 5.144904112278446,
  "spacing_tr": 1.0,
  "spacing_x": 3.000000238418579,
  "spacing_y": 3.0,
  "spacing_z": 3.999999761581421,
  "summary_bg_k": 109.84558472557839,
  "summary_bg_mad": 3.6241390705108643,
  "summary_bg_mean": 16.06864356994629,
  "summary_bg_median": 8.76388931274414,
  "summary_bg_n": 155950.0,
  "summary_bg_p05": 5.152777671813965,
  "summary_bg_p95": 45.844097137451094,
  "summary_bg_stdv": 29.440364837646484,
  "summary_fg_k": 4.8289750638983175,
  "summary_fg_mad": 73.09027862548828,
  "summary_fg_mean": 593.4938354492188,
  "summary_fg_median": 606.5277709960938,
  "summary_fg_n": 29563.0,
  "summary_fg_p05": 366.75138244628914,
  "summary_fg_p95": 742.793780517578,
  "summary_fg_stdv": 117.88703918457031,
  "tsnr": 73.88125610351562
}