{
  "aor": 0.0033115277777777774,
  "aqi": 0.006872006805555556,
  "bids_meta": {
    "CogAtlasID": "http://www.cognitiveatlas.org/task/id/trm_4c8a834779883",
    "EchoTime": 0.034,
    "FlipAngle": 90,
    "ImageType": [
      "IMAGE",
      "M series"
    ],
    "MagneticFieldStrength": 3,
    "Manufacturer": "Philips",
    "ManufacturersModelName": "Achieva",
    "ProcedureStepDescription": "none",
    "ProtocolName": "NO_STIMULATION SENSE",
    "RepetitionTime": 2,
    "ScanningSequence": "EP",
    "SequenceName": "NO_STIMULATION SENSE",
    "SequenceVariant": "SK",
    "SeriesDescription": "NO_STIMULATION SENSE",
    "TaskName": "rest",
    "modality": "bold",
    "session_id": "2",
    "subject_id": "control01",
    "task_id": "rest"
  },
  "dummy_trs": 0,
  "dvars_nstd": 28.908431393566435,
  "dvars_std": 1.2641642833566433,
  "dvars_vstd": 1.0009640939860143,
  "efc": 0.4128223563400723,
  "fber": 831060.9375,
  "fd_mean": 0.13004420845028758,
  "fd_num": 18,
  "fd_perc": 12.5,
  "fwhm_avg": 3.052586388888889,
  "fwhm_x": 3.375888,
  "fwhm_y": 3.9474186666666666,
  "fwhm_z": 1.8344525,
  "gcor": 0.0319728,
  "gsr_x": -0.01051220390945673,
  "gsr_y": 0.01617818884551525,
  "provenance": {
    "md5sum": "039fd2d43977d5f20593c86e4c9f0f1c",
    "settings": {
      "fd_thres": 0.2,
      "hmc_fsl": false
    },
    "software": "mriqc",
    "version": "0.9.6"
  },
  "size_t": 144,
  "size_x": 128,
  "size_y": 128,
  "size_z": 34,
  "snr": 4.109029551549948,
  "spacing_tr": 1.0,
  "spacing_x": 1.875,
  "spacing_y": 1.875,
  "spacing_z": 4.0,
  "summary_bg_k": 77.78421418193014,
  "summary_bg_mad": 1.4685629606246948,
  "summary_bg_mean": 23.52297019958496,
  "summary_bg_median": 0.9997401833534241,
  "summary_bg_n": 384087.0,
  "summary_bg_p05": 0.006697925506159663,
  "summary_bg_p95": 121.91010360717777,
  "summary_bg_stdv": 66.12834167480469,
  "summary_fg_k": 1.989886925149043,
  "summary_fg_mad": 193.01220703125,
  "summary_fg_mean": 1006.5328979492188,
  "summary_fg_median": 1006.7509765625,
  "summary_fg_n": 90393.0,
  "summary_fg_p05": 587.8541137695313,
  "summary_fg_p95": 1384.8014404296875,
  "summary_fg_stdv": 245.00807189941406,
  "tsnr": 53.862091064453125
}