{
  "aor": 0.007806249999999999,
  "aqi": 0.009601042847222222,
  "bids_meta": {
    "CogAtlasID": "http://www.cognitiveatlas.org/task/id/trm_4c8a834779883",
    "EchoTime": 0.034,
    "FlipAngle": 90,
    "ImageType": [
      "IMAGE",
      "M series"
    ],
    "MagneticFieldStrength": 3,
    "Manufacturer": "Philips",
    "ManufacturersModelName": "Achieva",
    "ProcedureStepDescription": "none",
    "ProtocolName": "NO_STIMULATION SENSE",
    "RepetitionTime": 2,
    "ScanningSequence": "EP",
    "SequenceName": "NO_STIMULATION SENSE",
    "SequenceVariant": "SK",
    "SeriesDescription": "NO_STIMULATION SENSE",
    "TaskName": "rest",
    "modality": "bold",
    "session_id": "3",
    "subject_id": "tbi01",
    "task_id": "rest"
  },
  "dummy_trs": 0,
  "dvars_nstd": 28.696921888671312,
  "dvars_std": 1.2523027314685307,
  "dvars_vstd": 0.9840852089510489,
  "efc": 0.42176449607769917,
  "fber": 446465.59375,
  "fd_mean": 0.1560339129707695,
  "fd_num": 24,
  "fd_perc": 16.666666666666668,
  "fwhm_avg": 3.669365341490966,
  "fwhm_x": 4.053642924390343,
  "fwhm_y": 4.755882969037563,
  "fwhm_z": 2.198570131044992,
  "gcor": 0.00849979,
  "gsr_x": -0.012191281653940678,
  "gsr_y": 0.01144041121006012,
  "provenance": {
    "md5sum": "bdf5c96895e37c68a398e2d1ffd336f3",
    "settings": {
      "fd_thres": 0.2,
      "hmc_fsl": false
    },
    "software": "mriqc",
    "version": "0.9.6"
  },
  "size_t": 144,
  "size_x": 128,
  "size_y": 128,
  "size_z": 34,
  "snr": 3.460724292487685,
  "spacing_tr": 1.0,
  "spacing_x": 1.8749998807907104,
  "spacing_y": 1.8749998807907104,
  "spacing_z": 3.999999761581421,
  "summary_bg_k": 122.7160976893204,
  "summary_bg_mad": 1.797624111175537,
  "summary_bg_mean": 19.782520294189453,
  "summary_bg_median": 1.2622414827346802,
  "summary_bg_n": 374590.0,
  "summary_bg_p05": 0.0378491222858429,
  "summary_bg_p95": 87.60110282897946,
  "summary_bg_stdv": 60.61467742919922,
  "summary_fg_k": 1.9243983921877739,
  "summary_fg_mad": 203.45249938964844,
  "summary_fg_mean": 1002.8707275390625,
  "summary_fg_median": 982.3250732421875,
  "summary_fg_n": 100154.0,
  "summary_fg_p05": 560.4591552734375,
  "summary_fg_p95": 1576.0332153320314,
  "summary_fg_stdv": 283.84814453125,
  "tsnr": 44.07745361328125
}