{
  "aor": 0.0005131944444444444,
  "aqi": 0.012604560416666667,
  "bids_meta": {
    "BodyPartExamined": "BRAIN",
    "CogAtlasID": "http://www.cognitiveatlas.org/task/id/trm_4c8a834779883",
    "ConversionSoftware": "dcm2niix",
    "ConversionSoftwareVersion": "v1.0.20170314",
    "EchoTime": 0.025,
    "EffectiveEchoSpacing": 0.000264999,
    "FlipAngle": 80,
    "ImageType": [
      "ORIGINAL",
      "PRIMARY",
      "M",
      "ND",
      "NORM",
      "MOSAIC"
    ],
    "MagneticFieldStrength": 3,
    "Manufacturer": "Siemens",
    "ManufacturersModelName": "Prisma_fit",
    "PhaseEncodingDirection": "j-",
    "ProcedureStepDescription": "Investigators_20_ch_FGH3",
    "ProtocolName": "Rest_1",
    "RepetitionTime": 2,
    "ScanningSequence": "EP",
    "SequenceName": "_epfid2d1_80",
    "SequenceVariant": "SK",
    "SeriesDescription": "Rest_1",
    "SliceTiming": [
      1.93,
      1.88,
      1.8275,
      1.7775,
      1.7275,
      1.6775,
      1.625,
      1.575,
      1.525,
      1.4725,
      1.4225,
      1.3725,
      1.32,
      1.27,
      1.22,
      1.1675,
      1.1175,
      1.0675,
      1.0175,
      0.965,
      0.915,
      0.865,
      0.8125,
      0.7625,
      0.7125,
      0.66,
      0.61,
      0.56,
      0.51,
      0.4575,
      0.4075,
      0.3575,
      0.305,
      0.255,
      0.205,
      0.1525,
      0.1025,
      0.0525,
      0
    ],
    "TaskName": "rest",
    "modality": "bold",
    "session_id": "1",
    "subject_id": "control11",
    "task_id": "rest"
  },
  "dummy_trs": 0,
  "dvars_nstd": 22.865786412097904,
  "dvars_std": 1.0346054123076927,
  "dvars_vstd": 0.9361244730069926,
  "efc": 0.46543000436646453,
  "fber": 4272.77587890625,
  "fd_mean": 0.15688996434547192,
  "fd_num": 36,
  "fd_perc": 25.0,
  "fwhm_avg": 2.4740149999999996,
  "fwhm_x": 2.456443333333333,
  "fwhm_y": 2.864376666666667,
  "fwhm_z": 2.101225,
  "gcor": 0.0110432,
  "gsr_x": -0.015873698517680168,
  "gsr_y": 0.009423392824828625,
  "provenance": {
    "md5sum": "23c77b325e0ee941593f80044d4e59ee",
    "settings": {
      "fd_thres": 0.2,
      "hmc_fsl": false
    },
    "software": "mriqc",
    "version": "0.9.6"
  },
  "size_t": 144,
  "size_x": 80,
  "size_y": 80,
  "size_z": 39,
  "snr": 5.857664015018322,
  "spacing_tr": 1.0,
  "spacing_x": 3.0,
  "spacing_y": 3.0,
  "spacing_z": 4.0,
  "summary_bg_k": 38.950342671566,
  "summary_bg_mad": 5.168517112731934,
  "summary_bg_mean": 30.243501663208008,
  "summary_bg_median": 10.736111640930176,
  "summary_bg_n": 164685.0,
  "summary_bg_p05": 6.125,
  "summary_bg_p95": 128.79861450195312,
  "summary_bg_stdv": 60.49042892456055,
  "summary_fg_k": 5.3006841758499785,
  "summary_fg_mad": 94.289306640625,
  "summary_fg_mean": 717.6721801757812,
  "summary_fg_median": 722.6458129882812,
  "summary_fg_n": 41467.0,
  "summary_fg_p05": 520.6944580078125,
  "summary_fg_p95": 889.3979370117186,
  "summary_fg_stdv": 123.3660888671875,
  "tsnr": 54.79943084716797
}