{
  "aor": 0.008725833333333334,
  "aqi": 0.021960213194444442,
  "bids_meta": {
    "CogAtlasID": "http://www.cognitiveatlas.org/task/id/trm_4c8a834779883",
    "ConversionSoftware": "dcm2niix",
    "ConversionSoftwareVersion": "v1.0.20170314",
    "EchoTime": 0.03,
    "EffectiveEchoSpacing": 0.000290003,
    "FlipAngle": 90,
    "ImageType": [
      "ORIGINAL",
      "PRIMARY",
      "M",
      "ND",
      "NORM",
      "MOSAIC"
    ],
    "MagneticFieldStrength": 3,
    "Manufacturer": "Siemens",
    "ManufacturersModelName": "TrioTim",
    "PhaseEncodingDirection": "j-",
    "ProcedureStepDescription": "RESEARCH_Brain_Traumas",
    "ProtocolName": "Bold",
    "RepetitionTime": 2,
    "ScanningSequence": "EP",
    "SequenceName": "_epfid2d1_80",
    "SequenceVariant": "SK",
    "SeriesDescription": "Bold",
    "SliceTiming": [
      0,
      1.0225,
      0.055,
      1.0775,
      0.1125,
      1.135,
      0.17,
      1.1925,
      0.2275,
      1.2475,
      0.2825,
      1.305,
      0.34,
      1.3625,
      0.3975,
      1.42,
      0.4525,
      1.475,
      0.51,
      1.5325,
      0.5675,
      1.59,
      0.625,
      1.645,
      0.68,
      1.7025,
      0.7375,
      1.76,
      0.795,
      1.8175,
      0.85,
      1.8725,
      0.9075,
      1.93,
      0.965
    ],
    "TaskName": "rest",
    "modality": "bold",
    "session_id": "3",
    "subject_id": "tbi07",
    "task_id": "rest"
  },
  "dummy_trs": 0,
  "dvars_nstd": 30.405249188881122,
  "dvars_std": 1.163570034755245,
  "dvars_vstd": 1.0292773910489514,
  "efc": 0.4303208343012944,
  "fber": 6991.7724609375,
  "fd_mean": 0.25263595363724706,
  "fd_num": 64,
  "fd_perc": 44.44444444444444,
  "fwhm_avg": 2.6640647659175456,
  "fwhm_x": 2.6192433333333334,
  "fwhm_y": 3.173693333333333,
  "fwhm_z": 2.19925763108597,
  "gcor": 0.018293,
  "gsr_x": -0.014598916284739971,
  "gsr_y": 0.02239418402314186,
  "provenance": {
    "md5sum": "2d796f058522c3d36b6b6ce8ca09a818",
    "settings": {
      "fd_thres": 0.2,
      "hmc_fsl": false
    },
    "software": "mriqc",
    "version": "0.9.6"
  },
  "size_t": 144,
  "size_x": 80,
  "size_y": 80,
  "size_z": 35,
  "snr": 4.77927079840507,
  "spacing_tr": 1.0,
  "spacing_x": 3.0,
  "spacing_y": 3.0,
  "spacing_z": 3.999999761581421,
  "summary_bg_k": 53.80349154318232,
  "summary_bg_mad": 6.177509784698486,
  "summary_bg_mean": 23.136369705200195,
  "summary_bg_median": 8.69444465637207,
  "summary_bg_n": 150060.0,
  "summary_bg_p05": 3.5625,
  "summary_bg_p95": 89.3131946563719,
  "summary_bg_stdv": 46.437923431396484,
  "summary_fg_k": 3.454888815918663,
  "summary_fg_mad": 104.23515319824219,
  "summary_fg_mean": 723.1724853515625,
  "summary_fg_median": 748.263916015625,
  "summary_fg_n": 33761.0,
  "summary_fg_p05": 395.2291564941406,
  "summary_fg_p95": 915.6666870117188,
  "summary_fg_stdv": 156.5621337890625,
  "tsnr": 37.01016616821289
}