{
  "aor": 0.004022430555555556,
  "aqi": 0.011500905555555557,
  "bids_meta": {
    "CogAtlasID": "http://www.cognitiveatlas.org/task/id/trm_4c8a834779883",
    "ConversionSoftware": "dcm2niix",
    "ConversionSoftwareVersion": "v1.0.20170314",
    "EchoTime": 0.03,
    "EffectiveEchoSpacing": 0.000290003,
    "FlipAngle": 90,
    "ImageType": [
      "ORIGINAL",
      "PRIMARY",
      "M",
      "ND",
      "NORM",
      "MOSAIC"
    ],
    "MagneticFieldStrength": 3,
    "Manufacturer": "Siemens",
    "ManufacturersModelName": "TrioTim",
    "PhaseEncodingDirection": "j-",
    "ProcedureStepDescription": "RESEARCH_Brain_Traumas",
    "ProtocolName": "Bold",
    "RepetitionTime": 2,
    "ScanningSequence": "EP",
    "SequenceName": "_epfid2d1_80",
    "SequenceVariant": "SK",
    "SeriesDescription": "Bold",
    "SliceTiming": [
      0,
      1.02,
      0.055,
      1.0775,
      0.1125,
      1.135,
      0.17,
      1.1925,
      0.225,
      1.2475,
      0.2825,
      1.305,
      0.34,
      1.3625,
      0.3975,
      1.4175,
      0.4525,
      1.475,
      0.51,
      1.5325,
      0.5675,
      1.59,
      0.6225,
      1.645,
      0.68,
      1.7025,
      0.7375,
      1.76,
      0.795,
      1.815,
      0.85,
      1.8725,
      0.9075,
      1.93,
      0.965
    ],
    "TaskName": "rest",
    "modality": "bold",
    "session_id": "3",
    "subject_id": "tbi09",
    "task_id": "rest"
  },
  "dummy_trs": 0,
  "dvars_nstd": 24.717116349020976,
  "dvars_std": 1.2022307652447553,
  "dvars_vstd": 0.9941392300699301,
  "efc": 0.4069065763242894,
  "fber": 11856.765625,
  "fd_mean": 0.14689867466060277,
  "fd_num": 19,
  "fd_perc": 13.194444444444445,
  "fwhm_avg": 2.4466011111111112,
  "fwhm_x": 2.40352,
  "fwhm_y": 2.883853333333333,
  "fwhm_z": 2.05243,
  "gcor": 0.0119047,
  "gsr_x": -0.013667971827089787,
  "gsr_y": 0.013435009866952896,
  "provenance": {
    "md5sum": "f07c3b6ac317489443fd6b0907dd1dbb",
    "settings": {
      "fd_thres": 0.2,
      "hmc_fsl": false
    },
    "software": "mriqc",
    "version": "0.9.6"
  },
  "size_t": 144,
  "size_x": 80,
  "size_y": 80,
  "size_z": 35,
  "snr": 5.465501391582589,
  "spacing_tr": 1.0,
  "spacing_x": 3.0,
  "spacing_y": 3.0,
  "spacing_z": 4.0,
  "summary_bg_k": 120.57302871961616,
  "summary_bg_mad": 4.097747802734375,
  "summary_bg_mean": 15.327224731445312,
  "summary_bg_median": 6.923611164093018,
  "summary_bg_n": 150545.0,
  "summary_bg_p05": 3.243055582046509,
  "summary_bg_p95": 46.40000076293929,
  "summary_bg_stdv": 37.41392135620117,
  "summary_fg_k": 4.913196472094974,
  "summary_fg_mad": 99.37036895751953,
  "summary_fg_mean": 760.4547729492188,
  "summary_fg_median": 774.5521240234375,
  "summary_fg_n": 33824.0,
  "summary_fg_p05": 516.9583129882812,
  "summary_fg_p95": 947.4631927490234,
  "summary_fg_stdv": 141.7144775390625,
  "tsnr": 58.55327224731445
}