{
  "aor": 0.003203472222222222,
  "aqi": 0.008528215416666667,
  "bids_meta": {
    "CogAtlasID": "http://www.cognitiveatlas.org/task/id/trm_4c8a834779883",
    "ConversionSoftware": "dcm2niix",
    "ConversionSoftwareVersion": "v1.0.20170314",
    "EchoTime": 0.03,
    "EffectiveEchoSpacing": 0.000290003,
    "FlipAngle": 90,
    "ImageType": [
      "ORIGINAL",
      "PRIMARY",
      "M",
      "ND",
      "NORM",
      "MOSAIC"
    ],
    "MagneticFieldStrength": 3,
    "Manufacturer": "Siemens",
    "ManufacturersModelName": "TrioTim",
    "PhaseEncodingDirection": "j-",
    "ProcedureStepDescription": "RESEARCH_Brain_Traumas",
    "ProtocolName": "Bold",
    "RepetitionTime": 2,
    "ScanningSequence": "EP",
    "SequenceName": "epfid2d1_80",
    "SequenceVariant": "SK",
    "SeriesDescription": "Bold",
    "SliceTiming": [
      0.995,
      0,
      1.0525,
      0.06,
      1.1125,
      0.1175,
      1.17,
      0.175,
      1.2275,
      0.235,
      1.2875,
      0.2925,
      1.345,
      0.3525,
      1.4025,
      0.41,
      1.4625,
      0.4675,
      1.52,
      0.5275,
      1.58,
      0.585,
      1.6375,
      0.645,
      1.695,
      0.7025,
      1.755,
      0.76,
      1.8125,
      0.82,
      1.8725,
      0.8775,
      1.93,
      0.935
    ],
    "TaskName": "rest",
    "modality": "bold",
    "session_id": "1",
    "subject_id": "tbi04",
    "task_id": "rest"
  },
  "dummy_trs": 0,
  "dvars_nstd": 27.82226434454544,
  "dvars_std": 1.3422269253146848,
  "dvars_vstd": 1.0325828097202796,
  "efc": 0.4514623496650884,
  "fber": 7823.57861328125,
  "fd_mean": 0.10204214201337165,
  "fd_num": 11,
  "fd_perc": 7.638888888888889,
  "fwhm_avg": 2.434131228268839,
  "fwhm_x": 2.3447299999999998,
  "fwhm_y": 2.817233557226941,
  "fwhm_z": 2.1404301275795774,
  "gcor": 0.010957,
  "gsr_x": -0.0058601293712854385,
  "gsr_y": 0.01197947096079588,
  "provenance": {
    "md5sum": "6f8c0d8eebd4d6def224540dca00e6ae",
    "settings": {
      "fd_thres": 0.2,
      "hmc_fsl": false
    },
    "software": "mriqc",
    "version": "0.9.6"
  },
  "size_t": 144,
  "size_x": 80,
  "size_y": 80,
  "size_z": 34,
  "snr": 5.57678649043759,
  "spacing_tr": 1.0,
  "spacing_x": 3.0,
  "spacing_y": 2.999999761581421,
  "spacing_z": 3.999999761581421,
  "summary_bg_k": 56.222575175803016,
  "summary_bg_mad": 5.3538408279418945,
  "summary_bg_mean": 21.96299934387207,
  "summary_bg_median": 8.395833015441895,
  "summary_bg_n": 139476.0,
  "summary_bg_p05": 3.625,
  "summary_bg_p95": 80.30035018920898,
  "summary_bg_stdv": 50.828147888183594,
  "summary_fg_k": 4.915930453013848,
  "summary_fg_mad": 95.6381607055664,
  "summary_fg_mean": 752.0762329101562,
  "summary_fg_median": 763.4930419921875,
  "summary_fg_n": 38553.0,
  "summary_fg_p05": 507.84445190429693,
  "summary_fg_p95": 933.1485961914063,
  "summary_fg_stdv": 136.90377807617188,
  "tsnr": 65.54889678955078
}