{
  "aor": 0.001293125,
  "aqi": 0.0039714127777777785,
  "bids_meta": {
    "CogAtlasID": "http://www.cognitiveatlas.org/task/id/trm_4c8a834779883",
    "ConversionSoftware": "dcm2niix",
    "ConversionSoftwareVersion": "v1.0.20170314",
    "EchoTime": 0.03,
    "EffectiveEchoSpacing": 0.000290003,
    "FlipAngle": 90,
    "ImageType": [
      "ORIGINAL",
      "PRIMARY",
      "M",
      "ND",
      "MOSAIC"
    ],
    "MagneticFieldStrength": 3,
    "Manufacturer": "Siemens",
    "ManufacturersModelName": "TrioTim",
    "PhaseEncodingDirection": "j-",
    "ProcedureStepDescription": "Investigators_FGH3",
    "ProtocolName": "rest",
    "RepetitionTime": 2,
    "ScanningSequence": "EP",
    "SequenceName": "_epfid2d1_80",
    "SequenceVariant": "SK",
    "SeriesDescription": "rest",
    "SliceTiming": [
      0,
      1.0225,
      0.0575,
      1.08,
      0.115,
      1.135,
      0.17,
      1.1925,
      0.2275,
      1.25,
      0.285,
      1.3075,
      0.34,
      1.3625,
      0.3975,
      1.42,
      0.455,
      1.4775,
      0.5125,
      1.5325,
      0.5675,
      1.59,
      0.625,
      1.6475,
      0.6825,
      1.705,
      0.7375,
      1.76,
      0.795,
      1.8175,
      0.8525,
      1.875,
      0.91,
      1.93,
      0.965
    ],
    "TaskName": "rest",
    "modality": "bold",
    "session_id": "1",
    "subject_id": "tbi14",
    "task_id": "rest"
  },
  "dummy_trs": 0,
  "dvars_nstd": 20.617880321118893,
  "dvars_std": 1.0813784011188814,
  "dvars_vstd": 1.0081420466433568,
  "efc": 0.44275878084255094,
  "fber": 2153.21923828125,
  "fd_mean": 0.08371239142244,
  "fd_num": 0,
  "fd_perc": 0.0,
  "fwhm_avg": 2.47724,
  "fwhm_x": 2.47024,
  "fwhm_y": 2.91291,
  "fwhm_z": 2.04857,
  "gcor": 0.0115789,
  "gsr_x": -0.0011407637502998114,
  "gsr_y": 0.006599411368370056,
  "provenance": {
    "md5sum": "84c82bf1af7076ef09839ef9adce443d",
    "settings": {
      "fd_thres": 0.2,
      "hmc_fsl": false
    },
    "software": "mriqc",
    "version": "0.9.6"
  },
  "size_t": 144,
  "size_x": 80,
  "size_y": 80,
  "size_z": 35,
  "snr": 3.8404728328955553,
  "spacing_tr": 1.0,
  "spacing_x": 3.0,
  "spacing_y": 3.0,
  "spacing_z": 4.0,
  "summary_bg_k": 73.55929481470064,
  "summary_bg_mad": 3.871241331100464,
  "summary_bg_mean": 30.053804397583008,
  "summary_bg_median": 17.54861068725586,
  "summary_bg_n": 148406.0,
  "summary_bg_p05": 14.020833015441895,
  "summary_bg_p95": 79.43576240539551,
  "summary_bg_stdv": 51.46733856201172,
  "summary_fg_k": 1.6465003204064121,
  "summary_fg_mad": 174.28811645507812,
  "summary_fg_mean": 854.1824951171875,
  "summary_fg_median": 850.3680419921875,
  "summary_fg_n": 36259.0,
  "summary_fg_p05": 481.7389038085937,
  "summary_fg_p95": 1212.4139526367187,
  "summary_fg_stdv": 221.41969299316406,
  "tsnr": 67.22695922851562
}