{
  "aor": 0.007383888888888888,
  "aqi": 0.007861557986111111,
  "bids_meta": {
    "CogAtlasID": "http://www.cognitiveatlas.org/task/id/trm_4c8a834779883",
    "EchoTime": 0.034,
    "FlipAngle": 90,
    "ImageType": [
      "IMAGE",
      "M series"
    ],
    "MagneticFieldStrength": 3,
    "Manufacturer": "Philips",
    "ManufacturersModelName": "Achieva",
    "ProcedureStepDescription": "none",
    "ProtocolName": "NO_STIMULATION SENSE",
    "RepetitionTime": 2,
    "ScanningSequence": "EP",
    "SequenceName": "NO_STIMULATION SENSE",
    "SequenceVariant": "SK",
    "SeriesDescription": "NO_STIMULATION SENSE",
    "TaskName": "rest",
    "modality": "bold",
    "session_id": "1",
    "subject_id": "control02",
    "task_id": "rest"
  },
  "dummy_trs": 0,
  "dvars_nstd": 28.180031662727277,
  "dvars_std": 1.35651966,
  "dvars_vstd": 1.0530194038461542,
  "efc": 0.3803185387854787,
  "fber": 38377.125,
  "fd_mean": 0.19458956732839433,
  "fd_num": 37,
  "fd_perc": 25.694444444444443,
  "fwhm_avg": 3.358107031119797,
  "fwhm_x": 3.7744637600260567,
  "fwhm_y": 4.327877333333333,
  "fwhm_z": 1.97198,
  "gcor": 0.0144075,
  "gsr_x": -0.013934142887592316,
  "gsr_y": 0.013712512329220772,
  "provenance": {
    "md5sum": "689bdc3c37c401f341b07cf3c34bc418",
    "settings": {
      "fd_thres": 0.2,
      "hmc_fsl": false
    },
    "software": "mriqc",
    "version": "0.9.6"
  },
  "size_t": 144,
  "size_x": 128,
  "size_y": 128,
  "size_z": 34,
  "snr": 4.8504256269401695,
  "spacing_tr": 1.0,
  "spacing_x": 1.8750001192092896,
  "spacing_y": 1.875,
  "spacing_z": 4.0,
  "summary_bg_k": 109.73691573665005,
  "summary_bg_mad": 5.355221271514893,
  "summary_bg_mean": 15.745567321777344,
  "summary_bg_median": 3.7822792530059814,
  "summary_bg_n": 402723.0,
  "summary_bg_p05": 0.05222008042037487,
  "summary_bg_p95": 60.67501029968256,
  "summary_bg_stdv": 41.91103744506836,
  "summary_fg_k": 2.6944766168239136,
  "summary_fg_mad": 138.58775329589844,
  "summary_fg_mean": 843.18408203125,
  "summary_fg_median": 852.8369140625,
  "summary_fg_n": 75310.0,
  "summary_fg_p05": 528.4839660644532,
  "summary_fg_p95": 1096.2001098632816,
  "summary_fg_stdv": 175.82606506347656,
  "tsnr": 64.48748779296875
}