{
  "aor": 0.001486527777777778,
  "aqi": 0.006733695555555556,
  "bids_meta": {
    "CogAtlasID": "http://www.cognitiveatlas.org/task/id/trm_4c8a834779883",
    "ConversionSoftware": "dcm2niix",
    "ConversionSoftwareVersion": "v1.0.20170314",
    "EchoTime": 0.03,
    "EffectiveEchoSpacing": 0.000290003,
    "FlipAngle": 90,
    "ImageType": [
      "ORIGINAL",
      "PRIMARY",
      "M",
      "ND",
      "NORM",
      "MOSAIC"
    ],
    "MagneticFieldStrength": 3,
    "Manufacturer": "Siemens",
    "ManufacturersModelName": "TrioTim",
    "PhaseEncodingDirection": "j-",
    "ProcedureStepDescription": "RESEARCH_Brain_Traumas",
    "ProtocolName": "Bold",
    "RepetitionTime": 2,
    "ScanningSequence": "EP",
    "SequenceName": "_epfid2d1_80",
    "SequenceVariant": "SK",
    "SeriesDescription": "Bold",
    "SliceTiming": [
      0,
      1.0225,
      0.0575,
      1.08,
      0.115,
      1.135,
      0.17,
      1.1925,
      0.2275,
      1.25,
      0.285,
      1.3075,
      0.34,
      1.3625,
      0.3975,
      1.42,
      0.455,
      1.4775,
      0.5125,
      1.5325,
      0.5675,
      1.59,
      0.625,
      1.6475,
      0.6825,
      1.705,
      0.7375,
      1.76,
      0.795,
      1.8175,
      0.8525,
      1.875,
      0.91,
      1.93,
      0.965
    ],
    "TaskName": "rest",
    "modality": "bold",
    "session_id": "3",
    "subject_id": "tbi12",
    "task_id": "rest"
  },
  "dummy_trs": 0,
  "dvars_nstd": 23.85266067937063,
  "dvars_std": 1.2418778245454545,
  "dvars_vstd": 0.9978224590209792,
  "efc": 0.42769154925301844,
  "fber": 8722.3203125,
  "fd_mean": 0.11216011319923051,
  "fd_num": 13,
  "fd_perc": 9.027777777777779,
  "fwhm_avg": 2.6897258333333336,
  "fwhm_x": 2.6456133333333334,
  "fwhm_y": 3.2447766666666666,
  "fwhm_z": 2.1787875,
  "gcor": 0.0157503,
  "gsr_x": -0.01443475391715765,
  "gsr_y": 0.019889023154973984,
  "provenance": {
    "md5sum": "c6f214b5cab1b7b15175bb8f0f42ec8f",
    "settings": {
      "fd_thres": 0.2,
      "hmc_fsl": false
    },
    "software": "mriqc",
    "version": "0.9.6"
  },
  "size_t": 144,
  "size_x": 80,
  "size_y": 80,
  "size_z": 35,
  "snr": 5.2774872002670365,
  "spacing_tr": 20131100.0,
  "spacing_x": 3.0,
  "spacing_y": 3.0,
  "spacing_z": 4.0,
  "summary_bg_k": 35.8957967823414,
  "summary_bg_mad": 6.208396911621094,
  "summary_bg_mean": 23.9302978515625,
  "summary_bg_median": 9.81944465637207,
  "summary_bg_n": 148204.0,
  "summary_bg_p05": 4.451388835906982,
  "summary_bg_p95": 92.06631851196302,
  "summary_bg_stdv": 42.318885803222656,
  "summary_fg_k": 3.3311320208720288,
  "summary_fg_mad": 126.56684875488281,
  "summary_fg_mean": 928.3816528320312,
  "summary_fg_median": 953.5069580078125,
  "summary_fg_n": 35235.0,
  "summary_fg_p05": 562.5312683105469,
  "summary_fg_p95": 1160.40283203125,
  "summary_fg_stdv": 180.67185974121094,
  "tsnr": 70.5394287109375
}