{
  "aor": 0.0013971527777777778,
  "aqi": 0.009737212916666666,
  "bids_meta": {
    "CogAtlasID": "http://www.cognitiveatlas.org/task/id/trm_4c8a834779883",
    "ConversionSoftware": "dcm2niix",
    "ConversionSoftwareVersion": "v1.0.20170314",
    "EchoTime": 0.03,
    "EffectiveEchoSpacing": 0.000290003,
    "FlipAngle": 90,
    "ImageType": [
      "ORIGINAL",
      "PRIMARY",
      "M",
      "ND",
      "NORM",
      "MOSAIC"
    ],
    "MagneticFieldStrength": 3,
    "Manufacturer": "Siemens",
    "ManufacturersModelName": "TrioTim",
    "PhaseEncodingDirection": "j-",
    "ProcedureStepDescription": "RESEARCH_Brain_Traumas",
    "ProtocolName": "Bold",
    "RepetitionTime": 2,
    "ScanningSequence": "EP",
    "SequenceName": "_epfid2d1_80",
    "SequenceVariant": "SK",
    "SeriesDescription": "Bold",
    "SliceTiming": [
      0,
      1.0225,
      0.0575,
      1.0775,
      0.1125,
      1.135,
      0.17,
      1.1925,
      0.2275,
      1.25,
      0.2825,
      1.305,
      0.34,
      1.3625,
      0.3975,
      1.42,
      0.455,
      1.475,
      0.51,
      1.5325,
      0.5675,
      1.59,
      0.625,
      1.6475,
      0.68,
      1.7025,
      0.7375,
      1.76,
      0.795,
      1.8175,
      0.8525,
      1.8725,
      0.9075,
      1.93,
      0.965
    ],
    "TaskName": "rest",
    "modality": "bold",
    "session_id": "3",
    "subject_id": "tbi08",
    "task_id": "rest"
  },
  "dummy_trs": 0,
  "dvars_nstd": 24.370927450839165,
  "dvars_std": 1.2178587981118882,
  "dvars_vstd": 0.9769354498601398,
  "efc": 0.41096797653223494,
  "fber": 11593.0078125,
  "fd_mean": 0.08749622836752566,
  "fd_num": 7,
  "fd_perc": 4.861111111111111,
  "fwhm_avg": 2.4208891666666665,
  "fwhm_x": 2.3491566666666666,
  "fwhm_y": 2.8887133333333335,
  "fwhm_z": 2.0247975,
  "gcor": 0.0136447,
  "gsr_x": -0.008601312525570393,
  "gsr_y": 0.009768666699528694,
  "provenance": {
    "md5sum": "ac6bd7a7167c57cd07f24c2b705e0c31",
    "settings": {
      "fd_thres": 0.2,
      "hmc_fsl": false
    },
    "software": "mriqc",
    "version": "0.9.6"
  },
  "size_t": 144,
  "size_x": 80,
  "size_y": 80,
  "size_z": 35,
  "snr": 5.849346894931932,
  "spacing_tr": 1.0,
  "spacing_x": 3.0,
  "spacing_y": 3.0,
  "spacing_z": 4.0,
  "summary_bg_k": 86.46077803365063,
  "summary_bg_mad": 3.7476894855499268,
  "summary_bg_mean": 14.621369361877441,
  "summary_bg_median": 6.208333492279053,
  "summary_bg_n": 150674.0,
  "summary_bg_p05": 2.805555582046509,
  "summary_bg_p95": 50.91666793823242,
  "summary_bg_stdv": 32.928123474121094,
  "summary_fg_k": 6.000596701766128,
  "summary_fg_mad": 76.53422546386719,
  "summary_fg_mean": 667.8245849609375,
  "summary_fg_median": 679.201416015625,
  "summary_fg_n": 33502.0,
  "summary_fg_p05": 462.11876678466797,
  "summary_fg_p95": 817.0347290039062,
  "summary_fg_stdv": 116.1140365600586,
  "tsnr": 67.4449462890625
}