{
  "aor": 0.0024045138888888888,
  "aqi": 0.011094763124999999,
  "bids_meta": {
    "CogAtlasID": "http://www.cognitiveatlas.org/task/id/trm_4c8a834779883",
    "ConversionSoftware": "dcm2niix",
    "ConversionSoftwareVersion": "v1.0.20170314",
    "EchoTime": 0.03,
    "EffectiveEchoSpacing": 0.000290003,
    "FlipAngle": 90,
    "ImageType": [
      "ORIGINAL",
      "PRIMARY",
      "M",
      "ND",
      "NORM",
      "MOSAIC"
    ],
    "MagneticFieldStrength": 3,
    "Manufacturer": "Siemens",
    "ManufacturersModelName": "TrioTim",
    "PhaseEncodingDirection": "j-",
    "ProcedureStepDescription": "RESEARCH_Brain_Traumas",
    "ProtocolName": "Bold",
    "RepetitionTime": 2,
    "ScanningSequence": "EP",
    "SequenceName": "epfid2d1_80",
    "SequenceVariant": "SK",
    "SeriesDescription": "Bold",
    "SliceTiming": [
      0.9925,
      0,
      1.0525,
      0.0575,
      1.11,
      0.115,
      1.1675,
      0.175,
      1.2275,
      0.2325,
      1.285,
      0.2925,
      1.345,
      0.35,
      1.4025,
      0.4075,
      1.46,
      0.4675,
      1.52,
      0.525,
      1.5775,
      0.585,
      1.635,
      0.6425,
      1.695,
      0.7,
      1.7525,
      0.76,
      1.8125,
      0.8175,
      1.87,
      0.875,
      1.9275,
      0.935
    ],
    "TaskName": "rest",
    "modality": "bold",
    "session_id": "1",
    "subject_id": "control08",
    "task_id": "rest"
  },
  "dummy_trs": 0,
  "dvars_nstd": 32.13551706685314,
  "dvars_std": 1.3299445882517487,
  "dvars_vstd": 0.9789211669930065,
  "efc": 0.3888288640935216,
  "fber": 13794.28515625,
  "fd_mean": 0.18091252408233457,
  "fd_num": 35,
  "fd_perc": 24.305555555555557,
  "fwhm_avg": 2.4348993697690138,
  "fwhm_x": 2.39439,
  "fwhm_y": 2.818903109307042,
  "fwhm_z": 2.091405,
  "gcor": 0.00733144,
  "gsr_x": -0.009709388948976994,
  "gsr_y": 0.017851777374744415,
  "provenance": {
    "md5sum": "d71770dda7302d177373c22e0a5374d9",
    "settings": {
      "fd_thres": 0.2,
      "hmc_fsl": false
    },
    "software": "mriqc",
    "version": "0.9.6"
  },
  "size_t": 144,
  "size_x": 80,
  "size_y": 80,
  "size_z": 34,
  "snr": 5.142697722047151,
  "spacing_tr": 20101114.0,
  "spacing_x": 3.0,
  "spacing_y": 3.000000238418579,
  "spacing_z": 4.0,
  "summary_bg_k": 262.20233526963443,
  "summary_bg_mad": 3.6859142780303955,
  "summary_bg_mean": 13.117785453796387,
  "summary_bg_median": 6.06944465637207,
  "summary_bg_n": 148735.0,
  "summary_bg_p05": 2.7916667461395264,
  "summary_bg_p95": 38.467361450195234,
  "summary_bg_stdv": 35.4383659362793,
  "summary_fg_k": 3.293761812189894,
  "summary_fg_mad": 105.0484848022461,
  "summary_fg_mean": 729.396728515625,
  "summary_fg_median": 733.2152709960938,
  "summary_fg_n": 30674.0,
  "summary_fg_p05": 487.37256927490233,
  "summary_fg_p95": 944.6649261474608,
  "summary_fg_stdv": 142.5717315673828,
  "tsnr": 56.005035400390625
}