{
  "aor": 0.0016088194444444444,
  "aqi": 0.0061524713888888895,
  "bids_meta": {
    "CogAtlasID": "http://www.cognitiveatlas.org/task/id/trm_4c8a834779883",
    "ConversionSoftware": "dcm2niix",
    "ConversionSoftwareVersion": "v1.0.20170314",
    "EchoTime": 0.03,
    "EffectiveEchoSpacing": 0.000290003,
    "FlipAngle": 90,
    "ImageType": [
      "ORIGINAL",
      "PRIMARY",
      "M",
      "ND",
      "NORM",
      "MOSAIC"
    ],
    "MagneticFieldStrength": 3,
    "Manufacturer": "Siemens",
    "ManufacturersModelName": "TrioTim",
    "PhaseEncodingDirection": "j-",
    "ProcedureStepDescription": "RESEARCH_Brain_Traumas",
    "ProtocolName": "Bold",
    "RepetitionTime": 2,
    "ScanningSequence": "EP",
    "SequenceName": "epfid2d1_80",
    "SequenceVariant": "SK",
    "SeriesDescription": "Bold",
    "SliceTiming": [
      0,
      1.0225,
      0.055,
      1.0775,
      0.1125,
      1.135,
      0.17,
      1.1925,
      0.2275,
      1.2475,
      0.2825,
      1.305,
      0.34,
      1.3625,
      0.3975,
      1.42,
      0.4525,
      1.475,
      0.51,
      1.5325,
      0.5675,
      1.59,
      0.625,
      1.645,
      0.68,
      1.7025,
      0.7375,
      1.76,
      0.795,
      1.8175,
      0.85,
      1.8725,
      0.9075,
      1.93,
      0.965
    ],
    "TaskName": "rest",
    "modality": "bold",
    "session_id": "1",
    "subject_id": "tbi09",
    "task_id": "rest"
  },
  "dummy_trs": 0,
  "dvars_nstd": 24.184931721818195,
  "dvars_std": 1.2514021194405596,
  "dvars_vstd": 1.0072276667132865,
  "efc": 0.40254980916890487,
  "fber": 12042.42578125,
  "fd_mean": 0.13406890333286312,
  "fd_num": 14,
  "fd_perc": 9.722222222222221,
  "fwhm_avg": 2.4251513248669716,
  "fwhm_x": 2.416746474600913,
  "fwhm_y": 2.8305900000000004,
  "fwhm_z": 2.0281175,
  "gcor": 0.00957915,
  "gsr_x": -0.011141166090965271,
  "gsr_y": 0.009320308454334736,
  "provenance": {
    "md5sum": "a4effa97120b9f82ea596aa63dd1e03f",
    "settings": {
      "fd_thres": 0.2,
      "hmc_fsl": false
    },
    "software": "mriqc",
    "version": "0.9.6"
  },
  "size_t": 144,
  "size_x": 80,
  "size_y": 80,
  "size_z": 35,
  "snr": 5.498884480375186,
  "spacing_tr": 1.0,
  "spacing_x": 3.000000238418579,
  "spacing_y": 3.0,
  "spacing_z": 4.0,
  "summary_bg_k": 121.51150724832225,
  "summary_bg_mad": 4.355144023895264,
  "summary_bg_mean": 14.383374214172363,
  "summary_bg_median": 7.138888835906982,
  "summary_bg_n": 150786.0,
  "summary_bg_p05": 3.180555582046509,
  "summary_bg_p95": 41.88715362548828,
  "summary_bg_stdv": 32.14091491699219,
  "summary_fg_k": 4.759412031119171,
  "summary_fg_mad": 102.53636932373047,
  "summary_fg_mean": 792.2046508789062,
  "summary_fg_median": 803.8402709960938,
  "summary_fg_n": 33395.0,
  "summary_fg_p05": 543.4354125976563,
  "summary_fg_p95": 988.7798583984375,
  "summary_fg_stdv": 146.18023681640625,
  "tsnr": 78.19844818115234
}