{
  "aor": 0.0014528472222222223,
  "aqi": 0.009346727430555556,
  "bids_meta": {
    "CogAtlasID": "http://www.cognitiveatlas.org/task/id/trm_4c8a834779883",
    "ConversionSoftware": "dcm2niix",
    "ConversionSoftwareVersion": "v1.0.20170314",
    "EchoTime": 0.03,
    "EffectiveEchoSpacing": 0.000290003,
    "FlipAngle": 90,
    "ImageType": [
      "ORIGINAL",
      "PRIMARY",
      "M",
      "ND",
      "NORM",
      "MOSAIC"
    ],
    "MagneticFieldStrength": 3,
    "Manufacturer": "Siemens",
    "ManufacturersModelName": "TrioTim",
    "PhaseEncodingDirection": "j-",
    "ProcedureStepDescription": "RESEARCH_Brain_Traumas",
    "ProtocolName": "Bold",
    "RepetitionTime": 2,
    "ScanningSequence": "EP",
    "SequenceName": "epfid2d1_80",
    "SequenceVariant": "SK",
    "SeriesDescription": "Bold",
    "SliceTiming": [
      0.9925,
      0,
      1.0525,
      0.0575,
      1.11,
      0.1175,
      1.1675,
      0.175,
      1.2275,
      0.2325,
      1.285,
      0.2925,
      1.345,
      0.35,
      1.4025,
      0.41,
      1.46,
      0.4675,
      1.52,
      0.525,
      1.5775,
      0.585,
      1.6375,
      0.6425,
      1.695,
      0.7,
      1.7525,
      0.76,
      1.8125,
      0.8175,
      1.87,
      0.8775,
      1.9275,
      0.935
    ],
    "TaskName": "rest",
    "modality": "bold",
    "session_id": "2",
    "subject_id": "tbi02",
    "task_id": "rest"
  },
  "dummy_trs": 0,
  "dvars_nstd": 23.98927527258741,
  "dvars_std": 1.1536175810489517,
  "dvars_vstd": 0.9746758745454545,
  "efc": 0.418476663788315,
  "fber": 8702.3154296875,
  "fd_mean": 0.09126645428853497,
  "fd_num": 3,
  "fd_perc": 2.0833333333333335,
  "fwhm_avg": 2.464676773743681,
  "fwhm_x": 2.483836864064285,
  "fwhm_y": 2.832613333333333,
  "fwhm_z": 2.0775801238334255,
  "gcor": 0.00735491,
  "gsr_x": -0.002789617981761694,
  "gsr_y": 0.003906998783349991,
  "provenance": {
    "md5sum": "adb88fcc7d005310a888e7b7210c4b64",
    "settings": {
      "fd_thres": 0.2,
      "hmc_fsl": false
    },
    "software": "mriqc",
    "version": "0.9.6"
  },
  "size_t": 144,
  "size_x": 80,
  "size_y": 80,
  "size_z": 34,
  "snr": 5.246043706795674,
  "spacing_tr": 20100908.0,
  "spacing_x": 2.999999761581421,
  "spacing_y": 3.0,
  "spacing_z": 3.999999761581421,
  "summary_bg_k": 60.67903082555455,
  "summary_bg_mad": 5.40532112121582,
  "summary_bg_mean": 20.086332321166992,
  "summary_bg_median": 8.222222328186035,
  "summary_bg_n": 145652.0,
  "summary_bg_p05": 3.472222328186035,
  "summary_bg_p95": 70.05555725097656,
  "summary_bg_stdv": 45.644683837890625,
  "summary_fg_k": 5.079379768064927,
  "summary_fg_mad": 104.52861785888672,
  "summary_fg_mean": 771.921630859375,
  "summary_fg_median": 785.4027709960938,
  "summary_fg_n": 32920.0,
  "summary_fg_p05": 507.4350692749024,
  "summary_fg_p95": 966.3701263427733,
  "summary_fg_stdv": 149.71107482910156,
  "tsnr": 60.52276611328125
}