{
  "aor": 0.003846527777777778,
  "aqi": 0.012848838194444444,
  "bids_meta": {
    "CogAtlasID": "http://www.cognitiveatlas.org/task/id/trm_4c8a834779883",
    "ConversionSoftware": "dcm2niix",
    "ConversionSoftwareVersion": "v1.0.20170314",
    "EchoTime": 0.03,
    "EffectiveEchoSpacing": 0.000290003,
    "FlipAngle": 90,
    "ImageType": [
      "ORIGINAL",
      "PRIMARY",
      "M",
      "ND",
      "NORM",
      "MOSAIC"
    ],
    "MagneticFieldStrength": 3,
    "Manufacturer": "Siemens",
    "ManufacturersModelName": "TrioTim",
    "PhaseEncodingDirection": "j-",
    "ProcedureStepDescription": "RESEARCH_Brain_Traumas",
    "ProtocolName": "Bold",
    "RepetitionTime": 2,
    "ScanningSequence": "EP",
    "SequenceName": "epfid2d1_80",
    "SequenceVariant": "SK",
    "SeriesDescription": "Bold",
    "SliceTiming": [
      0.995,
      0,
      1.0525,
      0.06,
      1.1125,
      0.1175,
      1.17,
      0.175,
      1.2275,
      0.235,
      1.2875,
      0.2925,
      1.345,
      0.3525,
      1.4025,
      0.41,
      1.4625,
      0.4675,
      1.52,
      0.5275,
      1.58,
      0.585,
      1.6375,
      0.6425,
      1.695,
      0.7025,
      1.755,
      0.76,
      1.8125,
      0.82,
      1.87,
      0.8775,
      1.93,
      0.935
    ],
    "TaskName": "rest",
    "modality": "bold",
    "session_id": "3",
    "subject_id": "tbi02",
    "task_id": "rest"
  },
  "dummy_trs": 0,
  "dvars_nstd": 23.25928866797203,
  "dvars_std": 1.0847450341258735,
  "dvars_vstd": 0.9616550411888112,
  "efc": 0.4168616743331763,
  "fber": 9151.6337890625,
  "fd_mean": 0.1445899648577645,
  "fd_num": 27,
  "fd_perc": 18.75,
  "fwhm_avg": 2.4713332667631627,
  "fwhm_x": 2.512939800289488,
  "fwhm_y": 2.82389,
  "fwhm_z": 2.07717,
  "gcor": 0.0162813,
  "gsr_x": -0.0021592574194073677,
  "gsr_y": 0.003015835303813219,
  "provenance": {
    "md5sum": "068ff900d3c348682243701fa7af4d76",
    "settings": {
      "fd_thres": 0.2,
      "hmc_fsl": false
    },
    "software": "mriqc",
    "version": "0.9.6"
  },
  "size_t": 144,
  "size_x": 80,
  "size_y": 80,
  "size_z": 34,
  "snr": 5.180529275079123,
  "spacing_tr": 20110320.0,
  "spacing_x": 3.000000238418579,
  "spacing_y": 3.0,
  "spacing_z": 4.0,
  "summary_bg_k": 57.30469992296963,
  "summary_bg_mad": 5.734787464141846,
  "summary_bg_mean": 21.42631721496582,
  "summary_bg_median": 8.49305534362793,
  "summary_bg_n": 145927.0,
  "summary_bg_p05": 3.527777910232544,
  "summary_bg_p95": 73.46527862548828,
  "summary_bg_stdv": 50.03987121582031,
  "summary_fg_k": 4.65885316717353,
  "summary_fg_mad": 116.83727264404297,
  "summary_fg_mean": 818.0216064453125,
  "summary_fg_median": 830.6632080078125,
  "summary_fg_n": 32814.0,
  "summary_fg_p05": 544.9183868408203,
  "summary_fg_p95": 1033.9930419921875,
  "summary_fg_stdv": 160.3408660888672,
  "tsnr": 49.617923736572266
}