{
  "aor": 0.00171625,
  "aqi": 0.008121702291666666,
  "bids_meta": {
    "CogAtlasID": "http://www.cognitiveatlas.org/task/id/trm_4c8a834779883",
    "EchoTime": 0.034,
    "FlipAngle": 90,
    "ImageType": [
      "IMAGE",
      "M series"
    ],
    "MagneticFieldStrength": 3,
    "Manufacturer": "Philips",
    "ManufacturersModelName": "Achieva",
    "ProcedureStepDescription": "none",
    "ProtocolName": "NO_STIMULATION SENSE",
    "RepetitionTime": 2,
    "ScanningSequence": "EP",
    "SequenceName": "NO_STIMULATION SENSE",
    "SequenceVariant": "SK",
    "SeriesDescription": "NO_STIMULATION SENSE",
    "TaskName": "rest",
    "modality": "bold",
    "session_id": "2",
    "subject_id": "control06",
    "task_id": "rest"
  },
  "dummy_trs": 0,
  "dvars_nstd": 26.229614858461527,
  "dvars_std": 1.2888589450349655,
  "dvars_vstd": 0.9951412579020973,
  "efc": 0.40684668888258096,
  "fber": 858223.875,
  "fd_mean": 0.08259816637839953,
  "fd_num": 1,
  "fd_perc": 0.6944444444444444,
  "fwhm_avg": 3.1201594444444445,
  "fwhm_x": 3.4073599999999997,
  "fwhm_y": 4.064773333333333,
  "fwhm_z": 1.888345,
  "gcor": 0.00916219,
  "gsr_x": -0.01580023393034935,
  "gsr_y": 0.01520860567688942,
  "provenance": {
    "md5sum": "861a3cfaffdf2532c72902f9c361e193",
    "settings": {
      "fd_thres": 0.2,
      "hmc_fsl": false
    },
    "software": "mriqc",
    "version": "0.9.6"
  },
  "size_t": 144,
  "size_x": 128,
  "size_y": 128,
  "size_z": 34,
  "snr": 4.545197040472822,
  "spacing_tr": 1.0,
  "spacing_x": 1.875,
  "spacing_y": 1.875,
  "spacing_z": 4.0,
  "summary_bg_k": 143.93780036271187,
  "summary_bg_mad": 1.0448522567749023,
  "summary_bg_mean": 16.381717681884766,
  "summary_bg_median": 0.7134178876876831,
  "summary_bg_n": 389740.0,
  "summary_bg_p05": 0.00814560204744339,
  "summary_bg_p95": 75.410099029541,
  "summary_bg_stdv": 48.72817611694336,
  "summary_fg_k": 2.432903650539851,
  "summary_fg_mad": 138.36517333984375,
  "summary_fg_mean": 735.4063720703125,
  "summary_fg_median": 737.5421142578125,
  "summary_fg_n": 87668.0,
  "summary_fg_p05": 477.5269805908203,
  "summary_fg_p95": 973.7044158935546,
  "summary_fg_stdv": 162.2675323486328,
  "tsnr": 62.430049896240234
}