{
  "aor": 0.0008806944444444444,
  "aqi": 0.006892391111111111,
  "bids_meta": {
    "CogAtlasID": "http://www.cognitiveatlas.org/task/id/trm_4c8a834779883",
    "ConversionSoftware": "dcm2niix",
    "ConversionSoftwareVersion": "v1.0.20170314",
    "EchoTime": 0.03,
    "EffectiveEchoSpacing": 0.000290003,
    "FlipAngle": 90,
    "ImageType": [
      "ORIGINAL",
      "PRIMARY",
      "M",
      "ND",
      "NORM",
      "MOSAIC"
    ],
    "MagneticFieldStrength": 3,
    "Manufacturer": "Siemens",
    "ManufacturersModelName": "TrioTim",
    "PhaseEncodingDirection": "j-",
    "ProcedureStepDescription": "RESEARCH_Brain_Traumas",
    "ProtocolName": "Bold",
    "RepetitionTime": 2,
    "ScanningSequence": "EP",
    "SequenceName": "epfid2d1_80",
    "SequenceVariant": "SK",
    "SeriesDescription": "Bold",
    "SliceTiming": [
      0.995,
      0,
      1.0525,
      0.06,
      1.1125,
      0.1175,
      1.17,
      0.175,
      1.2275,
      0.235,
      1.2875,
      0.2925,
      1.345,
      0.3525,
      1.4025,
      0.41,
      1.4625,
      0.4675,
      1.52,
      0.5275,
      1.58,
      0.585,
      1.6375,
      0.6425,
      1.695,
      0.7025,
      1.755,
      0.76,
      1.8125,
      0.82,
      1.87,
      0.8775,
      1.93,
      0.935
    ],
    "TaskName": "rest",
    "modality": "bold",
    "session_id": "1",
    "subject_id": "control07",
    "task_id": "rest"
  },
  "dummy_trs": 0,
  "dvars_nstd": 27.197411250139865,
  "dvars_std": 1.2920835376223772,
  "dvars_vstd": 1.0022890644055946,
  "efc": 0.4577284235834878,
  "fber": 7700.17919921875,
  "fd_mean": 0.1266378571053322,
  "fd_num": 2,
  "fd_perc": 1.3888888888888888,
  "fwhm_avg": 2.3976017417175743,
  "fwhm_x": 2.266313333333333,
  "fwhm_y": 2.833076891819389,
  "fwhm_z": 2.093415,
  "gcor": 0.00896964,
  "gsr_x": -0.010456306859850883,
  "gsr_y": 0.015386435203254223,
  "provenance": {
    "md5sum": "4dc865e20246518e4c10990c6a603ba6",
    "settings": {
      "fd_thres": 0.2,
      "hmc_fsl": false
    },
    "software": "mriqc",
    "version": "0.9.6"
  },
  "size_t": 144,
  "size_x": 80,
  "size_y": 80,
  "size_z": 34,
  "snr": 5.733908394337365,
  "spacing_tr": 20101114.0,
  "spacing_x": 3.0,
  "spacing_y": 2.999999761581421,
  "spacing_z": 4.0,
  "summary_bg_k": 54.462225326508886,
  "summary_bg_mad": 4.942007541656494,
  "summary_bg_mean": 18.28944969177246,
  "summary_bg_median": 7.729166507720947,
  "summary_bg_n": 137002.0,
  "summary_bg_p05": 3.305555582046509,
  "summary_bg_p95": 69.83923683166498,
  "summary_bg_stdv": 34.72470474243164,
  "summary_fg_k": 4.235991528877501,
  "summary_fg_mad": 92.90977478027344,
  "summary_fg_mean": 692.13671875,
  "summary_fg_median": 700.638916015625,
  "summary_fg_n": 40479.0,
  "summary_fg_p05": 479.1986083984375,
  "summary_fg_p95": 861.4972534179685,
  "summary_fg_stdv": 122.1906967163086,
  "tsnr": 69.61058044433594
}