{
  "aor": 0.0011621527777777778,
  "aqi": 0.007014870069444444,
  "bids_meta": {
    "CogAtlasID": "http://www.cognitiveatlas.org/task/id/trm_4c8a834779883",
    "ConversionSoftware": "dcm2niix",
    "ConversionSoftwareVersion": "v1.0.20170314",
    "EchoTime": 0.03,
    "EffectiveEchoSpacing": 0.000290003,
    "FlipAngle": 90,
    "ImageType": [
      "ORIGINAL",
      "PRIMARY",
      "M",
      "ND",
      "NORM",
      "MOSAIC"
    ],
    "MagneticFieldStrength": 3,
    "Manufacturer": "Siemens",
    "ManufacturersModelName": "TrioTim",
    "PhaseEncodingDirection": "j-",
    "ProcedureStepDescription": "RESEARCH_Brain_Traumas",
    "ProtocolName": "Bold",
    "RepetitionTime": 2,
    "ScanningSequence": "EP",
    "SequenceName": "epfid2d1_80",
    "SequenceVariant": "SK",
    "SeriesDescription": "Bold",
    "SliceTiming": [
      0,
      1.0225,
      0.0575,
      1.08,
      0.115,
      1.1375,
      0.1725,
      1.1925,
      0.2275,
      1.25,
      0.285,
      1.3075,
      0.3425,
      1.365,
      0.3975,
      1.42,
      0.455,
      1.4775,
      0.5125,
      1.535,
      0.57,
      1.59,
      0.625,
      1.6475,
      0.6825,
      1.705,
      0.74,
      1.7625,
      0.795,
      1.8175,
      0.8525,
      1.875,
      0.91,
      1.9325,
      0.9675
    ],
    "TaskName": "rest",
    "modality": "bold",
    "session_id": "1",
    "subject_id": "tbi06",
    "task_id": "rest"
  },
  "dummy_trs": 0,
  "dvars_nstd": 27.1263952720979,
  "dvars_std": 1.2826505596503501,
  "dvars_vstd": 1.0092897248251753,
  "efc": 0.4276228368684498,
  "fber": 8845.3369140625,
  "fd_mean": 0.11627137957210355,
  "fd_num": 2,
  "fd_perc": 1.3888888888888888,
  "fwhm_avg": 2.3941550401698573,
  "fwhm_x": 2.4291466666666666,
  "fwhm_y": 2.731503333333333,
  "fwhm_z": 2.0218151205095722,
  "gcor": 0.0252677,
  "gsr_x": -0.0001269903441425413,
  "gsr_y": 0.011531984433531761,
  "provenance": {
    "md5sum": "a3103997118ba4bea17a83e94b284e86",
    "settings": {
      "fd_thres": 0.2,
      "hmc_fsl": false
    },
    "software": "mriqc",
    "version": "0.9.6"
  },
  "size_t": 144,
  "size_x": 80,
  "size_y": 80,
  "size_z": 35,
  "snr": 5.057997944591058,
  "spacing_tr": 1.0,
  "spacing_x": 3.0,
  "spacing_y": 3.0,
  "spacing_z": 3.999999761581421,
  "summary_bg_k": 69.88159325816571,
  "summary_bg_mad": 5.456799507141113,
  "summary_bg_mean": 21.632165908813477,
  "summary_bg_median": 8.1875,
  "summary_bg_n": 148812.0,
  "summary_bg_p05": 3.4375,
  "summary_bg_p95": 87.62812423706043,
  "summary_bg_stdv": 50.326087951660156,
  "summary_fg_k": 4.059717705749007,
  "summary_fg_mad": 113.15139770507812,
  "summary_fg_mean": 777.8934326171875,
  "summary_fg_median": 795.0694580078125,
  "summary_fg_n": 34659.0,
  "summary_fg_p05": 484.8541748046875,
  "summary_fg_p95": 983.1993164062499,
  "summary_fg_stdv": 157.1882781982422,
  "tsnr": 68.04148864746094
}