{
  "aor": 0.0009126388888888887,
  "aqi": 0.003619479097222222,
  "bids_meta": {
    "CogAtlasID": "http://www.cognitiveatlas.org/task/id/trm_4c8a834779883",
    "EchoTime": 0.034,
    "FlipAngle": 90,
    "ImageType": [
      "IMAGE",
      "M series"
    ],
    "MagneticFieldStrength": 3,
    "Manufacturer": "Philips",
    "ManufacturersModelName": "Achieva",
    "ProcedureStepDescription": "none",
    "ProtocolName": "NO_STIMULATION SENSE",
    "RepetitionTime": 2,
    "ScanningSequence": "EP",
    "SequenceName": "NO_STIMULATION SENSE",
    "SequenceVariant": "SK",
    "SeriesDescription": "NO_STIMULATION SENSE",
    "TaskName": "rest",
    "modality": "bold",
    "session_id": "1",
    "subject_id": "control03",
    "task_id": "rest"
  },
  "dummy_trs": 0,
  "dvars_nstd": 20.74242371153847,
  "dvars_std": 1.1089946963636366,
  "dvars_vstd": 0.9930920399300699,
  "efc": 0.37113801121509854,
  "fber": 180541.125,
  "fd_mean": 0.09478080069752742,
  "fd_num": 3,
  "fd_perc": 2.0833333333333335,
  "fwhm_avg": 3.1902158333333333,
  "fwhm_x": 3.5530720000000002,
  "fwhm_y": 4.129408,
  "fwhm_z": 1.8881675,
  "gcor": 0.0136441,
  "gsr_x": -0.013370527885854244,
  "gsr_y": 0.013169491663575172,
  "provenance": {
    "md5sum": "8337b978a650768fb1ef69bdf5447c8d",
    "settings": {
      "fd_thres": 0.2,
      "hmc_fsl": false
    },
    "software": "mriqc",
    "version": "0.9.6"
  },
  "size_t": 144,
  "size_x": 128,
  "size_y": 128,
  "size_z": 34,
  "snr": 4.406931727334022,
  "spacing_tr": 1.0,
  "spacing_x": 1.875,
  "spacing_y": 1.875,
  "spacing_z": 4.0,
  "summary_bg_k": 209.2770829527564,
  "summary_bg_mad": 3.75154185295105,
  "summary_bg_mean": 19.43677520751953,
  "summary_bg_median": 2.570075273513794,
  "summary_bg_n": 402603.0,
  "summary_bg_p05": 0.019533564522862437,
  "summary_bg_p95": 78.77767639160153,
  "summary_bg_stdv": 65.73442077636719,
  "summary_fg_k": 2.5996697143382743,
  "summary_fg_mad": 206.18215942382812,
  "summary_fg_mean": 1172.3209228515625,
  "summary_fg_median": 1163.676025390625,
  "summary_fg_n": 75221.0,
  "summary_fg_p05": 749.6885986328125,
  "summary_fg_p95": 1583.192138671875,
  "summary_fg_stdv": 264.0540771484375,
  "tsnr": 79.7004623413086
}