{
  "aor": 0.01162263888888889,
  "aqi": 0.013998788680555556,
  "bids_meta": {
    "CogAtlasID": "http://www.cognitiveatlas.org/task/id/trm_4c8a834779883",
    "ConversionSoftware": "dcm2niix",
    "ConversionSoftwareVersion": "v1.0.20170314",
    "EchoTime": 0.03,
    "EffectiveEchoSpacing": 0.000290003,
    "FlipAngle": 90,
    "ImageType": [
      "ORIGINAL",
      "PRIMARY",
      "M",
      "ND",
      "NORM",
      "MOSAIC"
    ],
    "MagneticFieldStrength": 3,
    "Manufacturer": "Siemens",
    "ManufacturersModelName": "TrioTim",
    "PhaseEncodingDirection": "j-",
    "ProcedureStepDescription": "RESEARCH_Brain_Traumas",
    "ProtocolName": "1back_B",
    "RepetitionTime": 2,
    "ScanningSequence": "EP",
    "SequenceName": "epfid2d1_80",
    "SequenceVariant": "SK",
    "SeriesDescription": "1back_B",
    "SliceTiming": [
      0.9925,
      0,
      1.0525,
      0.0575,
      1.11,
      0.1175,
      1.1675,
      0.175,
      1.2275,
      0.2325,
      1.285,
      0.2925,
      1.345,
      0.35,
      1.4025,
      0.4075,
      1.46,
      0.4675,
      1.52,
      0.525,
      1.5775,
      0.585,
      1.635,
      0.6425,
      1.695,
      0.7,
      1.7525,
      0.76,
      1.8125,
      0.8175,
      1.87,
      0.8775,
      1.9275,
      0.935
    ],
    "TaskName": "rest",
    "modality": "bold",
    "session_id": "2",
    "subject_id": "tbi04",
    "task_id": "rest"
  },
  "dummy_trs": 0,
  "dvars_nstd": 23.85347794489511,
  "dvars_std": 1.2355103103496508,
  "dvars_vstd": 1.0676817390209792,
  "efc": 0.45217396703581547,
  "fber": 8626.8740234375,
  "fd_mean": 0.15403771266306532,
  "fd_num": 25,
  "fd_perc": 17.36111111111111,
  "fwhm_avg": 2.460114229531205,
  "fwhm_x": 2.3730568552602813,
  "fwhm_y": 2.8349733333333336,
  "fwhm_z": 2.1723125,
  "gcor": 0.0102955,
  "gsr_x": -0.00783082377165556,
  "gsr_y": 0.018173592165112495,
  "provenance": {
    "md5sum": "8d4fbc696000202b492652e0e96f72df",
    "settings": {
      "fd_thres": 0.2,
      "hmc_fsl": false
    },
    "software": "mriqc",
    "version": "0.9.6"
  },
  "size_t": 144,
  "size_x": 80,
  "size_y": 80,
  "size_z": 34,
  "snr": 5.465107383681892,
  "spacing_tr": 1.0,
  "spacing_x": 2.999999761581421,
  "spacing_y": 3.0,
  "spacing_z": 4.0,
  "summary_bg_k": 63.31898607249559,
  "summary_bg_mad": 5.492835998535156,
  "summary_bg_mean": 22.030986785888672,
  "summary_bg_median": 8.052083969116211,
  "summary_bg_n": 138856.0,
  "summary_bg_p05": 3.2708332538604736,
  "summary_bg_p95": 81.6475715637207,
  "summary_bg_stdv": 50.8863639831543,
  "summary_fg_k": 4.8583126572077315,
  "summary_fg_mad": 95.59698486328125,
  "summary_fg_mean": 752.1876831054688,
  "summary_fg_median": 767.0555419921875,
  "summary_fg_n": 38970.0,
  "summary_fg_p05": 492.7635437011719,
  "summary_fg_p95": 932.9180450439452,
  "summary_fg_stdv": 140.353271484375,
  "tsnr": 52.78904724121094
}