{
  "aor": 0.0010270833333333334,
  "aqi": 0.005136722152777777,
  "bids_meta": {
    "CogAtlasID": "http://www.cognitiveatlas.org/task/id/trm_4c8a834779883",
    "ConversionSoftware": "dcm2niix",
    "ConversionSoftwareVersion": "v1.0.20170314",
    "EchoTime": 0.03,
    "EffectiveEchoSpacing": 0.000290003,
    "FlipAngle": 90,
    "ImageType": [
      "ORIGINAL",
      "PRIMARY",
      "M",
      "ND",
      "MOSAIC"
    ],
    "MagneticFieldStrength": 3,
    "Manufacturer": "Siemens",
    "ManufacturersModelName": "TrioTim",
    "PhaseEncodingDirection": "j-",
    "ProcedureStepDescription": "Investigators_FGH3",
    "ProtocolName": "rest",
    "RepetitionTime": 2,
    "ScanningSequence": "EP",
    "SequenceName": "_epfid2d1_80",
    "SequenceVariant": "SK",
    "SeriesDescription": "rest",
    "SliceTiming": [
      0,
      1.0225,
      0.0575,
      1.0775,
      0.1125,
      1.135,
      0.17,
      1.1925,
      0.2275,
      1.25,
      0.2825,
      1.305,
      0.34,
      1.3625,
      0.3975,
      1.42,
      0.455,
      1.475,
      0.51,
      1.5325,
      0.5675,
      1.59,
      0.625,
      1.6475,
      0.68,
      1.7025,
      0.7375,
      1.76,
      0.795,
      1.8175,
      0.8525,
      1.8725,
      0.9075,
      1.93,
      0.965
    ],
    "TaskName": "rest",
    "modality": "bold",
    "session_id": "2",
    "subject_id": "tbi14",
    "task_id": "rest"
  },
  "dummy_trs": 0,
  "dvars_nstd": 20.981680809720277,
  "dvars_std": 1.0794926469230768,
  "dvars_vstd": 1.0034013828671329,
  "efc": 0.4421002557529034,
  "fber": 2237.671142578125,
  "fd_mean": 0.07080235170143816,
  "fd_num": 1,
  "fd_perc": 0.6944444444444444,
  "fwhm_avg": 2.467749923993576,
  "fwhm_x": 2.475033333333333,
  "fwhm_y": 2.8691464386473946,
  "fwhm_z": 2.05907,
  "gcor": 0.0182171,
  "gsr_x": -0.002364535816013813,
  "gsr_y": 0.005680367816239595,
  "provenance": {
    "md5sum": "93ff4fd3be81837ec019f42c56f7b490",
    "settings": {
      "fd_thres": 0.2,
      "hmc_fsl": false
    },
    "software": "mriqc",
    "version": "0.9.6"
  },
  "size_t": 144,
  "size_x": 80,
  "size_y": 80,
  "size_z": 35,
  "snr": 3.8148199502124718,
  "spacing_tr": 1.0,
  "spacing_x": 3.0,
  "spacing_y": 3.000000238418579,
  "spacing_z": 4.0,
  "summary_bg_k": 96.75619947098451,
  "summary_bg_mad": 3.5829572677612305,
  "summary_bg_mean": 28.05805206298828,
  "summary_bg_median": 16.30555534362793,
  "summary_bg_n": 148456.0,
  "summary_bg_p05": 13.11805534362793,
  "summary_bg_p95": 78.7100715637207,
  "summary_bg_stdv": 47.57597351074219,
  "summary_fg_k": 1.432917453721947,
  "summary_fg_mad": 168.54302978515625,
  "summary_fg_mean": 811.023193359375,
  "summary_fg_median": 805.8402709960938,
  "summary_fg_n": 36201.0,
  "summary_fg_p05": 455.7083435058594,
  "summary_fg_p95": 1160.0416259765625,
  "summary_fg_stdv": 211.23648071289062,
  "tsnr": 66.67748260498047
}