{
  "aor": 0.003520972222222222,
  "aqi": 0.009059017152777777,
  "bids_meta": {
    "CogAtlasID": "http://www.cognitiveatlas.org/task/id/trm_4c8a834779883",
    "ConversionSoftware": "dcm2niix",
    "ConversionSoftwareVersion": "v1.0.20170314",
    "EchoTime": 0.03,
    "EffectiveEchoSpacing": 0.000290003,
    "FlipAngle": 90,
    "ImageType": [
      "ORIGINAL",
      "PRIMARY",
      "M",
      "ND",
      "NORM",
      "MOSAIC"
    ],
    "MagneticFieldStrength": 3,
    "Manufacturer": "Siemens",
    "ManufacturersModelName": "TrioTim",
    "PhaseEncodingDirection": "j-",
    "ProcedureStepDescription": "RESEARCH_Brain_Traumas",
    "ProtocolName": "Bold",
    "RepetitionTime": 2,
    "ScanningSequence": "EP",
    "SequenceName": "epfid2d1_80",
    "SequenceVariant": "SK",
    "SeriesDescription": "Bold",
    "SliceTiming": [
      0.9925,
      0,
      1.05,
      0.0575,
      1.11,
      0.115,
      1.1675,
      0.175,
      1.2275,
      0.2325,
      1.285,
      0.2925,
      1.3425,
      0.35,
      1.4025,
      0.4075,
      1.46,
      0.4675,
      1.52,
      0.525,
      1.5775,
      0.5825,
      1.635,
      0.6425,
      1.695,
      0.7,
      1.7525,
      0.76,
      1.81,
      0.8175,
      1.87,
      0.875,
      1.9275,
      0.935
    ],
    "TaskName": "rest",
    "modality": "bold",
    "session_id": "2",
    "subject_id": "control08",
    "task_id": "rest"
  },
  "dummy_trs": 0,
  "dvars_nstd": 31.895482763286722,
  "dvars_std": 1.3257737247552441,
  "dvars_vstd": 1.0230764537062937,
  "efc": 0.39537897175393216,
  "fber": 11044.5439453125,
  "fd_mean": 0.18764142543550086,
  "fd_num": 34,
  "fd_perc": 23.61111111111111,
  "fwhm_avg": 2.488293546130309,
  "fwhm_x": 2.4529431383909275,
  "fwhm_y": 2.8880199999999996,
  "fwhm_z": 2.1239175,
  "gcor": 0.0179418,
  "gsr_x": -0.011420956812798977,
  "gsr_y": 0.008590242825448513,
  "provenance": {
    "md5sum": "9dc605a095cca5abcb28af1321260368",
    "settings": {
      "fd_thres": 0.2,
      "hmc_fsl": false
    },
    "software": "mriqc",
    "version": "0.9.6"
  },
  "size_t": 144,
  "size_x": 80,
  "size_y": 80,
  "size_z": 34,
  "snr": 5.007522552518034,
  "spacing_tr": 20110220.0,
  "spacing_x": 3.000000238418579,
  "spacing_y": 3.0,
  "spacing_z": 4.0,
  "summary_bg_k": 147.87637515636374,
  "summary_bg_mad": 4.128635406494141,
  "summary_bg_mean": 14.609320640563965,
  "summary_bg_median": 7.25,
  "summary_bg_n": 147847.0,
  "summary_bg_p05": 3.5,
  "summary_bg_p95": 44.0069465637207,
  "summary_bg_stdv": 31.067028045654297,
  "summary_fg_k": 3.661553704544249,
  "summary_fg_mad": 117.4550552368164,
  "summary_fg_mean": 778.9487915039062,
  "summary_fg_median": 787.3680419921875,
  "summary_fg_n": 31438.0,
  "summary_fg_p05": 504.70626068115234,
  "summary_fg_p95": 1009.3579772949217,
  "summary_fg_stdv": 157.2345428466797,
  "tsnr": 61.34861373901367
}