{
  "aor": 0.0006938888888888887,
  "aqi": 0.009722222291666666,
  "bids_meta": {
    "BodyPartExamined": "BRAIN",
    "CogAtlasID": "http://www.cognitiveatlas.org/task/id/trm_4c8a834779883",
    "ConversionSoftware": "dcm2niix",
    "ConversionSoftwareVersion": "v1.0.20170314",
    "EchoTime": 0.025,
    "EffectiveEchoSpacing": 0.000264999,
    "FlipAngle": 80,
    "ImageType": [
      "ORIGINAL",
      "PRIMARY",
      "M",
      "ND",
      "NORM",
      "MOSAIC"
    ],
    "MagneticFieldStrength": 3,
    "Manufacturer": "Siemens",
    "ManufacturersModelName": "Prisma_fit",
    "PhaseEncodingDirection": "j-",
    "ProcedureStepDescription": "Investigators_20_ch_FGH3",
    "ProtocolName": "basic_functional_scan_rest",
    "RepetitionTime": 2,
    "ScanningSequence": "EP",
    "SequenceName": "_epfid2d1_80",
    "SequenceVariant": "SK",
    "SeriesDescription": "basic_functional_scan_rest",
    "SliceTiming": [
      1.9275,
      1.8775,
      1.8275,
      1.775,
      1.725,
      1.675,
      1.6225,
      1.5725,
      1.5225,
      1.47,
      1.42,
      1.37,
      1.32,
      1.2675,
      1.2175,
      1.1675,
      1.115,
      1.065,
      1.015,
      0.9625,
      0.9125,
      0.8625,
      0.81,
      0.76,
      0.71,
      0.66,
      0.6075,
      0.5575,
      0.5075,
      0.455,
      0.405,
      0.355,
      0.3025,
      0.2525,
      0.2025,
      0.1525,
      0.1,
      0.05,
      0
    ],
    "TaskName": "rest",
    "modality": "bold",
    "session_id": "1",
    "subject_id": "control12",
    "task_id": "rest"
  },
  "dummy_trs": 0,
  "dvars_nstd": 25.18360294034965,
  "dvars_std": 1.1970206374825179,
  "dvars_vstd": 0.9656286762237763,
  "efc": 0.439183381179216,
  "fber": 4173.0654296875,
  "fd_mean": 0.13914161599598052,
  "fd_num": 20,
  "fd_perc": 13.88888888888889,
  "fwhm_avg": 2.4271188888888893,
  "fwhm_x": 2.268736666666667,
  "fwhm_y": 2.6783333333333332,
  "fwhm_z": 2.334286666666667,
  "gcor": 0.00549763,
  "gsr_x": -0.014496920630335808,
  "gsr_y": 0.01305975578725338,
  "provenance": {
    "md5sum": "cc26a17a0032fc4c70f23b3374b1846b",
    "settings": {
      "fd_thres": 0.2,
      "hmc_fsl": false
    },
    "software": "mriqc",
    "version": "0.9.6"
  },
  "size_t": 144,
  "size_x": 80,
  "size_y": 80,
  "size_z": 39,
  "snr": 5.8303322685268615,
  "spacing_tr": 1.0,
  "spacing_x": 3.0,
  "spacing_y": 3.0,
  "spacing_z": 3.0,
  "summary_bg_k": 93.97014183016728,
  "summary_bg_mad": 3.7579843997955322,
  "summary_bg_mean": 19.138132095336914,
  "summary_bg_median": 9.652777671813965,
  "summary_bg_n": 168790.0,
  "summary_bg_p05": 5.708333492279053,
  "summary_bg_p95": 61.642707824706946,
  "summary_bg_stdv": 37.93320846557617,
  "summary_fg_k": 6.32639392475045,
  "summary_fg_mad": 75.63334655761719,
  "summary_fg_mean": 627.8892211914062,
  "summary_fg_median": 634.2569580078125,
  "summary_fg_n": 39977.0,
  "summary_fg_p05": 458.1402893066406,
  "summary_fg_p95": 771.6319580078125,
  "summary_fg_stdv": 108.78437042236328,
  "tsnr": 65.09295654296875
}