{
  "aor": 0.0019470833333333334,
  "aqi": 0.010004466875,
  "bids_meta": {
    "CogAtlasID": "http://www.cognitiveatlas.org/task/id/trm_4c8a834779883",
    "ConversionSoftware": "dcm2niix",
    "ConversionSoftwareVersion": "v1.0.20170314",
    "EchoTime": 0.03,
    "EffectiveEchoSpacing": 0.000290003,
    "FlipAngle": 90,
    "ImageType": [
      "ORIGINAL",
      "PRIMARY",
      "M",
      "ND",
      "MOSAIC"
    ],
    "MagneticFieldStrength": 3,
    "Manufacturer": "Siemens",
    "ManufacturersModelName": "TrioTim",
    "PhaseEncodingDirection": "j-",
    "ProcedureStepDescription": "Investigators_FGH3",
    "ProtocolName": "rest",
    "RepetitionTime": 2,
    "ScanningSequence": "EP",
    "SequenceName": "_epfid2d1_80",
    "SequenceVariant": "SK",
    "SeriesDescription": "rest",
    "SliceTiming": [
      0.995,
      0,
      1.0525,
      0.06,
      1.11,
      0.1175,
      1.17,
      0.175,
      1.2275,
      0.235,
      1.2875,
      0.2925,
      1.345,
      0.35,
      1.4025,
      0.41,
      1.4625,
      0.4675,
      1.52,
      0.5275,
      1.5775,
      0.585,
      1.6375,
      0.6425,
      1.695,
      0.7025,
      1.755,
      0.76,
      1.8125,
      0.82,
      1.87,
      0.8775,
      1.93,
      0.935
    ],
    "TaskName": "rest",
    "modality": "bold",
    "session_id": "2",
    "subject_id": "tbi13",
    "task_id": "rest"
  },
  "dummy_trs": 0,
  "dvars_nstd": 28.744583917062943,
  "dvars_std": 1.1714554423076924,
  "dvars_vstd": 0.9964096848251742,
  "efc": 0.4228097752453391,
  "fber": 3106.117919921875,
  "fd_mean": 0.21287874402182883,
  "fd_num": 67,
  "fd_perc": 46.52777777777778,
  "fwhm_avg": 2.469871388888889,
  "fwhm_x": 2.4174166666666665,
  "fwhm_y": 2.9055700000000004,
  "fwhm_z": 2.0866275,
  "gcor": 0.0335921,
  "gsr_x": -0.003820662619546056,
  "gsr_y": 0.015534857288002968,
  "provenance": {
    "md5sum": "d32134640516d6933b431106a2a39cff",
    "settings": {
      "fd_thres": 0.2,
      "hmc_fsl": false
    },
    "software": "mriqc",
    "version": "0.9.6"
  },
  "size_t": 144,
  "size_x": 80,
  "size_y": 80,
  "size_z": 34,
  "snr": 5.142010081175791,
  "spacing_tr": 1.0,
  "spacing_x": 3.0,
  "spacing_y": 3.0,
  "spacing_z": 4.0,
  "summary_bg_k": 83.1014406701005,
  "summary_bg_mad": 3.335855007171631,
  "summary_bg_mean": 25.83541488647461,
  "summary_bg_median": 16.63888931274414,
  "summary_bg_n": 146878.0,
  "summary_bg_p05": 13.44444465637207,
  "summary_bg_p95": 64.24514007568351,
  "summary_bg_stdv": 37.253231048583984,
  "summary_fg_k": 2.344966536779718,
  "summary_fg_mad": 144.91925048828125,
  "summary_fg_mean": 951.7597045898438,
  "summary_fg_median": 963.34375,
  "summary_fg_n": 32190.0,
  "summary_fg_p05": 621.2593658447265,
  "summary_fg_p95": 1230.4992919921874,
  "summary_fg_stdv": 187.34478759765625,
  "tsnr": 50.613243103027344
}