{
  "aor": 0.049774236111111106,
  "aqi": 0.08538689375000001,
  "bids_meta": {
    "CogAtlasID": "http://www.cognitiveatlas.org/task/id/trm_4c8a834779883",
    "ConversionSoftware": "dcm2niix",
    "ConversionSoftwareVersion": "v1.0.20170314",
    "EchoTime": 0.03,
    "EffectiveEchoSpacing": 0.000290003,
    "FlipAngle": 90,
    "ImageType": [
      "ORIGINAL",
      "PRIMARY",
      "M",
      "ND",
      "NORM",
      "MOSAIC"
    ],
    "MagneticFieldStrength": 3,
    "Manufacturer": "Siemens",
    "ManufacturersModelName": "TrioTim",
    "PhaseEncodingDirection": "j-",
    "ProcedureStepDescription": "RESEARCH_Brain_Traumas",
    "ProtocolName": "Bold",
    "RepetitionTime": 2,
    "ScanningSequence": "EP",
    "SequenceName": "_epfid2d1_80",
    "SequenceVariant": "SK",
    "SeriesDescription": "Bold",
    "SliceTiming": [
      0,
      1.0225,
      0.0575,
      1.0775,
      0.1125,
      1.135,
      0.17,
      1.1925,
      0.2275,
      1.25,
      0.2825,
      1.305,
      0.34,
      1.3625,
      0.3975,
      1.42,
      0.455,
      1.475,
      0.51,
      1.5325,
      0.5675,
      1.59,
      0.625,
      1.6475,
      0.68,
      1.7025,
      0.7375,
      1.76,
      0.795,
      1.8175,
      0.8525,
      1.8725,
      0.9075,
      1.93,
      0.965
    ],
    "TaskName": "rest",
    "modality": "bold",
    "session_id": "2",
    "subject_id": "tbi10",
    "task_id": "rest"
  },
  "dummy_trs": 0,
  "dvars_nstd": 55.4758213146154,
  "dvars_std": 0.9630872237062936,
  "dvars_vstd": 1.0831486130069923,
  "efc": 0.43085118839206027,
  "fber": 6714.07666015625,
  "fd_mean": 2.147141345102267,
  "fd_num": 54,
  "fd_perc": 37.5,
  "fwhm_avg": 2.736290347960354,
  "fwhm_x": 2.649303543881062,
  "fwhm_y": 3.25951,
  "fwhm_z": 2.3000575,
  "gcor": 0.0835275,
  "gsr_x": -0.01762516051530838,
  "gsr_y": 0.024271007627248764,
  "provenance": {
    "md5sum": "e49905a906d5d60968623baf40b642a1",
    "settings": {
      "fd_thres": 0.2,
      "hmc_fsl": false
    },
    "software": "mriqc",
    "version": "0.9.6"
  },
  "size_t": 144,
  "size_x": 80,
  "size_y": 80,
  "size_z": 35,
  "snr": 4.98988281745547,
  "spacing_tr": 1.0,
  "spacing_x": 2.999999761581421,
  "spacing_y": 3.0,
  "spacing_z": 4.0,
  "summary_bg_k": 70.82408946827918,
  "summary_bg_mad": 6.2495808601379395,
  "summary_bg_mean": 21.07850456237793,
  "summary_bg_median": 8.298611640930176,
  "summary_bg_n": 150461.0,
  "summary_bg_p05": 3.194444417953491,
  "summary_bg_p95": 76.77083587646484,
  "summary_bg_stdv": 39.726478576660156,
  "summary_fg_k": 4.236314019392429,
  "summary_fg_mad": 92.55966186523438,
  "summary_fg_mean": 676.28955078125,
  "summary_fg_median": 694.7916870117188,
  "summary_fg_n": 34065.0,
  "summary_fg_p05": 395.3902770996094,
  "summary_fg_p95": 850.9638916015624,
  "summary_fg_stdv": 139.238037109375,
  "tsnr": 14.4166259765625
}