{
  "aor": 0.0011010416666666666,
  "aqi": 0.006335344791666666,
  "bids_meta": {
    "CogAtlasID": "http://www.cognitiveatlas.org/task/id/trm_4c8a834779883",
    "ConversionSoftware": "dcm2niix",
    "ConversionSoftwareVersion": "v1.0.20170314",
    "EchoTime": 0.03,
    "EffectiveEchoSpacing": 0.000290003,
    "FlipAngle": 90,
    "ImageType": [
      "ORIGINAL",
      "PRIMARY",
      "M",
      "ND",
      "MOSAIC"
    ],
    "MagneticFieldStrength": 3,
    "Manufacturer": "Siemens",
    "ManufacturersModelName": "TrioTim",
    "PhaseEncodingDirection": "j-",
    "ProcedureStepDescription": "Investigators_FGH3",
    "ProtocolName": "rest",
    "RepetitionTime": 2,
    "ScanningSequence": "EP",
    "SequenceName": "_epfid2d1_80",
    "SequenceVariant": "SK",
    "SeriesDescription": "rest",
    "SliceTiming": [
      0,
      1.0225,
      0.0575,
      1.0775,
      0.1125,
      1.135,
      0.17,
      1.1925,
      0.2275,
      1.25,
      0.2825,
      1.305,
      0.34,
      1.3625,
      0.3975,
      1.42,
      0.455,
      1.475,
      0.51,
      1.5325,
      0.5675,
      1.59,
      0.625,
      1.6475,
      0.68,
      1.7025,
      0.7375,
      1.76,
      0.795,
      1.8175,
      0.8525,
      1.8725,
      0.9075,
      1.93,
      0.965
    ],
    "TaskName": "rest",
    "modality": "bold",
    "session_id": "3",
    "subject_id": "tbi14",
    "task_id": "rest"
  },
  "dummy_trs": 0,
  "dvars_nstd": 24.653748626013986,
  "dvars_std": 1.1282334981818176,
  "dvars_vstd": 0.9851710441258739,
  "efc": 0.4436450491739224,
  "fber": 2179.79345703125,
  "fd_mean": 0.09463052790362884,
  "fd_num": 4,
  "fd_perc": 2.7777777777777777,
  "fwhm_avg": 2.506187222222222,
  "fwhm_x": 2.50049,
  "fwhm_y": 2.930676666666667,
  "fwhm_z": 2.087395,
  "gcor": 0.0194385,
  "gsr_x": -0.002136276802048087,
  "gsr_y": 0.007057291455566883,
  "provenance": {
    "md5sum": "3300000cfc5d0964a755b7785495e8dd",
    "settings": {
      "fd_thres": 0.2,
      "hmc_fsl": false
    },
    "software": "mriqc",
    "version": "0.9.6"
  },
  "size_t": 144,
  "size_x": 80,
  "size_y": 80,
  "size_z": 35,
  "snr": 3.9248999939083387,
  "spacing_tr": 1.0,
  "spacing_x": 3.0,
  "spacing_y": 3.0,
  "spacing_z": 4.0,
  "summary_bg_k": 142.15453776038632,
  "summary_bg_mad": 3.665320873260498,
  "summary_bg_mean": 28.528942108154297,
  "summary_bg_median": 16.66666603088379,
  "summary_bg_n": 148387.0,
  "summary_bg_p05": 13.38888931274414,
  "summary_bg_p95": 77.63194274902344,
  "summary_bg_stdv": 49.80106735229492,
  "summary_fg_k": 1.546603467271881,
  "summary_fg_mad": 160.5843963623047,
  "summary_fg_mean": 812.4700317382812,
  "summary_fg_median": 810.829833984375,
  "summary_fg_n": 36296.0,
  "summary_fg_p05": 459.56945037841797,
  "summary_fg_p95": 1151.6874694824219,
  "summary_fg_stdv": 206.58326721191406,
  "tsnr": 59.595767974853516
}