{
  "aor": 0.004027152777777778,
  "aqi": 0.012563143958333333,
  "bids_meta": {
    "CogAtlasID": "http://www.cognitiveatlas.org/task/id/trm_4c8a834779883",
    "ConversionSoftware": "dcm2niix",
    "ConversionSoftwareVersion": "v1.0.20170314",
    "EchoTime": 0.03,
    "EffectiveEchoSpacing": 0.000290003,
    "FlipAngle": 90,
    "ImageType": [
      "ORIGINAL",
      "PRIMARY",
      "M",
      "ND",
      "NORM",
      "MOSAIC"
    ],
    "MagneticFieldStrength": 3,
    "Manufacturer": "Siemens",
    "ManufacturersModelName": "TrioTim",
    "PhaseEncodingDirection": "j-",
    "ProcedureStepDescription": "RESEARCH_Brain_Traumas",
    "ProtocolName": "Bold",
    "RepetitionTime": 2,
    "ScanningSequence": "EP",
    "SequenceName": "epfid2d1_80",
    "SequenceVariant": "SK",
    "SeriesDescription": "Bold",
    "SliceTiming": [
      0,
      1.0225,
      0.0575,
      1.0775,
      0.1125,
      1.135,
      0.17,
      1.1925,
      0.2275,
      1.25,
      0.2825,
      1.305,
      0.34,
      1.3625,
      0.3975,
      1.42,
      0.455,
      1.475,
      0.51,
      1.5325,
      0.5675,
      1.59,
      0.625,
      1.6475,
      0.68,
      1.7025,
      0.7375,
      1.76,
      0.795,
      1.8175,
      0.8525,
      1.8725,
      0.9075,
      1.93,
      0.965
    ],
    "TaskName": "rest",
    "modality": "bold",
    "session_id": "2",
    "subject_id": "tbi08",
    "task_id": "rest"
  },
  "dummy_trs": 0,
  "dvars_nstd": 30.841131623566433,
  "dvars_std": 1.3089188836363637,
  "dvars_vstd": 1.017688935734266,
  "efc": 0.4148033502612641,
  "fber": 10047.8974609375,
  "fd_mean": 0.17514984098611652,
  "fd_num": 31,
  "fd_perc": 21.52777777777778,
  "fwhm_avg": 2.4310277777777776,
  "fwhm_x": 2.3589166666666666,
  "fwhm_y": 2.8985266666666667,
  "fwhm_z": 2.03564,
  "gcor": 0.0131431,
  "gsr_x": -0.0117981918156147,
  "gsr_y": 0.010623826645314693,
  "provenance": {
    "md5sum": "6082e22dad55fe7a254a3d9d11e94d00",
    "settings": {
      "fd_thres": 0.2,
      "hmc_fsl": false
    },
    "software": "mriqc",
    "version": "0.9.6"
  },
  "size_t": 144,
  "size_x": 80,
  "size_y": 80,
  "size_z": 35,
  "snr": 5.691773628756279,
  "spacing_tr": 1.0,
  "spacing_x": 3.0,
  "spacing_y": 3.0,
  "spacing_z": 4.0,
  "summary_bg_k": 104.62124999100256,
  "summary_bg_mad": 4.128635406494141,
  "summary_bg_mean": 16.635971069335938,
  "summary_bg_median": 6.826388835906982,
  "summary_bg_n": 150791.0,
  "summary_bg_p05": 3.1041667461395264,
  "summary_bg_p95": 58.35069465637207,
  "summary_bg_stdv": 39.73234939575195,
  "summary_fg_k": 5.953932889258942,
  "summary_fg_mad": 74.62437438964844,
  "summary_fg_mean": 681.4047241210938,
  "summary_fg_median": 696.8402709960938,
  "summary_fg_n": 33621.0,
  "summary_fg_p05": 450.3333435058594,
  "summary_fg_p95": 831.8958129882812,
  "summary_fg_stdv": 122.42755126953125,
  "tsnr": 60.14781951904297
}