{
  "aor": 0.0027864583333333335,
  "aqi": 0.008408592152777778,
  "bids_meta": {
    "CogAtlasID": "http://www.cognitiveatlas.org/task/id/trm_4c8a834779883",
    "ConversionSoftware": "dcm2niix",
    "ConversionSoftwareVersion": "v1.0.20170314",
    "EchoTime": 0.03,
    "EffectiveEchoSpacing": 0.000290003,
    "FlipAngle": 90,
    "ImageType": [
      "ORIGINAL",
      "PRIMARY",
      "M",
      "ND",
      "NORM",
      "MOSAIC"
    ],
    "MagneticFieldStrength": 3,
    "Manufacturer": "Siemens",
    "ManufacturersModelName": "TrioTim",
    "PhaseEncodingDirection": "j-",
    "ProcedureStepDescription": "RESEARCH_Brain_Traumas",
    "ProtocolName": "Bold",
    "RepetitionTime": 2,
    "ScanningSequence": "EP",
    "SequenceName": "epfid2d1_80",
    "SequenceVariant": "SK",
    "SeriesDescription": "Bold",
    "SliceTiming": [
      0,
      1.02,
      0.055,
      1.0775,
      0.1125,
      1.135,
      0.17,
      1.1925,
      0.225,
      1.2475,
      0.2825,
      1.305,
      0.34,
      1.3625,
      0.3975,
      1.4175,
      0.4525,
      1.475,
      0.51,
      1.5325,
      0.5675,
      1.59,
      0.6225,
      1.645,
      0.68,
      1.7025,
      0.7375,
      1.76,
      0.795,
      1.815,
      0.85,
      1.8725,
      0.9075,
      1.93,
      0.965
    ],
    "TaskName": "rest",
    "modality": "bold",
    "session_id": "2",
    "subject_id": "tbi05",
    "task_id": "rest"
  },
  "dummy_trs": 0,
  "dvars_nstd": 28.17997536265734,
  "dvars_std": 1.358621845664336,
  "dvars_vstd": 0.9917849295104896,
  "efc": 0.43269633155988674,
  "fber": 9634.4677734375,
  "fd_mean": 0.06764751211477654,
  "fd_num": 5,
  "fd_perc": 3.4722222222222223,
  "fwhm_avg": 2.524980555555555,
  "fwhm_x": 2.4952866666666664,
  "fwhm_y": 2.9565699999999997,
  "fwhm_z": 2.123085,
  "gcor": 0.00869369,
  "gsr_x": -0.007916606031358242,
  "gsr_y": 0.007733578328043222,
  "provenance": {
    "md5sum": "a92da83785aa96ab9d18240a749ffbd3",
    "settings": {
      "fd_thres": 0.2,
      "hmc_fsl": false
    },
    "software": "mriqc",
    "version": "0.9.6"
  },
  "size_t": 144,
  "size_x": 80,
  "size_y": 80,
  "size_z": 35,
  "snr": 5.13191224603379,
  "spacing_tr": 1.0,
  "spacing_x": 3.0,
  "spacing_y": 3.0,
  "spacing_z": 4.0,
  "summary_bg_k": 54.09039739283227,
  "summary_bg_mad": 4.684612274169922,
  "summary_bg_mean": 19.369976043701172,
  "summary_bg_median": 7.604166507720947,
  "summary_bg_n": 146315.0,
  "summary_bg_p05": 3.381944417953491,
  "summary_bg_p95": 73.35347213745094,
  "summary_bg_stdv": 42.87743377685547,
  "summary_fg_k": 4.241074277590754,
  "summary_fg_mad": 101.23908996582031,
  "summary_fg_mean": 751.3626098632812,
  "summary_fg_median": 768.9375,
  "summary_fg_n": 36993.0,
  "summary_fg_p05": 463.02778930664067,
  "summary_fg_p95": 943.3403076171875,
  "summary_fg_stdv": 149.8324737548828,
  "tsnr": 67.48188018798828
}