{
  "aor": 0.0005654861111111111,
  "aqi": 0.005514179652777778,
  "bids_meta": {
    "CogAtlasID": "http://www.cognitiveatlas.org/task/id/trm_4c8a834779883",
    "ConversionSoftware": "dcm2niix",
    "ConversionSoftwareVersion": "v1.0.20170314",
    "EchoTime": 0.03,
    "EffectiveEchoSpacing": 0.000290003,
    "FlipAngle": 90,
    "ImageType": [
      "ORIGINAL",
      "PRIMARY",
      "M",
      "ND",
      "NORM",
      "MOSAIC"
    ],
    "MagneticFieldStrength": 3,
    "Manufacturer": "Siemens",
    "ManufacturersModelName": "TrioTim",
    "PhaseEncodingDirection": "j-",
    "ProcedureStepDescription": "RESEARCH_Brain_Traumas",
    "ProtocolName": "Bold",
    "RepetitionTime": 2,
    "ScanningSequence": "EP",
    "SequenceName": "_epfid2d1_80",
    "SequenceVariant": "SK",
    "SeriesDescription": "Bold",
    "SliceTiming": [
      0,
      1.0225,
      0.0575,
      1.08,
      0.115,
      1.1375,
      0.17,
      1.1925,
      0.2275,
      1.25,
      0.285,
      1.3075,
      0.3425,
      1.3625,
      0.3975,
      1.42,
      0.455,
      1.4775,
      0.5125,
      1.535,
      0.5675,
      1.59,
      0.625,
      1.6475,
      0.6825,
      1.705,
      0.74,
      1.76,
      0.795,
      1.8175,
      0.8525,
      1.875,
      0.91,
      1.9325,
      0.965
    ],
    "TaskName": "rest",
    "modality": "bold",
    "session_id": "1",
    "subject_id": "tbi12",
    "task_id": "rest"
  },
  "dummy_trs": 0,
  "dvars_nstd": 20.821131579370633,
  "dvars_std": 1.1222286653846156,
  "dvars_vstd": 0.9842080890909093,
  "efc": 0.41260091106813324,
  "fber": 10667.5546875,
  "fd_mean": 0.08264071380757106,
  "fd_num": 1,
  "fd_perc": 0.6944444444444444,
  "fwhm_avg": 2.551471322015485,
  "fwhm_x": 2.524386466046455,
  "fwhm_y": 3.01109,
  "fwhm_z": 2.1189375,
  "gcor": 0.00530496,
  "gsr_x": -0.008943887427449226,
  "gsr_y": 0.014767014421522617,
  "provenance": {
    "md5sum": "c34dbdee763584251c01bbd478567c73",
    "settings": {
      "fd_thres": 0.2,
      "hmc_fsl": false
    },
    "software": "mriqc",
    "version": "0.9.6"
  },
  "size_t": 144,
  "size_x": 80,
  "size_y": 80,
  "size_z": 35,
  "snr": 5.177977067841328,
  "spacing_tr": 1.0,
  "spacing_x": 3.000000238418579,
  "spacing_y": 3.0,
  "spacing_z": 4.0,
  "summary_bg_k": 97.47679832790227,
  "summary_bg_mad": 5.219995021820068,
  "summary_bg_mean": 19.1936092376709,
  "summary_bg_median": 8.340277671813965,
  "summary_bg_n": 150026.0,
  "summary_bg_p05": 3.7013888359069824,
  "summary_bg_p95": 64.48264122009277,
  "summary_bg_stdv": 42.930152893066406,
  "summary_fg_k": 4.3686040256210905,
  "summary_fg_mad": 117.8257064819336,
  "summary_fg_mean": 866.9476928710938,
  "summary_fg_median": 884.8125,
  "summary_fg_n": 33961.0,
  "summary_fg_p05": 543.1597290039062,
  "summary_fg_p95": 1091.4930419921875,
  "summary_fg_stdv": 170.87744140625,
  "tsnr": 78.97235107421875
}