{
  "aor": 0.0064106944444444446,
  "aqi": 0.009050877291666667,
  "bids_meta": {
    "CogAtlasID": "http://www.cognitiveatlas.org/task/id/trm_4c8a834779883",
    "EchoTime": 0.034,
    "FlipAngle": 90,
    "ImageType": [
      "IMAGE",
      "M series"
    ],
    "MagneticFieldStrength": 3,
    "Manufacturer": "Philips",
    "ManufacturersModelName": "Achieva",
    "ProcedureStepDescription": "none",
    "ProtocolName": "NO_STIMULATION SENSE",
    "RepetitionTime": 2,
    "ScanningSequence": "EP",
    "SequenceName": "NO_STIMULATION SENSE",
    "SequenceVariant": "SK",
    "SeriesDescription": "NO_STIMULATION SENSE",
    "TaskName": "rest",
    "modality": "bold",
    "session_id": "2",
    "subject_id": "control04",
    "task_id": "rest"
  },
  "dummy_trs": 0,
  "dvars_nstd": 30.45174650692306,
  "dvars_std": 1.2662489983216791,
  "dvars_vstd": 1.1026936109790213,
  "efc": 0.4334221110742926,
  "fber": 106835.53125,
  "fd_mean": 0.15687937348374625,
  "fd_num": 15,
  "fd_perc": 10.416666666666666,
  "fwhm_avg": 3.1137421359106683,
  "fwhm_x": 3.4643682202585997,
  "fwhm_y": 4.02773307725696,
  "fwhm_z": 1.8491251102164452,
  "gcor": 0.0212569,
  "gsr_x": -0.0016265352023765445,
  "gsr_y": 0.016908729448914528,
  "provenance": {
    "md5sum": "f656ec8c55e43802aaaced3bccbe93e7",
    "settings": {
      "fd_thres": 0.2,
      "hmc_fsl": false
    },
    "software": "mriqc",
    "version": "0.9.6"
  },
  "size_t": 144,
  "size_x": 128,
  "size_y": 128,
  "size_z": 34,
  "snr": 4.8241752530844,
  "spacing_tr": 1.0,
  "spacing_x": 1.8749998807907104,
  "spacing_y": 1.8750001192092896,
  "spacing_z": 3.999999761581421,
  "summary_bg_k": 73.25413102894136,
  "summary_bg_mad": 3.285520076751709,
  "summary_bg_mean": 20.89251708984375,
  "summary_bg_median": 2.2753348350524902,
  "summary_bg_n": 374440.0,
  "summary_bg_p05": 0.029306744877249005,
  "summary_bg_p95": 98.5467483520507,
  "summary_bg_stdv": 57.29466247558594,
  "summary_fg_k": 2.2894897584855674,
  "summary_fg_mad": 143.56619262695312,
  "summary_fg_mean": 834.4603881835938,
  "summary_fg_median": 837.3596801757812,
  "summary_fg_n": 97707.0,
  "summary_fg_p05": 540.3425598144531,
  "summary_fg_p95": 1092.9430053710937,
  "summary_fg_stdv": 173.5748291015625,
  "tsnr": 49.91440200805664
}