{
  "aor": 0.0007161805555555555,
  "aqi": 0.007431917361111111,
  "bids_meta": {
    "CogAtlasID": "http://www.cognitiveatlas.org/task/id/trm_4c8a834779883",
    "ConversionSoftware": "dcm2niix",
    "ConversionSoftwareVersion": "v1.0.20170314",
    "EchoTime": 0.03,
    "EffectiveEchoSpacing": 0.000290003,
    "FlipAngle": 90,
    "ImageType": [
      "ORIGINAL",
      "PRIMARY",
      "M",
      "ND",
      "NORM",
      "MOSAIC"
    ],
    "MagneticFieldStrength": 3,
    "Manufacturer": "Siemens",
    "ManufacturersModelName": "TrioTim",
    "PhaseEncodingDirection": "j-",
    "ProcedureStepDescription": "RESEARCH_Brain_Traumas",
    "ProtocolName": "Bold",
    "RepetitionTime": 2,
    "ScanningSequence": "EP",
    "SequenceName": "epfid2d1_80",
    "SequenceVariant": "SK",
    "SeriesDescription": "Bold",
    "SliceTiming": [
      0,
      1.0225,
      0.0575,
      1.08,
      0.115,
      1.135,
      0.17,
      1.1925,
      0.2275,
      1.25,
      0.285,
      1.3075,
      0.34,
      1.3625,
      0.3975,
      1.42,
      0.455,
      1.4775,
      0.5125,
      1.5325,
      0.5675,
      1.59,
      0.625,
      1.6475,
      0.6825,
      1.705,
      0.7375,
      1.76,
      0.795,
      1.8175,
      0.8525,
      1.875,
      0.91,
      1.93,
      0.965
    ],
    "TaskName": "rest",
    "modality": "bold",
    "session_id": "1",
    "subject_id": "tbi10",
    "task_id": "rest"
  },
  "dummy_trs": 0,
  "dvars_nstd": 22.338383735314697,
  "dvars_std": 1.1587071970629372,
  "dvars_vstd": 0.9860003869930076,
  "efc": 0.4150908452231462,
  "fber": 9935.5439453125,
  "fd_mean": 0.11785177684557278,
  "fd_num": 3,
  "fd_perc": 2.0833333333333335,
  "fwhm_avg": 2.5188277777777777,
  "fwhm_x": 2.4575066666666667,
  "fwhm_y": 2.9849766666666664,
  "fwhm_z": 2.114,
  "gcor": 0.0180277,
  "gsr_x": -0.012659993022680283,
  "gsr_y": 0.011825554072856903,
  "provenance": {
    "md5sum": "1771d81c27cd1224e65650d992d02830",
    "settings": {
      "fd_thres": 0.2,
      "hmc_fsl": false
    },
    "software": "mriqc",
    "version": "0.9.6"
  },
  "size_t": 144,
  "size_x": 80,
  "size_y": 80,
  "size_z": 35,
  "snr": 5.142680208594442,
  "spacing_tr": 1.0,
  "spacing_x": 3.0,
  "spacing_y": 3.0,
  "spacing_z": 4.0,
  "summary_bg_k": 88.03396558349634,
  "summary_bg_mad": 4.406623363494873,
  "summary_bg_mean": 17.987098693847656,
  "summary_bg_median": 7.083333492279053,
  "summary_bg_n": 151118.0,
  "summary_bg_p05": 3.1666667461395264,
  "summary_bg_p95": 68.18055725097656,
  "summary_bg_stdv": 41.022979736328125,
  "summary_fg_k": 4.589397890785814,
  "summary_fg_mad": 93.92906188964844,
  "summary_fg_mean": 710.048828125,
  "summary_fg_median": 728.1180419921875,
  "summary_fg_n": 33059.0,
  "summary_fg_p05": 432.50555419921875,
  "summary_fg_p95": 884.5666564941405,
  "summary_fg_stdv": 141.58123779296875,
  "tsnr": 67.81484985351562
}