{
  "aor": 0.0026759027777777783,
  "aqi": 0.00920271951388889,
  "bids_meta": {
    "CogAtlasID": "http://www.cognitiveatlas.org/task/id/trm_4c8a834779883",
    "EchoTime": 0.034,
    "FlipAngle": 90,
    "ImageType": [
      "IMAGE",
      "M series"
    ],
    "MagneticFieldStrength": 3,
    "Manufacturer": "Philips",
    "ManufacturersModelName": "Achieva",
    "ProcedureStepDescription": "none",
    "ProtocolName": "NO_STIMULATION SENSE",
    "RepetitionTime": 2,
    "ScanningSequence": "EP",
    "SequenceName": "NO_STIMULATION SENSE",
    "SequenceVariant": "SK",
    "SeriesDescription": "NO_STIMULATION SENSE",
    "TaskName": "rest",
    "modality": "bold",
    "session_id": "1",
    "subject_id": "control04",
    "task_id": "rest"
  },
  "dummy_trs": 0,
  "dvars_nstd": 27.06513961069931,
  "dvars_std": 1.2345926685314699,
  "dvars_vstd": 0.9974602425174824,
  "efc": 0.43107531859504156,
  "fber": 445511.46875,
  "fd_mean": 0.1411811202691758,
  "fd_num": 21,
  "fd_perc": 14.583333333333334,
  "fwhm_avg": 3.1365146852895958,
  "fwhm_x": 3.4923944446262074,
  "fwhm_y": 4.054117333333333,
  "fwhm_z": 1.8630322779092459,
  "gcor": 0.0180394,
  "gsr_x": -0.0005409998702816665,
  "gsr_y": 0.017631737515330315,
  "provenance": {
    "md5sum": "2ea6f7c7c54687641b0f83b1f0148e63",
    "settings": {
      "fd_thres": 0.2,
      "hmc_fsl": false
    },
    "software": "mriqc",
    "version": "0.9.6"
  },
  "size_t": 144,
  "size_x": 128,
  "size_y": 128,
  "size_z": 34,
  "snr": 4.801075925165227,
  "spacing_tr": 1.0,
  "spacing_x": 1.8750001192092896,
  "spacing_y": 1.875,
  "spacing_z": 4.000000476837158,
  "summary_bg_k": 59.05049800797548,
  "summary_bg_mad": 1.8246700763702393,
  "summary_bg_mean": 22.03864288330078,
  "summary_bg_median": 1.2556535005569458,
  "summary_bg_n": 374702.0,
  "summary_bg_p05": 0.016021907981485128,
  "summary_bg_p95": 116.51226310729983,
  "summary_bg_stdv": 61.73517990112305,
  "summary_fg_k": 2.1890692548278103,
  "summary_fg_mad": 156.66171264648438,
  "summary_fg_mean": 900.17529296875,
  "summary_fg_median": 903.041748046875,
  "summary_fg_n": 97922.0,
  "summary_fg_p05": 584.2476959228516,
  "summary_fg_p95": 1182.5574890136718,
  "summary_fg_stdv": 188.090576171875,
  "tsnr": 52.705833435058594
}