{
  "aor": 0.0027928472222222226,
  "aqi": 0.010404498125000002,
  "bids_meta": {
    "CogAtlasID": "http://www.cognitiveatlas.org/task/id/trm_4c8a834779883",
    "ConversionSoftware": "dcm2niix",
    "ConversionSoftwareVersion": "v1.0.20170314",
    "EchoTime": 0.03,
    "EffectiveEchoSpacing": 0.000290003,
    "FlipAngle": 90,
    "ImageType": [
      "ORIGINAL",
      "PRIMARY",
      "M",
      "ND",
      "NORM",
      "MOSAIC"
    ],
    "MagneticFieldStrength": 3,
    "Manufacturer": "Siemens",
    "ManufacturersModelName": "TrioTim",
    "PhaseEncodingDirection": "j-",
    "ProcedureStepDescription": "RESEARCH_Brain_Traumas",
    "ProtocolName": "Bold",
    "RepetitionTime": 2,
    "ScanningSequence": "EP",
    "SequenceName": "_epfid2d1_80",
    "SequenceVariant": "SK",
    "SeriesDescription": "Bold",
    "SliceTiming": [
      0,
      1.0225,
      0.0575,
      1.08,
      0.1125,
      1.135,
      0.17,
      1.1925,
      0.2275,
      1.25,
      0.285,
      1.3075,
      0.34,
      1.3625,
      0.3975,
      1.42,
      0.455,
      1.4775,
      0.51,
      1.5325,
      0.5675,
      1.59,
      0.625,
      1.6475,
      0.6825,
      1.705,
      0.7375,
      1.76,
      0.795,
      1.8175,
      0.8525,
      1.875,
      0.9075,
      1.93,
      0.965
    ],
    "TaskName": "rest",
    "modality": "bold",
    "session_id": "1",
    "subject_id": "tbi11",
    "task_id": "rest"
  },
  "dummy_trs": 0,
  "dvars_nstd": 24.93259940790211,
  "dvars_std": 1.2381850622377621,
  "dvars_vstd": 0.9971694918181818,
  "efc": 0.4675756759056507,
  "fber": 8528.251953125,
  "fd_mean": 0.10846947889553785,
  "fd_num": 6,
  "fd_perc": 4.166666666666667,
  "fwhm_avg": 2.376144722222222,
  "fwhm_x": 2.2683733333333334,
  "fwhm_y": 2.844993333333333,
  "fwhm_z": 2.0150675,
  "gcor": 0.0158467,
  "gsr_x": -0.013766457326710224,
  "gsr_y": 0.020183594897389412,
  "provenance": {
    "md5sum": "ca4cfedb7ba5d197122dc589e59c94cb",
    "settings": {
      "fd_thres": 0.2,
      "hmc_fsl": false
    },
    "software": "mriqc",
    "version": "0.9.6"
  },
  "size_t": 144,
  "size_x": 80,
  "size_y": 80,
  "size_z": 35,
  "snr": 5.694501954640757,
  "spacing_tr": 1.0,
  "spacing_x": 3.0,
  "spacing_y": 3.0,
  "spacing_z": 4.0,
  "summary_bg_k": 69.03227519861511,
  "summary_bg_mad": 4.993487358093262,
  "summary_bg_mean": 20.342317581176758,
  "summary_bg_median": 8.111111640930176,
  "summary_bg_n": 138390.0,
  "summary_bg_p05": 3.402777910232544,
  "summary_bg_p95": 83.41111412048308,
  "summary_bg_stdv": 46.64192199707031,
  "summary_fg_k": 4.904887995546647,
  "summary_fg_mad": 99.75133514404297,
  "summary_fg_mean": 762.0418090820312,
  "summary_fg_median": 769.6805419921875,
  "summary_fg_n": 43884.0,
  "summary_fg_p05": 545.3117950439453,
  "summary_fg_p95": 949.8906127929687,
  "summary_fg_stdv": 135.16050720214844,
  "tsnr": 62.648189544677734
}