{
  "aor": 0.002952430555555556,
  "aqi": 0.006695557291666667,
  "bids_meta": {
    "BodyPartExamined": "BRAIN",
    "CogAtlasID": "http://www.cognitiveatlas.org/task/id/trm_4c8a834779883",
    "ConversionSoftware": "dcm2niix",
    "ConversionSoftwareVersion": "v1.0.20170314",
    "EchoTime": 0.025,
    "EffectiveEchoSpacing": 0.000264999,
    "FlipAngle": 80,
    "ImageType": [
      "ORIGINAL",
      "PRIMARY",
      "M",
      "ND",
      "NORM",
      "MOSAIC"
    ],
    "MagneticFieldStrength": 3,
    "Manufacturer": "Siemens",
    "ManufacturersModelName": "TrioTim",
    "PhaseEncodingDirection": "j-",
    "ProcedureStepDescription": "Investigators_FGH3",
    "ProtocolName": "Rest_1",
    "RepetitionTime": 2,
    "ScanningSequence": "EP",
    "SequenceName": "_epfid2d1_80",
    "SequenceVariant": "SK",
    "SeriesDescription": "Rest_1",
    "SliceTiming": [
      1.93,
      1.88,
      1.8275,
      1.7775,
      1.7275,
      1.6775,
      1.625,
      1.575,
      1.525,
      1.4725,
      1.4225,
      1.3725,
      1.32,
      1.27,
      1.22,
      1.1675,
      1.1175,
      1.0675,
      1.0175,
      0.965,
      0.915,
      0.865,
      0.8125,
      0.7625,
      0.7125,
      0.66,
      0.61,
      0.56,
      0.51,
      0.4575,
      0.4075,
      0.3575,
      0.305,
      0.255,
      0.205,
      0.1525,
      0.1025,
      0.0525,
      0
    ],
    "TaskName": "rest",
    "modality": "bold",
    "session_id": "1",
    "subject_id": "control10",
    "task_id": "rest"
  },
  "dummy_trs": 0,
  "dvars_nstd": 31.99169757790209,
  "dvars_std": 1.1555799760839165,
  "dvars_vstd": 1.0164554669230772,
  "efc": 0.46376354128291986,
  "fber": 2008.51171875,
  "fd_mean": 0.29290689857117863,
  "fd_num": 84,
  "fd_perc": 58.333333333333336,
  "fwhm_avg": 2.5532747646060447,
  "fwhm_x": 2.54102,
  "fwhm_y": 2.985556666666667,
  "fwhm_z": 2.133247627151467,
  "gcor": 0.0161783,
  "gsr_x": -0.01133064366877079,
  "gsr_y": 0.014186902903020382,
  "provenance": {
    "md5sum": "e9236131e0065da368f9837971f85b0f",
    "settings": {
      "fd_thres": 0.2,
      "hmc_fsl": false
    },
    "software": "mriqc",
    "version": "0.9.6"
  },
  "size_t": 144,
  "size_x": 80,
  "size_y": 80,
  "size_z": 35,
  "snr": 4.113699063030328,
  "spacing_tr": 1.0,
  "spacing_x": 3.0,
  "spacing_y": 3.0,
  "spacing_z": 3.999999761581421,
  "summary_bg_k": 36.20062255747685,
  "summary_bg_mad": 4.818455696105957,
  "summary_bg_mean": 44.08446502685547,
  "summary_bg_median": 19.11111068725586,
  "summary_bg_n": 149317.0,
  "summary_bg_p05": 15.0625,
  "summary_bg_p95": 182.9125061035154,
  "summary_bg_stdv": 82.44532012939453,
  "summary_fg_k": 1.3867067186279582,
  "summary_fg_mad": 173.70643615722656,
  "summary_fg_mean": 882.8411865234375,
  "summary_fg_median": 898.0277709960938,
  "summary_fg_n": 34466.0,
  "summary_fg_p05": 492.9566116333008,
  "summary_fg_p95": 1215.2101135253906,
  "summary_fg_stdv": 218.29859924316406,
  "tsnr": 49.01388931274414
}