{
  "aor": 0.003526458333333334,
  "aqi": 0.006938462291666666,
  "bids_meta": {
    "CogAtlasID": "http://www.cognitiveatlas.org/task/id/trm_4c8a834779883",
    "ConversionSoftware": "dcm2niix",
    "ConversionSoftwareVersion": "v1.0.20170314",
    "EchoTime": 0.03,
    "EffectiveEchoSpacing": 0.000290003,
    "FlipAngle": 90,
    "ImageType": [
      "ORIGINAL",
      "PRIMARY",
      "M",
      "ND",
      "NORM",
      "MOSAIC"
    ],
    "MagneticFieldStrength": 3,
    "Manufacturer": "Siemens",
    "ManufacturersModelName": "TrioTim",
    "PhaseEncodingDirection": "j-",
    "ProcedureStepDescription": "RESEARCH_Brain_Traumas",
    "ProtocolName": "Bold",
    "RepetitionTime": 2,
    "ScanningSequence": "EP",
    "SequenceName": "_epfid2d1_80",
    "SequenceVariant": "SK",
    "SeriesDescription": "Bold",
    "SliceTiming": [
      0,
      1.0225,
      0.0575,
      1.08,
      0.115,
      1.1375,
      0.1725,
      1.1925,
      0.2275,
      1.25,
      0.285,
      1.3075,
      0.3425,
      1.365,
      0.3975,
      1.42,
      0.455,
      1.4775,
      0.5125,
      1.535,
      0.57,
      1.59,
      0.625,
      1.6475,
      0.6825,
      1.705,
      0.74,
      1.7625,
      0.795,
      1.8175,
      0.8525,
      1.875,
      0.91,
      1.9325,
      0.9675
    ],
    "TaskName": "rest",
    "modality": "bold",
    "session_id": "3",
    "subject_id": "tbi10",
    "task_id": "rest"
  },
  "dummy_trs": 0,
  "dvars_nstd": 20.41594317244755,
  "dvars_std": 1.1828110058041956,
  "dvars_vstd": 1.0134346923076925,
  "efc": 0.42433858587293244,
  "fber": 8737.4853515625,
  "fd_mean": 0.08987889492220004,
  "fd_num": 2,
  "fd_perc": 1.3888888888888888,
  "fwhm_avg": 2.5335783333333333,
  "fwhm_x": 2.472026666666667,
  "fwhm_y": 3.0149633333333337,
  "fwhm_z": 2.113745,
  "gcor": 0.0200955,
  "gsr_x": -0.016694067046046257,
  "gsr_y": 0.02925172448158264,
  "provenance": {
    "md5sum": "7324f7dfc2af6b5c4bbef68e0281c6d1",
    "settings": {
      "fd_thres": 0.2,
      "hmc_fsl": false
    },
    "software": "mriqc",
    "version": "0.9.6"
  },
  "size_t": 144,
  "size_x": 80,
  "size_y": 80,
  "size_z": 35,
  "snr": 5.006658102822905,
  "spacing_tr": 1.0,
  "spacing_x": 3.0,
  "spacing_y": 3.0,
  "spacing_z": 4.0,
  "summary_bg_k": 74.77683121169969,
  "summary_bg_mad": 5.055262088775635,
  "summary_bg_mean": 20.361343383789062,
  "summary_bg_median": 7.25694465637207,
  "summary_bg_n": 150677.0,
  "summary_bg_p05": 3.090277910232544,
  "summary_bg_p95": 80.8263931274414,
  "summary_bg_stdv": 42.77669906616211,
  "summary_fg_k": 4.422694329163082,
  "summary_fg_mad": 94.89676666259766,
  "summary_fg_mean": 685.1759643554688,
  "summary_fg_median": 701.7361450195312,
  "summary_fg_n": 33693.0,
  "summary_fg_p05": 413.3291687011719,
  "summary_fg_p95": 862.0194580078125,
  "summary_fg_stdv": 140.15850830078125,
  "tsnr": 69.498046875
}