{
  "aor": 0.0007406250000000001,
  "aqi": 0.007020407708333333,
  "bids_meta": {
    "BodyPartExamined": "BRAIN",
    "CogAtlasID": "http://www.cognitiveatlas.org/task/id/trm_4c8a834779883",
    "ConversionSoftware": "dcm2niix",
    "ConversionSoftwareVersion": "v1.0.20170314",
    "EchoTime": 0.03,
    "EffectiveEchoSpacing": 0.000290003,
    "FlipAngle": 90,
    "ImageType": [
      "ORIGINAL",
      "PRIMARY",
      "M",
      "ND",
      "NORM",
      "MOSAIC"
    ],
    "MagneticFieldStrength": 3,
    "Manufacturer": "Siemens",
    "ManufacturersModelName": "Prisma_fit",
    "PhaseEncodingDirection": "j-",
    "ProcedureStepDescription": "Investigators_20_ch_FGH3",
    "ProtocolName": "rest_1",
    "RepetitionTime": 2,
    "ScanningSequence": "EP",
    "SequenceName": "_epfid2d1_80",
    "SequenceVariant": "SK",
    "SeriesDescription": "rest_1",
    "SliceTiming": [
      0,
      1.02,
      0.0575,
      1.075,
      0.1125,
      1.1325,
      0.17,
      1.1875,
      0.2275,
      1.245,
      0.2825,
      1.3025,
      0.34,
      1.3575,
      0.3975,
      1.415,
      0.4525,
      1.4725,
      0.51,
      1.5275,
      0.5675,
      1.585,
      0.6225,
      1.64,
      0.68,
      1.6975,
      0.735,
      1.755,
      0.7925,
      1.81,
      0.85,
      1.8675,
      0.905,
      1.925,
      0.9625
    ],
    "TaskName": "rest",
    "modality": "bold",
    "session_id": "2",
    "subject_id": "control11",
    "task_id": "rest"
  },
  "dummy_trs": 0,
  "dvars_nstd": 20.373382982027977,
  "dvars_std": 1.0568700393706287,
  "dvars_vstd": 0.9844878527972026,
  "efc": 0.4386549003441499,
  "fber": 5228.64404296875,
  "fd_mean": 0.10992246124928112,
  "fd_num": 12,
  "fd_perc": 8.333333333333334,
  "fwhm_avg": 2.4029230555555556,
  "fwhm_x": 2.3586966666666664,
  "fwhm_y": 2.7971800000000004,
  "fwhm_z": 2.0528925,
  "gcor": 0.012966,
  "gsr_x": 0.0024665917735546827,
  "gsr_y": 0.028314387425780296,
  "provenance": {
    "md5sum": "dd8c9b5172ce0e1c0949324c9ca0c020",
    "settings": {
      "fd_thres": 0.2,
      "hmc_fsl": false
    },
    "software": "mriqc",
    "version": "0.9.6"
  },
  "size_t": 144,
  "size_x": 80,
  "size_y": 80,
  "size_z": 39,
  "snr": 5.954144726028891,
  "spacing_tr": 1.0,
  "spacing_x": 3.0,
  "spacing_y": 3.0,
  "spacing_z": 4.0,
  "summary_bg_k": 77.95143266427426,
  "summary_bg_mad": 3.7682812213897705,
  "summary_bg_mean": 21.46916961669922,
  "summary_bg_median": 9.1875,
  "summary_bg_n": 169284.0,
  "summary_bg_p05": 5.361111164093018,
  "summary_bg_p95": 86.35694770813004,
  "summary_bg_stdv": 44.062015533447266,
  "summary_fg_k": 4.599049624668104,
  "summary_fg_mad": 91.01534271240234,
  "summary_fg_mean": 678.8554077148438,
  "summary_fg_median": 680.7083129882812,
  "summary_fg_n": 39189.0,
  "summary_fg_p05": 505.8861083984375,
  "summary_fg_p95": 844.1180664062499,
  "summary_fg_stdv": 114.32366180419922,
  "tsnr": 67.39836120605469
}