{
  "aor": 0.0032995138888888887,
  "aqi": 0.011522667361111112,
  "bids_meta": {
    "CogAtlasID": "http://www.cognitiveatlas.org/task/id/trm_4c8a834779883",
    "ConversionSoftware": "dcm2niix",
    "ConversionSoftwareVersion": "v1.0.20170314",
    "EchoTime": 0.03,
    "EffectiveEchoSpacing": 0.000290003,
    "FlipAngle": 90,
    "ImageType": [
      "ORIGINAL",
      "PRIMARY",
      "M",
      "ND",
      "NORM",
      "MOSAIC"
    ],
    "MagneticFieldStrength": 3,
    "Manufacturer": "Siemens",
    "ManufacturersModelName": "TrioTim",
    "PhaseEncodingDirection": "j-",
    "ProcedureStepDescription": "RESEARCH_Brain_Traumas",
    "ProtocolName": "Bold",
    "RepetitionTime": 2,
    "ScanningSequence": "EP",
    "SequenceName": "epfid2d1_80",
    "SequenceVariant": "SK",
    "SeriesDescription": "Bold",
    "SliceTiming": [
      0,
      1.0225,
      0.0575,
      1.08,
      0.1125,
      1.135,
      0.17,
      1.1925,
      0.2275,
      1.25,
      0.285,
      1.305,
      0.34,
      1.3625,
      0.3975,
      1.42,
      0.455,
      1.4775,
      0.51,
      1.5325,
      0.5675,
      1.59,
      0.625,
      1.6475,
      0.6825,
      1.7025,
      0.7375,
      1.76,
      0.795,
      1.8175,
      0.8525,
      1.875,
      0.9075,
      1.93,
      0.965
    ],
    "TaskName": "rest",
    "modality": "bold",
    "session_id": "2",
    "subject_id": "tbi06",
    "task_id": "rest"
  },
  "dummy_trs": 0,
  "dvars_nstd": 34.00145676076923,
  "dvars_std": 1.3040611075524475,
  "dvars_vstd": 1.022617056363636,
  "efc": 0.4298796262597343,
  "fber": 8191.94482421875,
  "fd_mean": 0.1627812834820709,
  "fd_num": 30,
  "fd_perc": 20.833333333333332,
  "fwhm_avg": 2.383184722222222,
  "fwhm_x": 2.4118666666666666,
  "fwhm_y": 2.74541,
  "fwhm_z": 1.9922775,
  "gcor": 0.021434,
  "gsr_x": -0.003949225880205631,
  "gsr_y": 0.013179033063352108,
  "provenance": {
    "md5sum": "8eb03cb4d528d69e5c807a902fe7c56e",
    "settings": {
      "fd_thres": 0.2,
      "hmc_fsl": false
    },
    "software": "mriqc",
    "version": "0.9.6"
  },
  "size_t": 144,
  "size_x": 80,
  "size_y": 80,
  "size_z": 35,
  "snr": 4.988714000468287,
  "spacing_tr": 1.0,
  "spacing_x": 3.0,
  "spacing_y": 3.0,
  "spacing_z": 4.0,
  "summary_bg_k": 80.08472786458277,
  "summary_bg_mad": 5.096445083618164,
  "summary_bg_mean": 19.204885482788086,
  "summary_bg_median": 7.479166507720947,
  "summary_bg_n": 148469.0,
  "summary_bg_p05": 3.090277910232544,
  "summary_bg_p95": 76.54722290039075,
  "summary_bg_stdv": 42.996910095214844,
  "summary_fg_k": 4.063109730433672,
  "summary_fg_mad": 94.22247314453125,
  "summary_fg_mean": 679.5957641601562,
  "summary_fg_median": 697.201416015625,
  "summary_fg_n": 34914.0,
  "summary_fg_p05": 401.9305465698243,
  "summary_fg_p95": 856.8337005615235,
  "summary_fg_stdv": 139.7537384033203,
  "tsnr": 53.32162094116211
}