{
  "aor": 0.001733888888888889,
  "aqi": 0.005869107083333333,
  "bids_meta": {
    "CogAtlasID": "http://www.cognitiveatlas.org/task/id/trm_4c8a834779883",
    "EchoTime": 0.034,
    "FlipAngle": 90,
    "ImageType": [
      "IMAGE",
      "M series"
    ],
    "MagneticFieldStrength": 3,
    "Manufacturer": "Philips",
    "ManufacturersModelName": "Achieva",
    "ProcedureStepDescription": "none",
    "ProtocolName": "NO_STIMULATION SENSE",
    "RepetitionTime": 2,
    "ScanningSequence": "EP",
    "SequenceName": "NO_STIMULATION SENSE",
    "SequenceVariant": "SK",
    "SeriesDescription": "NO_STIMULATION SENSE",
    "TaskName": "rest",
    "modality": "bold",
    "session_id": "2",
    "subject_id": "control05",
    "task_id": "rest"
  },
  "dummy_trs": 0,
  "dvars_nstd": 23.139006741328668,
  "dvars_std": 1.2263561227972026,
  "dvars_vstd": 1.0084360553146852,
  "efc": 0.4088112251616456,
  "fber": 258630.3125,
  "fd_mean": 0.09888607024362253,
  "fd_num": 7,
  "fd_perc": 4.861111111111111,
  "fwhm_avg": 3.235291,
  "fwhm_x": 3.523877333333333,
  "fwhm_y": 4.223530666666667,
  "fwhm_z": 1.958465,
  "gcor": 0.0403735,
  "gsr_x": -0.007514470256865025,
  "gsr_y": 0.012940479442477226,
  "provenance": {
    "md5sum": "94dbdf2825bd9403c4e8c7c61f852783",
    "settings": {
      "fd_thres": 0.2,
      "hmc_fsl": false
    },
    "software": "mriqc",
    "version": "0.9.6"
  },
  "size_t": 144,
  "size_x": 128,
  "size_y": 128,
  "size_z": 34,
  "snr": 5.025411951731975,
  "spacing_tr": 1.0,
  "spacing_x": 1.875,
  "spacing_y": 1.875,
  "spacing_z": 4.0,
  "summary_bg_k": 88.69829062519835,
  "summary_bg_mad": 2.3889009952545166,
  "summary_bg_mean": 17.881193161010742,
  "summary_bg_median": 1.6268032789230347,
  "summary_bg_n": 386257.0,
  "summary_bg_p05": 0.010877039469778537,
  "summary_bg_p95": 86.71581878662117,
  "summary_bg_stdv": 50.410247802734375,
  "summary_fg_k": 3.5008659773272415,
  "summary_fg_mad": 134.5742950439453,
  "summary_fg_mean": 893.6874389648438,
  "summary_fg_median": 897.3055419921875,
  "summary_fg_n": 89135.0,
  "summary_fg_p05": 594.1768920898437,
  "summary_fg_p95": 1145.8687133789065,
  "summary_fg_stdv": 178.55262756347656,
  "tsnr": 68.09223937988281
}