{
  "aor": 0.0023580555555555555,
  "aqi": 0.011494455138888887,
  "bids_meta": {
    "CogAtlasID": "http://www.cognitiveatlas.org/task/id/trm_4c8a834779883",
    "ConversionSoftware": "dcm2niix",
    "ConversionSoftwareVersion": "v1.0.20170314",
    "EchoTime": 0.03,
    "EffectiveEchoSpacing": 0.000290003,
    "FlipAngle": 90,
    "ImageType": [
      "ORIGINAL",
      "PRIMARY",
      "M",
      "ND",
      "NORM",
      "MOSAIC"
    ],
    "MagneticFieldStrength": 3,
    "Manufacturer": "Siemens",
    "ManufacturersModelName": "TrioTim",
    "PhaseEncodingDirection": "j-",
    "ProcedureStepDescription": "RESEARCH_Brain_Traumas",
    "ProtocolName": "Bold",
    "RepetitionTime": 2,
    "ScanningSequence": "EP",
    "SequenceName": "epfid2d1_80",
    "SequenceVariant": "SK",
    "SeriesDescription": "Bold",
    "SliceTiming": [
      0.995,
      0,
      1.0525,
      0.06,
      1.11,
      0.1175,
      1.17,
      0.175,
      1.2275,
      0.235,
      1.2875,
      0.2925,
      1.345,
      0.35,
      1.4025,
      0.41,
      1.4625,
      0.4675,
      1.52,
      0.5275,
      1.58,
      0.585,
      1.6375,
      0.6425,
      1.695,
      0.7025,
      1.755,
      0.76,
      1.8125,
      0.82,
      1.87,
      0.8775,
      1.93,
      0.935
    ],
    "TaskName": "rest",
    "modality": "bold",
    "session_id": "3",
    "subject_id": "tbi04",
    "task_id": "rest"
  },
  "dummy_trs": 0,
  "dvars_nstd": 25.568985545524473,
  "dvars_std": 1.1841792894405598,
  "dvars_vstd": 0.9462986935664337,
  "efc": 0.4505808230543876,
  "fber": 8840.205078125,
  "fd_mean": 0.10025329242539868,
  "fd_num": 3,
  "fd_perc": 2.0833333333333335,
  "fwhm_avg": 2.4400782584372336,
  "fwhm_x": 2.348056666666667,
  "fwhm_y": 2.827233108645033,
  "fwhm_z": 2.144945,
  "gcor": 0.019467,
  "gsr_x": -0.007455063983798027,
  "gsr_y": 0.017288027331233025,
  "provenance": {
    "md5sum": "e2cd720199acd3693ac195c51f8e259b",
    "settings": {
      "fd_thres": 0.2,
      "hmc_fsl": false
    },
    "software": "mriqc",
    "version": "0.9.6"
  },
  "size_t": 144,
  "size_x": 80,
  "size_y": 80,
  "size_z": 34,
  "snr": 5.506123290231958,
  "spacing_tr": 1.0,
  "spacing_x": 3.0,
  "spacing_y": 3.000000238418579,
  "spacing_z": 4.0,
  "summary_bg_k": 68.59146041504984,
  "summary_bg_mad": 5.034670352935791,
  "summary_bg_mean": 21.588415145874023,
  "summary_bg_median": 7.8125,
  "summary_bg_n": 139170.0,
  "summary_bg_p05": 3.3958332538604736,
  "summary_bg_p95": 81.86180534362776,
  "summary_bg_stdv": 51.77788162231445,
  "summary_fg_k": 4.7432289199642295,
  "summary_fg_mad": 93.71287536621094,
  "summary_fg_mean": 739.8023681640625,
  "summary_fg_median": 753.7430419921875,
  "summary_fg_n": 38677.0,
  "summary_fg_p05": 487.50693969726564,
  "summary_fg_p95": 917.1125244140624,
  "summary_fg_stdv": 136.8900146484375,
  "tsnr": 58.980812072753906
}