{
  "aor": 0.002212638888888889,
  "aqi": 0.006517873263888889,
  "bids_meta": {
    "CogAtlasID": "http://www.cognitiveatlas.org/task/id/trm_4c8a834779883",
    "ConversionSoftware": "dcm2niix",
    "ConversionSoftwareVersion": "v1.0.20170314",
    "EchoTime": 0.025,
    "EffectiveEchoSpacing": 0.000264999,
    "FlipAngle": 80,
    "ImageType": [
      "ORIGINAL",
      "PRIMARY",
      "M",
      "ND",
      "NORM",
      "MOSAIC"
    ],
    "MagneticFieldStrength": 3,
    "Manufacturer": "Siemens",
    "ManufacturersModelName": "TrioTim",
    "PhaseEncodingDirection": "j-",
    "ProcedureStepDescription": "Investigators_FGH3",
    "ProtocolName": "Rest_1",
    "RepetitionTime": 2,
    "ScanningSequence": "EP",
    "SequenceName": "_epfid2d1_80",
    "SequenceVariant": "SK",
    "SeriesDescription": "Rest_1",
    "SliceTiming": [
      1.93,
      1.88,
      1.8275,
      1.7775,
      1.7275,
      1.6775,
      1.625,
      1.575,
      1.525,
      1.4725,
      1.4225,
      1.3725,
      1.32,
      1.27,
      1.22,
      1.1675,
      1.1175,
      1.0675,
      1.0175,
      0.965,
      0.915,
      0.865,
      0.8125,
      0.7625,
      0.7125,
      0.66,
      0.61,
      0.56,
      0.51,
      0.4575,
      0.4075,
      0.3575,
      0.305,
      0.255,
      0.205,
      0.1525,
      0.1025,
      0.0525,
      0
    ],
    "TaskName": "rest",
    "modality": "bold",
    "session_id": "2",
    "subject_id": "control09",
    "task_id": "rest"
  },
  "dummy_trs": 0,
  "dvars_nstd": 28.896057435524504,
  "dvars_std": 1.1407865302797209,
  "dvars_vstd": 1.0261519358041962,
  "efc": 0.4191688268474776,
  "fber": 1807.0338134765625,
  "fd_mean": 0.2216826109434725,
  "fd_num": 64,
  "fd_perc": 44.44444444444444,
  "fwhm_avg": 2.4371977777777776,
  "fwhm_x": 2.46984,
  "fwhm_y": 2.8122733333333336,
  "fwhm_z": 2.02948,
  "gcor": 0.0326162,
  "gsr_x": -0.013421054929494858,
  "gsr_y": 0.012755971401929855,
  "provenance": {
    "md5sum": "102ffc6c7222564576fea13c727b1879",
    "settings": {
      "fd_thres": 0.2,
      "hmc_fsl": false
    },
    "software": "mriqc",
    "version": "0.9.6"
  },
  "size_t": 144,
  "size_x": 80,
  "size_y": 80,
  "size_z": 35,
  "snr": 4.605268503242128,
  "spacing_tr": 1.0,
  "spacing_x": 3.0,
  "spacing_y": 3.0,
  "spacing_z": 4.0,
  "summary_bg_k": 221.91926876473022,
  "summary_bg_mad": 3.1608259677886963,
  "summary_bg_mean": 26.131214141845703,
  "summary_bg_median": 16.64583396911621,
  "summary_bg_n": 157235.0,
  "summary_bg_p05": 13.69444465637207,
  "summary_bg_p95": 64.18958282470695,
  "summary_bg_stdv": 41.09713363647461,
  "summary_fg_k": 1.6032594918245744,
  "summary_fg_mad": 142.29896545410156,
  "summary_fg_mean": 739.6644287109375,
  "summary_fg_median": 743.7222290039062,
  "summary_fg_n": 28221.0,
  "summary_fg_p05": 467.4791564941406,
  "summary_fg_p95": 985.0486450195312,
  "summary_fg_stdv": 161.4909210205078,
  "tsnr": 52.79613494873047
}