{
  "aor": 0.004041041666666667,
  "aqi": 0.006864142847222223,
  "bids_meta": {
    "BodyPartExamined": "BRAIN",
    "CogAtlasID": "http://www.cognitiveatlas.org/task/id/trm_4c8a834779883",
    "ConversionSoftware": "dcm2niix",
    "ConversionSoftwareVersion": "v1.0.20170314",
    "EchoTime": 0.025,
    "EffectiveEchoSpacing": 0.000264999,
    "FlipAngle": 80,
    "ImageType": [
      "ORIGINAL",
      "PRIMARY",
      "M",
      "ND",
      "NORM",
      "MOSAIC"
    ],
    "MagneticFieldStrength": 3,
    "Manufacturer": "Siemens",
    "ManufacturersModelName": "TrioTim",
    "PhaseEncodingDirection": "j-",
    "ProcedureStepDescription": "Investigators_FGH3",
    "ProtocolName": "Rest_1",
    "RepetitionTime": 2,
    "ScanningSequence": "EP",
    "SequenceName": "_epfid2d1_80",
    "SequenceVariant": "SK",
    "SeriesDescription": "Rest_1",
    "SliceTiming": [
      1.93,
      1.88,
      1.8275,
      1.7775,
      1.7275,
      1.6775,
      1.625,
      1.575,
      1.525,
      1.4725,
      1.4225,
      1.3725,
      1.32,
      1.27,
      1.22,
      1.1675,
      1.1175,
      1.0675,
      1.0175,
      0.965,
      0.915,
      0.865,
      0.8125,
      0.7625,
      0.7125,
      0.66,
      0.61,
      0.56,
      0.51,
      0.4575,
      0.4075,
      0.3575,
      0.305,
      0.255,
      0.205,
      0.1525,
      0.1025,
      0.0525,
      0
    ],
    "TaskName": "rest",
    "modality": "bold",
    "session_id": "2",
    "subject_id": "control10",
    "task_id": "rest"
  },
  "dummy_trs": 0,
  "dvars_nstd": 30.691256396433573,
  "dvars_std": 1.149996043356643,
  "dvars_vstd": 1.0277555532167835,
  "efc": 0.4568490069054893,
  "fber": 2093.121337890625,
  "fd_mean": 0.2775236105099993,
  "fd_num": 76,
  "fd_perc": 52.77777777777778,
  "fwhm_avg": 2.555644099124013,
  "fwhm_x": 2.5496497973720396,
  "fwhm_y": 2.99307,
  "fwhm_z": 2.1242125,
  "gcor": 0.0258884,
  "gsr_x": -0.010197296738624573,
  "gsr_y": 0.013419237919151783,
  "provenance": {
    "md5sum": "162459d437c952fff67cb18e54cf6c56",
    "settings": {
      "fd_thres": 0.2,
      "hmc_fsl": false
    },
    "software": "mriqc",
    "version": "0.9.6"
  },
  "size_t": 144,
  "size_x": 80,
  "size_y": 80,
  "size_z": 35,
  "snr": 4.122318530287448,
  "spacing_tr": 1.0,
  "spacing_x": 3.000000238418579,
  "spacing_y": 3.0,
  "spacing_z": 4.0,
  "summary_bg_k": 35.27653359204009,
  "summary_bg_mad": 4.386031150817871,
  "summary_bg_mean": 40.607261657714844,
  "summary_bg_median": 18.9375,
  "summary_bg_n": 149241.0,
  "summary_bg_p05": 15.111111640930176,
  "summary_bg_p95": 163.61111450195312,
  "summary_bg_stdv": 73.65453338623047,
  "summary_fg_k": 1.133974654824475,
  "summary_fg_mad": 183.43601989746094,
  "summary_fg_mean": 898.3092651367188,
  "summary_fg_median": 911.3021240234375,
  "summary_fg_n": 34152.0,
  "summary_fg_p05": 509.431608581543,
  "summary_fg_p95": 1243.5240051269532,
  "summary_fg_stdv": 221.06219482421875,
  "tsnr": 47.913795471191406
}