{
  "aor": 0.003848125,
  "aqi": 0.014580500416666666,
  "bids_meta": {
    "CogAtlasID": "http://www.cognitiveatlas.org/task/id/trm_4c8a834779883",
    "ConversionSoftware": "dcm2niix",
    "ConversionSoftwareVersion": "v1.0.20170314",
    "EchoTime": 0.03,
    "EffectiveEchoSpacing": 0.000290003,
    "FlipAngle": 90,
    "ImageType": [
      "ORIGINAL",
      "PRIMARY",
      "M",
      "ND",
      "NORM",
      "MOSAIC"
    ],
    "MagneticFieldStrength": 3,
    "Manufacturer": "Siemens",
    "ManufacturersModelName": "TrioTim",
    "PhaseEncodingDirection": "j-",
    "ProcedureStepDescription": "RESEARCH_Brain_Traumas",
    "ProtocolName": "Bold",
    "RepetitionTime": 2,
    "ScanningSequence": "EP",
    "SequenceName": "epfid2d1_80",
    "SequenceVariant": "SK",
    "SeriesDescription": "Bold",
    "SliceTiming": [
      0,
      1.0225,
      0.0575,
      1.08,
      0.115,
      1.135,
      0.17,
      1.1925,
      0.2275,
      1.25,
      0.285,
      1.3075,
      0.34,
      1.3625,
      0.3975,
      1.42,
      0.455,
      1.4775,
      0.5125,
      1.5325,
      0.5675,
      1.59,
      0.625,
      1.6475,
      0.6825,
      1.705,
      0.7375,
      1.76,
      0.795,
      1.8175,
      0.8525,
      1.875,
      0.91,
      1.93,
      0.965
    ],
    "TaskName": "rest",
    "modality": "bold",
    "session_id": "3",
    "subject_id": "tbi05",
    "task_id": "rest"
  },
  "dummy_trs": 0,
  "dvars_nstd": 27.80096949055943,
  "dvars_std": 1.155318443006993,
  "dvars_vstd": 0.9586551479020978,
  "efc": 0.42951341144228294,
  "fber": 10301.4404296875,
  "fd_mean": 0.13474341502682097,
  "fd_num": 23,
  "fd_perc": 15.972222222222221,
  "fwhm_avg": 2.4854744444444443,
  "fwhm_x": 2.4320633333333332,
  "fwhm_y": 2.92592,
  "fwhm_z": 2.09844,
  "gcor": 0.0296854,
  "gsr_x": -0.005858215037733316,
  "gsr_y": 0.0077788736671209335,
  "provenance": {
    "md5sum": "695e3d9f461591fbc268c8f8a4f728b0",
    "settings": {
      "fd_thres": 0.2,
      "hmc_fsl": false
    },
    "software": "mriqc",
    "version": "0.9.6"
  },
  "size_t": 144,
  "size_x": 80,
  "size_y": 80,
  "size_z": 35,
  "snr": 5.377023037164439,
  "spacing_tr": 1.0,
  "spacing_x": 3.0,
  "spacing_y": 3.0,
  "spacing_z": 4.0,
  "summary_bg_k": 52.48366557854018,
  "summary_bg_mad": 4.365440368652344,
  "summary_bg_mean": 17.384307861328125,
  "summary_bg_median": 7.034722328186035,
  "summary_bg_n": 146523.0,
  "summary_bg_p05": 3.1111111640930176,
  "summary_bg_p95": 63.124305725097614,
  "summary_bg_stdv": 38.1214485168457,
  "summary_fg_k": 4.056500264900172,
  "summary_fg_mad": 95.71018981933594,
  "summary_fg_mean": 721.325927734375,
  "summary_fg_median": 734.3819580078125,
  "summary_fg_n": 36543.0,
  "summary_fg_p05": 468.5402862548828,
  "summary_fg_p95": 905.6201416015625,
  "summary_fg_stdv": 136.575927734375,
  "tsnr": 48.60369873046875
}