{
  "aor": 0.0010667361111111112,
  "aqi": 0.008046986666666665,
  "bids_meta": {
    "CogAtlasID": "http://www.cognitiveatlas.org/task/id/trm_4c8a834779883",
    "ConversionSoftware": "dcm2niix",
    "ConversionSoftwareVersion": "v1.0.20170314",
    "EchoTime": 0.03,
    "EffectiveEchoSpacing": 0.000290003,
    "FlipAngle": 90,
    "ImageType": [
      "ORIGINAL",
      "PRIMARY",
      "M",
      "ND",
      "NORM",
      "MOSAIC"
    ],
    "MagneticFieldStrength": 3,
    "Manufacturer": "Siemens",
    "ManufacturersModelName": "TrioTim",
    "PhaseEncodingDirection": "j-",
    "ProcedureStepDescription": "RESEARCH_Brain_Traumas",
    "ProtocolName": "Bold",
    "RepetitionTime": 2,
    "ScanningSequence": "EP",
    "SequenceName": "_epfid2d1_80",
    "SequenceVariant": "SK",
    "SeriesDescription": "Bold",
    "SliceTiming": [
      0,
      1.0225,
      0.0575,
      1.08,
      0.1125,
      1.135,
      0.17,
      1.1925,
      0.2275,
      1.25,
      0.285,
      1.305,
      0.34,
      1.3625,
      0.3975,
      1.42,
      0.455,
      1.4775,
      0.51,
      1.5325,
      0.5675,
      1.59,
      0.625,
      1.6475,
      0.6825,
      1.7025,
      0.7375,
      1.76,
      0.795,
      1.8175,
      0.8525,
      1.875,
      0.9075,
      1.93,
      0.965
    ],
    "TaskName": "rest",
    "modality": "bold",
    "session_id": "2",
    "subject_id": "tbi11",
    "task_id": "rest"
  },
  "dummy_trs": 0,
  "dvars_nstd": 25.195727715454552,
  "dvars_std": 1.2213479894405597,
  "dvars_vstd": 1.0022814213286713,
  "efc": 0.46769132709771566,
  "fber": 8128.265625,
  "fd_mean": 0.11012226259542353,
  "fd_num": 7,
  "fd_perc": 4.861111111111111,
  "fwhm_avg": 2.3846991666666666,
  "fwhm_x": 2.2564066666666664,
  "fwhm_y": 2.8372333333333333,
  "fwhm_z": 2.0604575,
  "gcor": 0.0183804,
  "gsr_x": -0.014223231934010983,
  "gsr_y": 0.01800360530614853,
  "provenance": {
    "md5sum": "f6f4b9fc7fc6aa956b39c41a13db07b8",
    "settings": {
      "fd_thres": 0.2,
      "hmc_fsl": false
    },
    "software": "mriqc",
    "version": "0.9.6"
  },
  "size_t": 144,
  "size_x": 80,
  "size_y": 80,
  "size_z": 35,
  "snr": 5.7657903547120375,
  "spacing_tr": 1.0,
  "spacing_x": 3.0,
  "spacing_y": 3.0,
  "spacing_z": 4.0,
  "summary_bg_k": 56.30392773935765,
  "summary_bg_mad": 5.199404239654541,
  "summary_bg_mean": 20.915380477905273,
  "summary_bg_median": 8.409722328186035,
  "summary_bg_n": 139124.0,
  "summary_bg_p05": 3.5763888359069824,
  "summary_bg_p95": 87.65763854980476,
  "summary_bg_stdv": 45.88833236694336,
  "summary_fg_k": 5.191768278964041,
  "summary_fg_mad": 98.26873016357422,
  "summary_fg_mean": 773.173583984375,
  "summary_fg_median": 781.9965209960938,
  "summary_fg_n": 43422.0,
  "summary_fg_p05": 555.0427276611329,
  "summary_fg_p95": 959.4072998046873,
  "summary_fg_stdv": 135.62538146972656,
  "tsnr": 71.43794250488281
}