{
  "aor": 0.007154375,
  "aqi": 0.011405940555555556,
  "bids_meta": {
    "CogAtlasID": "http://www.cognitiveatlas.org/task/id/trm_4c8a834779883",
    "ConversionSoftware": "dcm2niix",
    "ConversionSoftwareVersion": "v1.0.20170314",
    "EchoTime": 0.03,
    "EffectiveEchoSpacing": 0.000290003,
    "FlipAngle": 90,
    "ImageType": [
      "ORIGINAL",
      "PRIMARY",
      "M",
      "ND",
      "NORM",
      "MOSAIC"
    ],
    "MagneticFieldStrength": 3,
    "Manufacturer": "Siemens",
    "ManufacturersModelName": "TrioTim",
    "PhaseEncodingDirection": "j-",
    "ProcedureStepDescription": "RESEARCH_Brain_Traumas",
    "ProtocolName": "Bold",
    "RepetitionTime": 2,
    "ScanningSequence": "EP",
    "SequenceName": "epfid2d1_80",
    "SequenceVariant": "SK",
    "SeriesDescription": "Bold",
    "SliceTiming": [
      0.9925,
      0,
      1.0525,
      0.0575,
      1.11,
      0.1175,
      1.17,
      0.175,
      1.2275,
      0.2325,
      1.285,
      0.2925,
      1.345,
      0.35,
      1.4025,
      0.41,
      1.4625,
      0.4675,
      1.52,
      0.525,
      1.5775,
      0.585,
      1.6375,
      0.6425,
      1.695,
      0.7025,
      1.7525,
      0.76,
      1.8125,
      0.8175,
      1.87,
      0.8775,
      1.93,
      0.935
    ],
    "TaskName": "rest",
    "modality": "bold",
    "session_id": "3",
    "subject_id": "tbi03",
    "task_id": "rest"
  },
  "dummy_trs": 0,
  "dvars_nstd": 24.753534410489518,
  "dvars_std": 1.1803810013986014,
  "dvars_vstd": 1.0385694065734263,
  "efc": 0.39453019206191303,
  "fber": 12697.8154296875,
  "fd_mean": 0.24550107442472305,
  "fd_num": 91,
  "fd_perc": 63.19444444444444,
  "fwhm_avg": 2.507041111111111,
  "fwhm_x": 2.3493,
  "fwhm_y": 3.0531433333333333,
  "fwhm_z": 2.11868,
  "gcor": 0.0176532,
  "gsr_x": -0.024034298956394196,
  "gsr_y": 0.01915488764643669,
  "provenance": {
    "md5sum": "23ccb2057452a77ace5f883f6ade7b3f",
    "settings": {
      "fd_thres": 0.2,
      "hmc_fsl": false
    },
    "software": "mriqc",
    "version": "0.9.6"
  },
  "size_t": 144,
  "size_x": 80,
  "size_y": 80,
  "size_z": 34,
  "snr": 5.819320173122482,
  "spacing_tr": 20111212.0,
  "spacing_x": 3.0,
  "spacing_y": 3.0,
  "spacing_z": 4.0,
  "summary_bg_k": 65.80093965474272,
  "summary_bg_mad": 4.818457126617432,
  "summary_bg_mean": 22.8367919921875,
  "summary_bg_median": 7.375,
  "summary_bg_n": 152001.0,
  "summary_bg_p05": 3.347222328186035,
  "summary_bg_p95": 81.85416412353516,
  "summary_bg_stdv": 58.25251388549805,
  "summary_fg_k": 4.905136184602352,
  "summary_fg_mad": 116.78067016601562,
  "summary_fg_mean": 849.8912963867188,
  "summary_fg_median": 856.6840209960938,
  "summary_fg_n": 27856.0,
  "summary_fg_p05": 627.9670257568359,
  "summary_fg_p95": 1056.1614685058594,
  "summary_fg_stdv": 147.21112060546875,
  "tsnr": 54.15123748779297
}