{
  "aor": 0.0012268749999999999,
  "aqi": 0.005102295624999999,
  "bids_meta": {
    "CogAtlasID": "http://www.cognitiveatlas.org/task/id/trm_4c8a834779883",
    "EchoTime": 0.034,
    "FlipAngle": 90,
    "ImageType": [
      "IMAGE",
      "M series"
    ],
    "MagneticFieldStrength": 3,
    "Manufacturer": "Philips",
    "ManufacturersModelName": "Achieva",
    "ProcedureStepDescription": "none",
    "ProtocolName": "NO_STIMULATION SENSE",
    "RepetitionTime": 2,
    "ScanningSequence": "EP",
    "SequenceName": "NO_STIMULATION SENSE",
    "SequenceVariant": "SK",
    "SeriesDescription": "NO_STIMULATION SENSE",
    "TaskName": "rest",
    "modality": "bold",
    "session_id": "1",
    "subject_id": "control01",
    "task_id": "rest"
  },
  "dummy_trs": 0,
  "dvars_nstd": 25.279484915244744,
  "dvars_std": 1.2840796207692309,
  "dvars_vstd": 1.0001431514685313,
  "efc": 0.4059307178778265,
  "fber": 577112.8125,
  "fd_mean": 0.058401330092546104,
  "fd_num": 0,
  "fd_perc": 0.0,
  "fwhm_avg": 3.0614908888888888,
  "fwhm_x": 3.291712,
  "fwhm_y": 4.009610666666666,
  "fwhm_z": 1.88315,
  "gcor": 0.0131511,
  "gsr_x": -0.006296343170106411,
  "gsr_y": 0.009844798594713211,
  "provenance": {
    "md5sum": "54bbed87bb04030929ebc7b57ddd0550",
    "settings": {
      "fd_thres": 0.2,
      "hmc_fsl": false
    },
    "software": "mriqc",
    "version": "0.9.6"
  },
  "size_t": 144,
  "size_x": 128,
  "size_y": 128,
  "size_z": 34,
  "snr": 4.404300210135241,
  "spacing_tr": 1.0,
  "spacing_x": 1.875,
  "spacing_y": 1.875,
  "spacing_z": 4.0,
  "summary_bg_k": 122.2056778087774,
  "summary_bg_mad": 1.7534399032592773,
  "summary_bg_mean": 19.11681365966797,
  "summary_bg_median": 1.1917550563812256,
  "summary_bg_n": 384212.0,
  "summary_bg_p05": 0.006222097319550812,
  "summary_bg_p95": 90.44681167602539,
  "summary_bg_stdv": 62.11146545410156,
  "summary_fg_k": 2.4599228749043363,
  "summary_fg_mad": 174.4159698486328,
  "summary_fg_mean": 997.4086303710938,
  "summary_fg_median": 993.3232421875,
  "summary_fg_n": 90405.0,
  "summary_fg_p05": 619.5533447265625,
  "summary_fg_p95": 1336.7714355468752,
  "summary_fg_stdv": 225.5336151123047,
  "tsnr": 68.02774047851562
}