{
  "aor": 0.018710833333333333,
  "aqi": 0.033954846736111106,
  "bids_meta": {
    "CogAtlasID": "http://www.cognitiveatlas.org/task/id/trm_4c8a834779883",
    "ConversionSoftware": "dcm2niix",
    "ConversionSoftwareVersion": "v1.0.20170314",
    "EchoTime": 0.03,
    "EffectiveEchoSpacing": 0.000290003,
    "FlipAngle": 90,
    "ImageType": [
      "ORIGINAL",
      "PRIMARY",
      "M",
      "ND",
      "NORM",
      "MOSAIC"
    ],
    "MagneticFieldStrength": 3,
    "Manufacturer": "Siemens",
    "ManufacturersModelName": "TrioTim",
    "PhaseEncodingDirection": "j-",
    "ProcedureStepDescription": "RESEARCH_Brain_Traumas",
    "ProtocolName": "Bold",
    "RepetitionTime": 2,
    "ScanningSequence": "EP",
    "SequenceName": "epfid2d1_80",
    "SequenceVariant": "SK",
    "SeriesDescription": "Bold",
    "SliceTiming": [
      0,
      1.0225,
      0.0575,
      1.0775,
      0.1125,
      1.135,
      0.17,
      1.1925,
      0.2275,
      1.25,
      0.2825,
      1.305,
      0.34,
      1.3625,
      0.3975,
      1.42,
      0.455,
      1.475,
      0.51,
      1.5325,
      0.5675,
      1.59,
      0.625,
      1.6475,
      0.68,
      1.7025,
      0.7375,
      1.76,
      0.795,
      1.8175,
      0.8525,
      1.8725,
      0.9075,
      1.93,
      0.965
    ],
    "TaskName": "rest",
    "modality": "bold",
    "session_id": "3",
    "subject_id": "tbi06",
    "task_id": "rest"
  },
  "dummy_trs": 0,
  "dvars_nstd": 37.51753733699299,
  "dvars_std": 1.1727130495804197,
  "dvars_vstd": 1.0382484009790205,
  "efc": 0.4296915360516402,
  "fber": 8486.5439453125,
  "fd_mean": 0.3798165480998314,
  "fd_num": 50,
  "fd_perc": 34.72222222222222,
  "fwhm_avg": 2.4203369444444442,
  "fwhm_x": 2.4150566666666666,
  "fwhm_y": 2.7945766666666665,
  "fwhm_z": 2.0513775,
  "gcor": 0.0435055,
  "gsr_x": -0.0020422693341970444,
  "gsr_y": 0.016174182295799255,
  "provenance": {
    "md5sum": "ac8a3c812af19f38f56b96375491781f",
    "settings": {
      "fd_thres": 0.2,
      "hmc_fsl": false
    },
    "software": "mriqc",
    "version": "0.9.6"
  },
  "size_t": 144,
  "size_x": 80,
  "size_y": 80,
  "size_z": 35,
  "snr": 5.070096764915162,
  "spacing_tr": 1.0,
  "spacing_x": 3.0,
  "spacing_y": 3.0,
  "spacing_z": 4.0,
  "summary_bg_k": 67.64359694539321,
  "summary_bg_mad": 5.25088357925415,
  "summary_bg_mean": 19.726207733154297,
  "summary_bg_median": 7.56944465637207,
  "summary_bg_n": 149362.0,
  "summary_bg_p05": 3.215277910232544,
  "summary_bg_p95": 77.59687423706043,
  "summary_bg_stdv": 40.51664733886719,
  "summary_fg_k": 3.9932811269195794,
  "summary_fg_mad": 98.1091079711914,
  "summary_fg_mean": 697.0676879882812,
  "summary_fg_median": 714.0,
  "summary_fg_n": 34688.0,
  "summary_fg_p05": 424.43367156982424,
  "summary_fg_p95": 877.902444458008,
  "summary_fg_stdv": 140.8236846923828,
  "tsnr": 28.47332191467285
}