{
  "aor": 0.005818055555555555,
  "aqi": 0.008030903194444446,
  "bids_meta": {
    "CogAtlasID": "http://www.cognitiveatlas.org/task/id/trm_4c8a834779883",
    "EchoTime": 0.034,
    "FlipAngle": 90,
    "ImageType": [
      "IMAGE",
      "M series"
    ],
    "MagneticFieldStrength": 3,
    "Manufacturer": "Philips",
    "ManufacturersModelName": "Achieva",
    "ProcedureStepDescription": "none",
    "ProtocolName": "NO_STIMULATION SENSE",
    "RepetitionTime": 2,
    "ScanningSequence": "EP",
    "SequenceName": "NO_STIMULATION SENSE",
    "SequenceVariant": "SK",
    "SeriesDescription": "NO_STIMULATION SENSE",
    "TaskName": "rest",
    "modality": "bold",
    "session_id": "2",
    "subject_id": "control02",
    "task_id": "rest"
  },
  "dummy_trs": 0,
  "dvars_nstd": 30.651928041258746,
  "dvars_std": 1.3835593922377625,
  "dvars_vstd": 1.1850446042657345,
  "efc": 0.3804307358384796,
  "fber": 239235.6875,
  "fd_mean": 0.13153235325361728,
  "fd_num": 12,
  "fd_perc": 8.333333333333334,
  "fwhm_avg": 3.214642337769444,
  "fwhm_x": 3.6138453333333334,
  "fwhm_y": 4.173034401352285,
  "fwhm_z": 1.8570472786227132,
  "gcor": 0.0168052,
  "gsr_x": -0.015850413590669632,
  "gsr_y": 0.01363088097423315,
  "provenance": {
    "md5sum": "a63ed7171963b9d124083d03ecfbb299",
    "settings": {
      "fd_thres": 0.2,
      "hmc_fsl": false
    },
    "software": "mriqc",
    "version": "0.9.6"
  },
  "size_t": 144,
  "size_x": 128,
  "size_y": 128,
  "size_z": 34,
  "snr": 4.518476220778661,
  "spacing_tr": 1.0,
  "spacing_x": 1.875,
  "spacing_y": 1.8750001192092896,
  "spacing_z": 4.000000476837158,
  "summary_bg_k": 44.97189549030292,
  "summary_bg_mad": 2.9882729053497314,
  "summary_bg_mean": 19.19467544555664,
  "summary_bg_median": 2.035249710083008,
  "summary_bg_n": 400699.0,
  "summary_bg_p05": 0.011927740275859834,
  "summary_bg_p95": 93.0105834960936,
  "summary_bg_stdv": 48.475852966308594,
  "summary_fg_k": 2.0110456186551477,
  "summary_fg_mad": 187.54977416992188,
  "summary_fg_mean": 1015.9598999023438,
  "summary_fg_median": 1023.30126953125,
  "summary_fg_n": 76234.0,
  "summary_fg_p05": 616.4379425048828,
  "summary_fg_p95": 1350.2119201660155,
  "summary_fg_stdv": 226.4689483642578,
  "tsnr": 53.88798141479492
}