{
  "aor": 0.0026543749999999996,
  "aqi": 0.010491688888888889,
  "bids_meta": {
    "CogAtlasID": "http://www.cognitiveatlas.org/task/id/trm_4c8a834779883",
    "ConversionSoftware": "dcm2niix",
    "ConversionSoftwareVersion": "v1.0.20170314",
    "EchoTime": 0.03,
    "EffectiveEchoSpacing": 0.000290003,
    "FlipAngle": 90,
    "ImageType": [
      "ORIGINAL",
      "PRIMARY",
      "M",
      "ND",
      "NORM",
      "MOSAIC"
    ],
    "MagneticFieldStrength": 3,
    "Manufacturer": "Siemens",
    "ManufacturersModelName": "TrioTim",
    "PhaseEncodingDirection": "j-",
    "ProcedureStepDescription": "RESEARCH_Brain_Traumas",
    "ProtocolName": "Bold",
    "RepetitionTime": 2,
    "ScanningSequence": "EP",
    "SequenceName": "epfid2d1_80",
    "SequenceVariant": "SK",
    "SeriesDescription": "Bold",
    "SliceTiming": [
      0.9925,
      0,
      1.0525,
      0.0575,
      1.11,
      0.1175,
      1.1675,
      0.175,
      1.2275,
      0.2325,
      1.285,
      0.2925,
      1.345,
      0.35,
      1.4025,
      0.4075,
      1.46,
      0.4675,
      1.52,
      0.525,
      1.5775,
      0.585,
      1.635,
      0.6425,
      1.695,
      0.7,
      1.7525,
      0.76,
      1.8125,
      0.8175,
      1.87,
      0.875,
      1.9275,
      0.935
    ],
    "TaskName": "rest",
    "modality": "bold",
    "session_id": "1",
    "subject_id": "tbi03",
    "task_id": "rest"
  },
  "dummy_trs": 0,
  "dvars_nstd": 25.6756989409091,
  "dvars_std": 1.1481423886713287,
  "dvars_vstd": 0.97747974972028,
  "efc": 0.3941133821268597,
  "fber": 10713.5263671875,
  "fd_mean": 0.2371041802057189,
  "fd_num": 85,
  "fd_perc": 59.02777777777778,
  "fwhm_avg": 2.473726864491487,
  "fwhm_x": 2.32556,
  "fwhm_y": 3.0181230934744603,
  "fwhm_z": 2.0774975,
  "gcor": 0.0142492,
  "gsr_x": -0.020026838406920433,
  "gsr_y": 0.008208016864955425,
  "provenance": {
    "md5sum": "04d08b90a940b9e6595b00e701b5b5a7",
    "settings": {
      "fd_thres": 0.2,
      "hmc_fsl": false
    },
    "software": "mriqc",
    "version": "0.9.6"
  },
  "size_t": 144,
  "size_x": 80,
  "size_y": 80,
  "size_z": 34,
  "snr": 5.22217670181891,
  "spacing_tr": 20110128.0,
  "spacing_x": 3.0,
  "spacing_y": 3.000000238418579,
  "spacing_z": 4.0,
  "summary_bg_k": 53.40767319212763,
  "summary_bg_mad": 4.478694438934326,
  "summary_bg_mean": 20.52892303466797,
  "summary_bg_median": 7.423611164093018,
  "summary_bg_n": 151561.0,
  "summary_bg_p05": 3.4513888359069824,
  "summary_bg_p95": 74.0,
  "summary_bg_stdv": 50.178768157958984,
  "summary_fg_k": 4.556142433373236,
  "summary_fg_mad": 118.65451049804688,
  "summary_fg_mean": 783.9564819335938,
  "summary_fg_median": 794.7465209960938,
  "summary_fg_n": 27996.0,
  "summary_fg_p05": 531.6198120117188,
  "summary_fg_p95": 990.0781402587891,
  "summary_fg_stdv": 152.18411254882812,
  "tsnr": 53.12518310546875
}