{
  "aor": 0.009738402777777778,
  "aqi": 0.014499738819444444,
  "bids_meta": {
    "CogAtlasID": "http://www.cognitiveatlas.org/task/id/trm_4c8a834779883",
    "EchoTime": 0.034,
    "FlipAngle": 90,
    "ImageType": [
      "IMAGE",
      "M series"
    ],
    "MagneticFieldStrength": 3,
    "Manufacturer": "Philips",
    "ManufacturersModelName": "Achieva",
    "ProcedureStepDescription": "none",
    "ProtocolName": "NO_STIMULATION SENSE",
    "RepetitionTime": 2,
    "ScanningSequence": "EP",
    "SequenceName": "NO_STIMULATION SENSE",
    "SequenceVariant": "SK",
    "SeriesDescription": "NO_STIMULATION SENSE",
    "TaskName": "rest",
    "modality": "bold",
    "session_id": "1",
    "subject_id": "tbi01",
    "task_id": "rest"
  },
  "dummy_trs": 0,
  "dvars_nstd": 32.22165897342658,
  "dvars_std": 1.1919231229370633,
  "dvars_vstd": 0.9386992217482518,
  "efc": 0.41094284554916766,
  "fber": 50678.2265625,
  "fd_mean": 0.1996737470386984,
  "fd_num": 32,
  "fd_perc": 22.22222222222222,
  "fwhm_avg": 3.901752555555556,
  "fwhm_x": 4.253978666666667,
  "fwhm_y": 5.147664000000001,
  "fwhm_z": 2.303615,
  "gcor": 0.00858084,
  "gsr_x": -0.00748455012217164,
  "gsr_y": 0.02142977900803089,
  "provenance": {
    "md5sum": "f5e37f2061bd2b511f9df78e43332cd0",
    "settings": {
      "fd_thres": 0.2,
      "hmc_fsl": false
    },
    "software": "mriqc",
    "version": "0.9.6"
  },
  "size_t": 144,
  "size_x": 128,
  "size_y": 128,
  "size_z": 34,
  "snr": 3.403467332544517,
  "spacing_tr": 1.0,
  "spacing_x": 1.875,
  "spacing_y": 1.875,
  "spacing_z": 4.0,
  "summary_bg_k": 265.8878977531498,
  "summary_bg_mad": 5.0789031982421875,
  "summary_bg_mean": 16.850534439086914,
  "summary_bg_median": 4.140590667724609,
  "summary_bg_n": 376112.0,
  "summary_bg_p05": 0.28388433605432506,
  "summary_bg_p95": 63.21217594146731,
  "summary_bg_stdv": 53.73818588256836,
  "summary_fg_k": 1.60306951927147,
  "summary_fg_mad": 204.68182373046875,
  "summary_fg_mean": 1008.1668090820312,
  "summary_fg_median": 975.7469482421875,
  "summary_fg_n": 97171.0,
  "summary_fg_p05": 591.9872131347656,
  "summary_fg_p95": 1607.9910278320312,
  "summary_fg_stdv": 286.6905517578125,
  "tsnr": 37.44682312011719
}