{
  "aor": 0.002021597222222222,
  "aqi": 0.00978820902777778,
  "bids_meta": {
    "CogAtlasID": "http://www.cognitiveatlas.org/task/id/trm_4c8a834779883",
    "ConversionSoftware": "dcm2niix",
    "ConversionSoftwareVersion": "v1.0.20170314",
    "EchoTime": 0.03,
    "EffectiveEchoSpacing": 0.000290003,
    "FlipAngle": 90,
    "ImageType": [
      "ORIGINAL",
      "PRIMARY",
      "M",
      "ND",
      "NORM",
      "MOSAIC"
    ],
    "MagneticFieldStrength": 3,
    "Manufacturer": "Siemens",
    "ManufacturersModelName": "TrioTim",
    "PhaseEncodingDirection": "j-",
    "ProcedureStepDescription": "RESEARCH_Brain_Traumas",
    "ProtocolName": "Bold",
    "RepetitionTime": 2,
    "ScanningSequence": "EP",
    "SequenceName": "epfid2d1_80",
    "SequenceVariant": "SK",
    "SeriesDescription": "Bold",
    "SliceTiming": [
      0,
      1.0225,
      0.0575,
      1.08,
      0.115,
      1.1375,
      0.17,
      1.1925,
      0.2275,
      1.25,
      0.285,
      1.3075,
      0.3425,
      1.3625,
      0.3975,
      1.42,
      0.455,
      1.4775,
      0.5125,
      1.535,
      0.5675,
      1.59,
      0.625,
      1.6475,
      0.6825,
      1.705,
      0.74,
      1.76,
      0.795,
      1.8175,
      0.8525,
      1.875,
      0.91,
      1.9325,
      0.965
    ],
    "TaskName": "rest",
    "modality": "bold",
    "session_id": "1",
    "subject_id": "tbi07",
    "task_id": "rest"
  },
  "dummy_trs": 0,
  "dvars_nstd": 24.33425293783217,
  "dvars_std": 1.1443647857342654,
  "dvars_vstd": 1.0007973793706297,
  "efc": 0.42968994490562334,
  "fber": 6524.94677734375,
  "fd_mean": 0.10978349646539905,
  "fd_num": 15,
  "fd_perc": 10.416666666666666,
  "fwhm_avg": 2.5992216666666668,
  "fwhm_x": 2.5725466666666668,
  "fwhm_y": 3.1002733333333334,
  "fwhm_z": 2.124845,
  "gcor": 0.016748,
  "gsr_x": -0.012867236509919167,
  "gsr_y": 0.006144863553345203,
  "provenance": {
    "md5sum": "9d739060d680efefaa81113cbc6e04c7",
    "settings": {
      "fd_thres": 0.2,
      "hmc_fsl": false
    },
    "software": "mriqc",
    "version": "0.9.6"
  },
  "size_t": 144,
  "size_x": 80,
  "size_y": 80,
  "size_z": 35,
  "snr": 4.671683322701472,
  "spacing_tr": 1.0,
  "spacing_x": 3.0,
  "spacing_y": 3.0,
  "spacing_z": 4.0,
  "summary_bg_k": 49.69108523932985,
  "summary_bg_mad": 5.858337879180908,
  "summary_bg_mean": 22.078815460205078,
  "summary_bg_median": 8.625,
  "summary_bg_n": 150794.0,
  "summary_bg_p05": 3.5763888359069824,
  "summary_bg_p95": 80.61111450195312,
  "summary_bg_stdv": 45.34962463378906,
  "summary_fg_k": 3.5264932145270516,
  "summary_fg_mad": 97.14130401611328,
  "summary_fg_mean": 688.0908813476562,
  "summary_fg_median": 714.0,
  "summary_fg_n": 33485.0,
  "summary_fg_p05": 362.44582519531247,
  "summary_fg_p95": 870.826416015625,
  "summary_fg_stdv": 152.8334197998047,
  "tsnr": 55.55986785888672
}