{
  "aor": 0.0017295833333333332,
  "aqi": 0.0056542147916666665,
  "bids_meta": {
    "CogAtlasID": "http://www.cognitiveatlas.org/task/id/trm_4c8a834779883",
    "EchoTime": 0.034,
    "FlipAngle": 90,
    "ImageType": [
      "IMAGE",
      "M series"
    ],
    "MagneticFieldStrength": 3,
    "Manufacturer": "Philips",
    "ManufacturersModelName": "Achieva",
    "ProcedureStepDescription": "none",
    "ProtocolName": "NO_STIMULATION SENSE",
    "RepetitionTime": 2,
    "ScanningSequence": "EP",
    "SequenceName": "NO_STIMULATION SENSE",
    "SequenceVariant": "SK",
    "SeriesDescription": "NO_STIMULATION SENSE",
    "TaskName": "rest",
    "modality": "bold",
    "session_id": "2",
    "subject_id": "control03",
    "task_id": "rest"
  },
  "dummy_trs": 0,
  "dvars_nstd": 28.64357690895105,
  "dvars_std": 1.3396079746153844,
  "dvars_vstd": 0.9801412741258743,
  "efc": 0.3691527315848952,
  "fber": 980613.0625,
  "fd_mean": 0.0818020693951152,
  "fd_num": 9,
  "fd_perc": 6.25,
  "fwhm_avg": 3.255920111111111,
  "fwhm_x": 3.644528,
  "fwhm_y": 4.200437333333333,
  "fwhm_z": 1.922795,
  "gcor": 0.012203,
  "gsr_x": -0.014822286553680897,
  "gsr_y": 0.009462477639317513,
  "provenance": {
    "md5sum": "366e150d2ad17a7f5e17c7e60c8cf1cc",
    "settings": {
      "fd_thres": 0.2,
      "hmc_fsl": false
    },
    "software": "mriqc",
    "version": "0.9.6"
  },
  "size_t": 144,
  "size_x": 128,
  "size_y": 128,
  "size_z": 34,
  "snr": 4.303777790864047,
  "spacing_tr": 1.0,
  "spacing_x": 1.875,
  "spacing_y": 1.875,
  "spacing_z": 4.0,
  "summary_bg_k": 224.49146763310247,
  "summary_bg_mad": 1.5321687459945679,
  "summary_bg_mean": 20.041841506958008,
  "summary_bg_median": 1.0442087650299072,
  "summary_bg_n": 402183.0,
  "summary_bg_p05": 0.00911066494882107,
  "summary_bg_p95": 82.22558975219718,
  "summary_bg_stdv": 72.43391418457031,
  "summary_fg_k": 2.4465867264282464,
  "summary_fg_mad": 217.02586364746094,
  "summary_fg_mean": 1207.990234375,
  "summary_fg_median": 1197.2005615234375,
  "summary_fg_n": 74853.0,
  "summary_fg_p05": 758.7881103515625,
  "summary_fg_p95": 1647.318701171875,
  "summary_fg_stdv": 278.1724853515625,
  "tsnr": 61.111122131347656
}