{
  "aor": 0.0008238194444444443,
  "aqi": 0.006380489999999999,
  "bids_meta": {
    "CogAtlasID": "http://www.cognitiveatlas.org/task/id/trm_4c8a834779883",
    "ConversionSoftware": "dcm2niix",
    "ConversionSoftwareVersion": "v1.0.20170314",
    "EchoTime": 0.03,
    "EffectiveEchoSpacing": 0.000290003,
    "FlipAngle": 90,
    "ImageType": [
      "ORIGINAL",
      "PRIMARY",
      "M",
      "ND",
      "NORM",
      "MOSAIC"
    ],
    "MagneticFieldStrength": 3,
    "Manufacturer": "Siemens",
    "ManufacturersModelName": "TrioTim",
    "PhaseEncodingDirection": "j-",
    "ProcedureStepDescription": "RESEARCH_Brain_Traumas",
    "ProtocolName": "Bold",
    "RepetitionTime": 2,
    "ScanningSequence": "EP",
    "SequenceName": "_epfid2d1_80",
    "SequenceVariant": "SK",
    "SeriesDescription": "Bold",
    "SliceTiming": [
      0,
      1.0225,
      0.0575,
      1.08,
      0.1125,
      1.135,
      0.17,
      1.1925,
      0.2275,
      1.25,
      0.285,
      1.305,
      0.34,
      1.3625,
      0.3975,
      1.42,
      0.455,
      1.4775,
      0.51,
      1.5325,
      0.5675,
      1.59,
      0.625,
      1.6475,
      0.6825,
      1.7025,
      0.7375,
      1.76,
      0.795,
      1.8175,
      0.8525,
      1.875,
      0.9075,
      1.93,
      0.965
    ],
    "TaskName": "rest",
    "modality": "bold",
    "session_id": "2",
    "subject_id": "tbi12",
    "task_id": "rest"
  },
  "dummy_trs": 0,
  "dvars_nstd": 18.68456234972029,
  "dvars_std": 1.0962064093007,
  "dvars_vstd": 0.9887679278321679,
  "efc": 0.41560658589391547,
  "fber": 10374.81640625,
  "fd_mean": 0.08901001605470879,
  "fd_num": 1,
  "fd_perc": 0.6944444444444444,
  "fwhm_avg": 2.543378611111111,
  "fwhm_x": 2.483356666666667,
  "fwhm_y": 3.044556666666667,
  "fwhm_z": 2.1022225,
  "gcor": 0.0078268,
  "gsr_x": -0.010944337584078312,
  "gsr_y": 0.014496894553303719,
  "provenance": {
    "md5sum": "78d7a51daec8ffc9b11ecb4a5a2477d1",
    "settings": {
      "fd_thres": 0.2,
      "hmc_fsl": false
    },
    "software": "mriqc",
    "version": "0.9.6"
  },
  "size_t": 144,
  "size_x": 80,
  "size_y": 80,
  "size_z": 35,
  "snr": 5.257781102030233,
  "spacing_tr": 1.0,
  "spacing_x": 3.0,
  "spacing_y": 3.0,
  "spacing_z": 4.0,
  "summary_bg_k": 91.72888460746175,
  "summary_bg_mad": 4.931710720062256,
  "summary_bg_mean": 19.813884735107422,
  "summary_bg_median": 8.083333015441895,
  "summary_bg_n": 150346.0,
  "summary_bg_p05": 3.7031249403953552,
  "summary_bg_p95": 65.70833587646484,
  "summary_bg_stdv": 47.22330856323242,
  "summary_fg_k": 4.55289668859908,
  "summary_fg_mad": 107.65856170654297,
  "summary_fg_mean": 825.776611328125,
  "summary_fg_median": 847.704833984375,
  "summary_fg_n": 33786.0,
  "summary_fg_p05": 510.8524398803711,
  "summary_fg_p95": 1026.734375,
  "summary_fg_stdv": 161.2262420654297,
  "tsnr": 77.0478515625
}