{
  "aor": 0.004125555555555555,
  "aqi": 0.018480173472222222,
  "bids_meta": {
    "CogAtlasID": "http://www.cognitiveatlas.org/task/id/trm_4c8a834779883",
    "EchoTime": 0.034,
    "FlipAngle": 90,
    "ImageType": [
      "IMAGE",
      "M series"
    ],
    "MagneticFieldStrength": 3,
    "Manufacturer": "Philips",
    "ManufacturersModelName": "Achieva",
    "ProcedureStepDescription": "none",
    "ProtocolName": "NO_STIMULATION SENSE",
    "RepetitionTime": 2,
    "ScanningSequence": "EP",
    "SequenceName": "NO_STIMULATION SENSE",
    "SequenceVariant": "SK",
    "SeriesDescription": "NO_STIMULATION SENSE",
    "TaskName": "rest",
    "modality": "bold",
    "session_id": "1",
    "subject_id": "control05",
    "task_id": "rest"
  },
  "dummy_trs": 0,
  "dvars_nstd": 33.11364652706292,
  "dvars_std": 1.0798181600699297,
  "dvars_vstd": 0.9219834221678324,
  "efc": 0.41861205063038154,
  "fber": 231709.140625,
  "fd_mean": 0.14860590536386944,
  "fd_num": 23,
  "fd_perc": 15.972222222222221,
  "fwhm_avg": 3.1080960744024253,
  "fwhm_x": 3.5107468898739427,
  "fwhm_y": 4.059541333333334,
  "fwhm_z": 1.754,
  "gcor": 0.0114747,
  "gsr_x": -0.015228459611535072,
  "gsr_y": 0.029074396938085556,
  "provenance": {
    "md5sum": "c3de50485d8d404dcdb7781decc96769",
    "settings": {
      "fd_thres": 0.2,
      "hmc_fsl": false
    },
    "software": "mriqc",
    "version": "0.9.6"
  },
  "size_t": 144,
  "size_x": 128,
  "size_y": 128,
  "size_z": 34,
  "snr": 4.29631678880189,
  "spacing_tr": 1.0,
  "spacing_x": 1.8749998807907104,
  "spacing_y": 1.875,
  "spacing_z": 4.0,
  "summary_bg_k": 78.04484021620186,
  "summary_bg_mad": 2.5599663257598877,
  "summary_bg_mean": 24.327775955200195,
  "summary_bg_median": 1.7706520557403564,
  "summary_bg_n": 386333.0,
  "summary_bg_p05": 0.028991514071822176,
  "summary_bg_p95": 119.06076660156245,
  "summary_bg_stdv": 60.7542610168457,
  "summary_fg_k": 2.194945914119537,
  "summary_fg_mad": 164.84031677246094,
  "summary_fg_mean": 912.79443359375,
  "summary_fg_median": 922.0977783203125,
  "summary_fg_n": 89009.0,
  "summary_fg_p05": 533.6414916992187,
  "summary_fg_p95": 1228.197094726562,
  "summary_fg_stdv": 214.6239776611328,
  "tsnr": 34.49522018432617
}