{
  "aor": 0.0012972222222222222,
  "aqi": 0.006904025277777778,
  "bids_meta": {
    "CogAtlasID": "http://www.cognitiveatlas.org/task/id/trm_4c8a834779883",
    "ConversionSoftware": "dcm2niix",
    "ConversionSoftwareVersion": "v1.0.20170314",
    "EchoTime": 0.03,
    "EffectiveEchoSpacing": 0.000290003,
    "FlipAngle": 90,
    "ImageType": [
      "ORIGINAL",
      "PRIMARY",
      "M",
      "ND",
      "NORM",
      "MOSAIC"
    ],
    "MagneticFieldStrength": 3,
    "Manufacturer": "Siemens",
    "ManufacturersModelName": "TrioTim",
    "PhaseEncodingDirection": "j-",
    "ProcedureStepDescription": "RESEARCH_Brain_Traumas",
    "ProtocolName": "Bold",
    "RepetitionTime": 2,
    "ScanningSequence": "EP",
    "SequenceName": "epfid2d1_80",
    "SequenceVariant": "SK",
    "SeriesDescription": "Bold",
    "SliceTiming": [
      0,
      1.0225,
      0.0575,
      1.0775,
      0.1125,
      1.135,
      0.17,
      1.1925,
      0.2275,
      1.25,
      0.2825,
      1.305,
      0.34,
      1.3625,
      0.3975,
      1.42,
      0.455,
      1.475,
      0.51,
      1.5325,
      0.5675,
      1.59,
      0.625,
      1.6475,
      0.68,
      1.7025,
      0.7375,
      1.76,
      0.795,
      1.8175,
      0.8525,
      1.8725,
      0.9075,
      1.93,
      0.965
    ],
    "TaskName": "rest",
    "modality": "bold",
    "session_id": "2",
    "subject_id": "tbi09",
    "task_id": "rest"
  },
  "dummy_trs": 0,
  "dvars_nstd": 24.39834166566433,
  "dvars_std": 1.2584241110489514,
  "dvars_vstd": 0.9949958072727274,
  "efc": 0.40773979249767883,
  "fber": 12298.576171875,
  "fd_mean": 0.13423126366287194,
  "fd_num": 17,
  "fd_perc": 11.805555555555555,
  "fwhm_avg": 2.493596111111111,
  "fwhm_x": 2.465953333333333,
  "fwhm_y": 2.9274299999999998,
  "fwhm_z": 2.087405,
  "gcor": 0.0125068,
  "gsr_x": -0.014013099484145641,
  "gsr_y": 0.012883259914815426,
  "provenance": {
    "md5sum": "27a0e0eacc7671ffc02eb24f3c281159",
    "settings": {
      "fd_thres": 0.2,
      "hmc_fsl": false
    },
    "software": "mriqc",
    "version": "0.9.6"
  },
  "size_t": 144,
  "size_x": 80,
  "size_y": 80,
  "size_z": 35,
  "snr": 5.611502274560813,
  "spacing_tr": 1.0,
  "spacing_x": 3.0,
  "spacing_y": 3.0,
  "spacing_z": 4.0,
  "summary_bg_k": 129.96350802784906,
  "summary_bg_mad": 4.3860321044921875,
  "summary_bg_mean": 16.474267959594727,
  "summary_bg_median": 7.31944465637207,
  "summary_bg_n": 150390.0,
  "summary_bg_p05": 3.409722328186035,
  "summary_bg_p95": 51.66666793823242,
  "summary_bg_stdv": 40.26314926147461,
  "summary_fg_k": 5.112573110058397,
  "summary_fg_mad": 107.05620574951172,
  "summary_fg_mean": 822.920654296875,
  "summary_fg_median": 838.5,
  "summary_fg_n": 33847.0,
  "summary_fg_p05": 566.8923767089843,
  "summary_fg_p95": 1016.5749816894531,
  "summary_fg_stdv": 149.4230194091797,
  "tsnr": 74.6701431274414
}