{
  "aor": 0.016955347222222222,
  "aqi": 0.01637113722222222,
  "bids_meta": {
    "CogAtlasID": "http://www.cognitiveatlas.org/task/id/trm_4c8a834779883",
    "EchoTime": 0.034,
    "FlipAngle": 90,
    "ImageType": [
      "IMAGE",
      "M series"
    ],
    "MagneticFieldStrength": 3,
    "Manufacturer": "Philips",
    "ManufacturersModelName": "Achieva",
    "ProcedureStepDescription": "none",
    "ProtocolName": "NO_STIMULATION SENSE",
    "RepetitionTime": 2,
    "ScanningSequence": "EP",
    "SequenceName": "NO_STIMULATION SENSE",
    "SequenceVariant": "SK",
    "SeriesDescription": "NO_STIMULATION SENSE",
    "TaskName": "rest",
    "modality": "bold",
    "session_id": "2",
    "subject_id": "tbi01",
    "task_id": "rest"
  },
  "dummy_trs": 0,
  "dvars_nstd": 51.48635349370629,
  "dvars_std": 1.2877214162937065,
  "dvars_vstd": 1.0711621046853146,
  "efc": 0.4207029013086928,
  "fber": 71903.234375,
  "fd_mean": 0.5297937194116138,
  "fd_num": 89,
  "fd_perc": 61.80555555555556,
  "fwhm_avg": 3.828778777777778,
  "fwhm_x": 4.15008,
  "fwhm_y": 5.0416213333333335,
  "fwhm_z": 2.294635,
  "gcor": 0.0210694,
  "gsr_x": -0.009249000810086727,
  "gsr_y": 0.01796026900410652,
  "provenance": {
    "md5sum": "5b35b0baf5ec5481ab11e18562a1b522",
    "settings": {
      "fd_thres": 0.2,
      "hmc_fsl": false
    },
    "software": "mriqc",
    "version": "0.9.6"
  },
  "size_t": 144,
  "size_x": 128,
  "size_y": 128,
  "size_z": 34,
  "snr": 3.375762135445512,
  "spacing_tr": 1.0,
  "spacing_x": 1.875,
  "spacing_y": 1.875,
  "spacing_z": 4.0,
  "summary_bg_k": 169.98997553835494,
  "summary_bg_mad": 3.875300884246826,
  "summary_bg_mean": 16.31582260131836,
  "summary_bg_median": 2.7797019481658936,
  "summary_bg_n": 373358.0,
  "summary_bg_p05": 0.09574891962110998,
  "summary_bg_p95": 69.56004257202143,
  "summary_bg_stdv": 45.21733093261719,
  "summary_fg_k": 1.763843069945147,
  "summary_fg_mad": 173.6627197265625,
  "summary_fg_mean": 812.5428466796875,
  "summary_fg_median": 791.2633056640625,
  "summary_fg_n": 98958.0,
  "summary_fg_p05": 462.87313385009764,
  "summary_fg_p95": 1285.45791015625,
  "summary_fg_stdv": 234.39427185058594,
  "tsnr": 29.189111709594727
}