{
	"TaskName": "rest",
	"Manufacturer": "Siemens",
	"ManufacturersModelName": "TrioTim",
	"ProcedureStepDescription": "RESEARCH_Brain_Traumas",
	"ScanningSequence": "EP",
	"SequenceVariant": "SK",
	"SeriesDescription": "Bold",
	"ProtocolName": "Bold",
	"SequenceName": "_epfid2d1_80",
	"ImageType": ["ORIGINAL", "PRIMARY", "M", "ND", "NORM", "MOSAIC"],
	"MagneticFieldStrength": 3,
	"FlipAngle": 90,
	"EchoTime": 0.03,
	"RepetitionTime": 2,
	"EffectiveEchoSpacing": 0.000290003,
	"SliceTiming": [
		0,
		1.02,
		0.055,
		1.0775,
		0.1125,
		1.135,
		0.17,
		1.1925,
		0.225,
		1.2475,
		0.2825,
		1.305,
		0.34,
		1.3625,
		0.3975,
		1.4175,
		0.4525,
		1.475,
		0.51,
		1.5325,
		0.5675,
		1.59,
		0.6225,
		1.645,
		0.68,
		1.7025,
		0.7375,
		1.76,
		0.795,
		1.815,
		0.85,
		1.8725,
		0.9075,
		1.93,
		0.965	],
	"PhaseEncodingDirection": "j-",
	"ConversionSoftware": "dcm2niix",
	"ConversionSoftwareVersion": "v1.0.20170314",
	"CogAtlasID":"http://www.cognitiveatlas.org/task/id/trm_4c8a834779883"
}
