{
	"TaskName": "rest",
	"Manufacturer": "Siemens",
	"ManufacturersModelName": "TrioTim",
	"ProcedureStepDescription": "Investigators_FGH3",
	"ScanningSequence": "EP",
	"SequenceVariant": "SK",
	"SeriesDescription": "rest",
	"ProtocolName": "rest",
	"SequenceName": "_epfid2d1_80",
	"ImageType": ["ORIGINAL", "PRIMARY", "M", "ND", "MOSAIC"],
	"MagneticFieldStrength": 3,
	"FlipAngle": 90,
	"EchoTime": 0.03,
	"RepetitionTime": 2,
	"EffectiveEchoSpacing": 0.000290003,
	"SliceTiming": [
		0.995,
		0,
		1.0525,
		0.06,
		1.11,
		0.1175,
		1.17,
		0.175,
		1.2275,
		0.235,
		1.2875,
		0.2925,
		1.345,
		0.35,
		1.4025,
		0.41,
		1.4625,
		0.4675,
		1.52,
		0.5275,
		1.5775,
		0.585,
		1.6375,
		0.6425,
		1.695,
		0.7025,
		1.755,
		0.76,
		1.8125,
		0.82,
		1.87,
		0.8775,
		1.93,
		0.935	],
	"PhaseEncodingDirection": "j-",
	"ConversionSoftware": "dcm2niix",
	"ConversionSoftwareVersion": "v1.0.20170314",
	"CogAtlasID":"http://www.cognitiveatlas.org/task/id/trm_4c8a834779883"
}
