{
	"TaskName": "rest",
	"Manufacturer": "Siemens",
	"ManufacturersModelName": "Prisma_fit",
	"ProcedureStepDescription": "Investigators_20_ch_FGH3",
	"ScanningSequence": "EP",
	"SequenceVariant": "SK",
	"SeriesDescription": "basic_functional_scan_rest",
	"BodyPartExamined": "BRAIN",
	"ProtocolName": "basic_functional_scan_rest",
	"SequenceName": "_epfid2d1_80",
	"ImageType": ["ORIGINAL", "PRIMARY", "M", "ND", "NORM", "MOSAIC"],
	"MagneticFieldStrength": 3,
	"FlipAngle": 80,
	"EchoTime": 0.025,
	"RepetitionTime": 2,
	"EffectiveEchoSpacing": 0.000264999,
	"SliceTiming": [
		1.9275,
		1.8775,
		1.8275,
		1.775,
		1.725,
		1.675,
		1.6225,
		1.5725,
		1.5225,
		1.47,
		1.42,
		1.37,
		1.32,
		1.2675,
		1.2175,
		1.1675,
		1.115,
		1.065,
		1.015,
		0.9625,
		0.9125,
		0.8625,
		0.81,
		0.76,
		0.71,
		0.66,
		0.6075,
		0.5575,
		0.5075,
		0.455,
		0.405,
		0.355,
		0.3025,
		0.2525,
		0.2025,
		0.1525,
		0.1,
		0.05,
		0	],
	"PhaseEncodingDirection": "j-",
	"ConversionSoftware": "dcm2niix",
	"ConversionSoftwareVersion": "v1.0.20170314",
	"CogAtlasID":"http://www.cognitiveatlas.org/task/id/trm_4c8a834779883"
}
