{
        "TaskName": "rest",
	"Manufacturer": "Siemens",
	"ManufacturersModelName": "TrioTim",
	"ProcedureStepDescription": "Investigators_FGH3",
	"ScanningSequence": "EP",
	"SequenceVariant": "SK",
	"SeriesDescription": "Rest_1",
	"BodyPartExamined": "BRAIN",
	"ProtocolName": "Rest_1",
	"SequenceName": "_epfid2d1_80",
	"ImageType": ["ORIGINAL", "PRIMARY", "M", "ND", "NORM", "MOSAIC"],
	"MagneticFieldStrength": 3,
	"FlipAngle": 80,
	"EchoTime": 0.025,
	"RepetitionTime": 2,
	"EffectiveEchoSpacing": 0.000264999,
	"SliceTiming": [
		1.93,
		1.88,
		1.8275,
		1.7775,
		1.7275,
		1.6775,
		1.625,
		1.575,
		1.525,
		1.4725,
		1.4225,
		1.3725,
		1.32,
		1.27,
		1.22,
		1.1675,
		1.1175,
		1.0675,
		1.0175,
		0.965,
		0.915,
		0.865,
		0.8125,
		0.7625,
		0.7125,
		0.66,
		0.61,
		0.56,
		0.51,
		0.4575,
		0.4075,
		0.3575,
		0.305,
		0.255,
		0.205,
		0.1525,
		0.1025,
		0.0525,
		0	],
	"PhaseEncodingDirection": "j-",
	"ConversionSoftware": "dcm2niix",
	"ConversionSoftwareVersion": "v1.0.20170314",
	"CogAtlasID":"http://www.cognitiveatlas.org/task/id/trm_4c8a834779883"
}

