{
	"TaskName": "rest",
	"Manufacturer": "Siemens",
	"ManufacturersModelName": "TrioTim",
	"ProcedureStepDescription": "Investigators_FGH3",
	"ScanningSequence": "EP",
	"SequenceVariant": "SK",
	"SeriesDescription": "rest",
	"ProtocolName": "rest",
	"SequenceName": "_epfid2d1_80",
	"ImageType": ["ORIGINAL", "PRIMARY", "M", "ND", "MOSAIC"],
	"MagneticFieldStrength": 3,
	"FlipAngle": 90,
	"EchoTime": 0.03,
	"RepetitionTime": 2,
	"EffectiveEchoSpacing": 0.000290003,
	"SliceTiming": [
		0,
		1.0225,
		0.0575,
		1.08,
		0.115,
		1.1375,
		0.1725,
		1.1925,
		0.2275,
		1.25,
		0.285,
		1.3075,
		0.3425,
		1.365,
		0.3975,
		1.42,
		0.455,
		1.4775,
		0.5125,
		1.535,
		0.57,
		1.59,
		0.625,
		1.6475,
		0.6825,
		1.705,
		0.74,
		1.7625,
		0.795,
		1.8175,
		0.8525,
		1.875,
		0.91,
		1.9325,
		0.9675	],
	"PhaseEncodingDirection": "j-",
	"ConversionSoftware": "dcm2niix",
	"ConversionSoftwareVersion": "v1.0.20170314",
	"CogAtlasID":"http://www.cognitiveatlas.org/task/id/trm_4c8a834779883"
}
