{
	"TaskName": "rest",
	"Manufacturer": "Siemens",
	"ManufacturersModelName": "Prisma_fit",
	"ProcedureStepDescription": "Investigators_20_ch_FGH3",
	"ScanningSequence": "EP",
	"SequenceVariant": "SK",
	"SeriesDescription": "rest_1",
	"BodyPartExamined": "BRAIN",
	"ProtocolName": "rest_1",
	"SequenceName": "_epfid2d1_80",
	"ImageType": ["ORIGINAL", "PRIMARY", "M", "ND", "NORM", "MOSAIC"],
	"MagneticFieldStrength": 3,
	"FlipAngle": 90,
	"EchoTime": 0.03,
	"RepetitionTime": 2,
	"EffectiveEchoSpacing": 0.000290003,
	"SliceTiming": [
		0,
		1.02,
		0.0575,
		1.075,
		0.1125,
		1.1325,
		0.17,
		1.1875,
		0.2275,
		1.245,
		0.2825,
		1.3025,
		0.34,
		1.3575,
		0.3975,
		1.415,
		0.4525,
		1.4725,
		0.51,
		1.5275,
		0.5675,
		1.585,
		0.6225,
		1.64,
		0.68,
		1.6975,
		0.735,
		1.755,
		0.7925,
		1.81,
		0.85,
		1.8675,
		0.905,
		1.925,
		0.9625	],
	"PhaseEncodingDirection": "j-",
	"ConversionSoftware": "dcm2niix",
	"ConversionSoftwareVersion": "v1.0.20170314",
	"CogAtlasID":"http://www.cognitiveatlas.org/task/id/trm_4c8a834779883"
}
