{
  "aor": 0.009166597222222222,
  "aqi": 0.03023647291666667,
  "bids_meta": {
    "CogAtlasID": "http://www.cognitiveatlas.org/task/id/trm_4c8a834779883",
    "ConversionSoftware": "dcm2niix",
    "ConversionSoftwareVersion": "v1.0.20170314",
    "EchoTime": 0.03,
    "EffectiveEchoSpacing": 0.000290003,
    "FlipAngle": 90,
    "ImageType": [
      "ORIGINAL",
      "PRIMARY",
      "M",
      "ND",
      "NORM",
      "MOSAIC"
    ],
    "MagneticFieldStrength": 3,
    "Manufacturer": "Siemens",
    "ManufacturersModelName": "TrioTim",
    "PhaseEncodingDirection": "j-",
    "ProcedureStepDescription": "RESEARCH_Brain_Traumas",
    "ProtocolName": "Bold",
    "RepetitionTime": 2,
    "ScanningSequence": "EP",
    "SequenceName": "_epfid2d1_80",
    "SequenceVariant": "SK",
    "SeriesDescription": "Bold",
    "SliceTiming": [
      0,
      1.02,
      0.055,
      1.0775,
      0.1125,
      1.135,
      0.17,
      1.1925,
      0.225,
      1.2475,
      0.2825,
      1.305,
      0.34,
      1.3625,
      0.3975,
      1.4175,
      0.4525,
      1.475,
      0.51,
      1.5325,
      0.5675,
      1.59,
      0.6225,
      1.645,
      0.68,
      1.7025,
      0.7375,
      1.76,
      0.795,
      1.815,
      0.85,
      1.8725,
      0.9075,
      1.93,
      0.965
    ],
    "TaskName": "rest",
    "modality": "bold",
    "session_id": "3",
    "subject_id": "tbi11",
    "task_id": "rest"
  },
  "dummy_trs": 0,
  "dvars_nstd": 32.10342688629372,
  "dvars_std": 1.1568431158741257,
  "dvars_vstd": 0.9459789925874129,
  "efc": 0.4693297050278821,
  "fber": 7802.634765625,
  "fd_mean": 0.29553385458660614,
  "fd_num": 34,
  "fd_perc": 23.61111111111111,
  "fwhm_avg": 2.4528219444444446,
  "fwhm_x": 2.3467733333333336,
  "fwhm_y": 2.9294100000000003,
  "fwhm_z": 2.0822825,
  "gcor": 0.0236277,
  "gsr_x": -0.014523324556648731,
  "gsr_y": 0.025522412732243538,
  "provenance": {
    "md5sum": "f450d11e58df3751ff77c9c9b29e6bee",
    "settings": {
      "fd_thres": 0.2,
      "hmc_fsl": false
    },
    "software": "mriqc",
    "version": "0.9.6"
  },
  "size_t": 144,
  "size_x": 80,
  "size_y": 80,
  "size_z": 35,
  "snr": 5.530741825444492,
  "spacing_tr": 1.0,
  "spacing_x": 3.0,
  "spacing_y": 3.0,
  "spacing_z": 4.0,
  "summary_bg_k": 67.0019237118125,
  "summary_bg_mad": 5.786266803741455,
  "summary_bg_mean": 22.627832412719727,
  "summary_bg_median": 8.590277671813965,
  "summary_bg_n": 139033.0,
  "summary_bg_p05": 3.5208332538604736,
  "summary_bg_p95": 99.07917022705075,
  "summary_bg_stdv": 50.613067626953125,
  "summary_fg_k": 4.515874284265185,
  "summary_fg_mad": 103.60714721679688,
  "summary_fg_mean": 774.05810546875,
  "summary_fg_median": 781.7569580078125,
  "summary_fg_n": 43356.0,
  "summary_fg_p05": 550.4965209960938,
  "summary_fg_p95": 975.1475524902344,
  "summary_fg_stdv": 141.345947265625,
  "tsnr": 34.359466552734375
}