{
  "aor": 0.01116923611111111,
  "aqi": 0.026349579861111107,
  "bids_meta": {
    "CogAtlasID": "http://www.cognitiveatlas.org/task/id/trm_4c8a834779883",
    "ConversionSoftware": "dcm2niix",
    "ConversionSoftwareVersion": "v1.0.20170314",
    "EchoTime": 0.03,
    "EffectiveEchoSpacing": 0.000290003,
    "FlipAngle": 90,
    "ImageType": [
      "ORIGINAL",
      "PRIMARY",
      "M",
      "ND",
      "MOSAIC"
    ],
    "MagneticFieldStrength": 3,
    "Manufacturer": "Siemens",
    "ManufacturersModelName": "TrioTim",
    "PhaseEncodingDirection": "j-",
    "ProcedureStepDescription": "Investigators_FGH3",
    "ProtocolName": "rest",
    "RepetitionTime": 2,
    "ScanningSequence": "EP",
    "SequenceName": "_epfid2d1_80",
    "SequenceVariant": "SK",
    "SeriesDescription": "rest",
    "SliceTiming": [
      0.9925,
      0,
      1.0525,
      0.0575,
      1.11,
      0.1175,
      1.1675,
      0.175,
      1.2275,
      0.2325,
      1.285,
      0.2925,
      1.345,
      0.35,
      1.4025,
      0.4075,
      1.46,
      0.4675,
      1.52,
      0.525,
      1.5775,
      0.585,
      1.635,
      0.6425,
      1.695,
      0.7,
      1.7525,
      0.76,
      1.8125,
      0.8175,
      1.87,
      0.8775,
      1.9275,
      0.935
    ],
    "TaskName": "rest",
    "modality": "bold",
    "session_id": "1",
    "subject_id": "tbi13",
    "task_id": "rest"
  },
  "dummy_trs": 0,
  "dvars_nstd": 41.06907639125874,
  "dvars_std": 1.0814182708391606,
  "dvars_vstd": 0.9805494593006997,
  "efc": 0.4271405871788147,
  "fber": 2791.539794921875,
  "fd_mean": 0.5442159442294194,
  "fd_num": 84,
  "fd_perc": 58.333333333333336,
  "fwhm_avg": 2.594038611111111,
  "fwhm_x": 2.540286666666667,
  "fwhm_y": 3.0657766666666664,
  "fwhm_z": 2.1760525,
  "gcor": 0.0297802,
  "gsr_x": -0.006933117285370827,
  "gsr_y": 0.010084161534905434,
  "provenance": {
    "md5sum": "06c4bda3d3ed91a615878958b6ad05f8",
    "settings": {
      "fd_thres": 0.2,
      "hmc_fsl": false
    },
    "software": "mriqc",
    "version": "0.9.6"
  },
  "size_t": 144,
  "size_x": 80,
  "size_y": 80,
  "size_z": 34,
  "snr": 4.749560387721551,
  "spacing_tr": 1.0,
  "spacing_x": 3.0,
  "spacing_y": 3.0,
  "spacing_z": 4.0,
  "summary_bg_k": 67.08261290542967,
  "summary_bg_mad": 3.582955837249756,
  "summary_bg_mean": 23.956857681274414,
  "summary_bg_median": 15.861111640930176,
  "summary_bg_n": 146090.0,
  "summary_bg_p05": 12.75,
  "summary_bg_p95": 59.05555725097656,
  "summary_bg_stdv": 28.817930221557617,
  "summary_fg_k": 2.4837621609454175,
  "summary_fg_mad": 136.0287628173828,
  "summary_fg_mean": 846.2762451171875,
  "summary_fg_median": 868.388916015625,
  "summary_fg_n": 32821.0,
  "summary_fg_p05": 499.3819580078125,
  "summary_fg_p95": 1097.1458740234375,
  "summary_fg_stdv": 182.83285522460938,
  "tsnr": 28.879785537719727
}