{
  "aor": 0.0012940277777777778,
  "aqi": 0.012438178333333334,
  "bids_meta": {
    "CogAtlasID": "http://www.cognitiveatlas.org/task/id/trm_4c8a834779883",
    "ConversionSoftware": "dcm2niix",
    "ConversionSoftwareVersion": "v1.0.20170314",
    "EchoTime": 0.03,
    "EffectiveEchoSpacing": 0.000290003,
    "FlipAngle": 90,
    "ImageType": [
      "ORIGINAL",
      "PRIMARY",
      "M",
      "ND",
      "NORM",
      "MOSAIC"
    ],
    "MagneticFieldStrength": 3,
    "Manufacturer": "Siemens",
    "ManufacturersModelName": "TrioTim",
    "PhaseEncodingDirection": "j-",
    "ProcedureStepDescription": "RESEARCH_Brain_Traumas",
    "ProtocolName": "Bold",
    "RepetitionTime": 2,
    "ScanningSequence": "EP",
    "SequenceName": "epfid2d1_80",
    "SequenceVariant": "SK",
    "SeriesDescription": "Bold",
    "SliceTiming": [
      0,
      1.02,
      0.055,
      1.0775,
      0.1125,
      1.135,
      0.17,
      1.1925,
      0.225,
      1.2475,
      0.2825,
      1.305,
      0.34,
      1.3625,
      0.3975,
      1.4175,
      0.4525,
      1.475,
      0.51,
      1.5325,
      0.5675,
      1.59,
      0.6225,
      1.645,
      0.68,
      1.7025,
      0.7375,
      1.76,
      0.795,
      1.815,
      0.85,
      1.8725,
      0.9075,
      1.93,
      0.965
    ],
    "TaskName": "rest",
    "modality": "bold",
    "session_id": "1",
    "subject_id": "tbi05",
    "task_id": "rest"
  },
  "dummy_trs": 0,
  "dvars_nstd": 31.375223493706287,
  "dvars_std": 1.3130627182517478,
  "dvars_vstd": 0.9646033384615383,
  "efc": 0.4370031869770593,
  "fber": 9289.8662109375,
  "fd_mean": 0.20681834598282783,
  "fd_num": 68,
  "fd_perc": 47.22222222222222,
  "fwhm_avg": 2.5335249999999996,
  "fwhm_x": 2.46659,
  "fwhm_y": 2.99382,
  "fwhm_z": 2.140165,
  "gcor": 0.0222467,
  "gsr_x": -0.009135236963629723,
  "gsr_y": 0.018178440630435944,
  "provenance": {
    "md5sum": "08ebfe2ca9f8e70b4f53a6c6723f4a42",
    "settings": {
      "fd_thres": 0.2,
      "hmc_fsl": false
    },
    "software": "mriqc",
    "version": "0.9.6"
  },
  "size_t": 144,
  "size_x": 80,
  "size_y": 80,
  "size_z": 35,
  "snr": 5.085604622943307,
  "spacing_tr": 20111200.0,
  "spacing_x": 3.0,
  "spacing_y": 3.0,
  "spacing_z": 4.0,
  "summary_bg_k": 46.42291713401475,
  "summary_bg_mad": 5.425912380218506,
  "summary_bg_mean": 20.38529396057129,
  "summary_bg_median": 7.673611164093018,
  "summary_bg_n": 146227.0,
  "summary_bg_p05": 3.0763888359069824,
  "summary_bg_p95": 77.77569580078114,
  "summary_bg_stdv": 41.89567947387695,
  "summary_fg_k": 4.004328054661979,
  "summary_fg_mad": 104.65213775634766,
  "summary_fg_mean": 750.6471557617188,
  "summary_fg_median": 766.4132080078125,
  "summary_fg_n": 37002.0,
  "summary_fg_p05": 465.06493072509767,
  "summary_fg_p95": 949.1593811035157,
  "summary_fg_stdv": 150.700439453125,
  "tsnr": 52.00117492675781
}