{
  "aor": 0.01603055555555556,
  "aqi": 0.02437864409722222,
  "bids_meta": {
    "CogAtlasID": "http://www.cognitiveatlas.org/task/id/trm_4c8a834779883",
    "ConversionSoftware": "dcm2niix",
    "ConversionSoftwareVersion": "v1.0.20170314",
    "EchoTime": 0.03,
    "EffectiveEchoSpacing": 0.000290003,
    "FlipAngle": 90,
    "ImageType": [
      "ORIGINAL",
      "PRIMARY",
      "M",
      "ND",
      "NORM",
      "MOSAIC"
    ],
    "MagneticFieldStrength": 3,
    "Manufacturer": "Siemens",
    "ManufacturersModelName": "TrioTim",
    "PhaseEncodingDirection": "j-",
    "ProcedureStepDescription": "RESEARCH_Brain_Traumas",
    "ProtocolName": "Bold",
    "RepetitionTime": 2,
    "ScanningSequence": "EP",
    "SequenceName": "_epfid2d1_80",
    "SequenceVariant": "SK",
    "SeriesDescription": "Bold",
    "SliceTiming": [
      0.9925,
      0,
      1.0525,
      0.0575,
      1.11,
      0.115,
      1.1675,
      0.175,
      1.2275,
      0.2325,
      1.285,
      0.2925,
      1.3425,
      0.35,
      1.4025,
      0.4075,
      1.46,
      0.4675,
      1.52,
      0.525,
      1.5775,
      0.585,
      1.635,
      0.6425,
      1.695,
      0.7,
      1.7525,
      0.76,
      1.8125,
      0.8175,
      1.87,
      0.875,
      1.9275,
      0.935
    ],
    "TaskName": "rest",
    "modality": "bold",
    "session_id": "1",
    "subject_id": "tbi02",
    "task_id": "rest"
  },
  "dummy_trs": 0,
  "dvars_nstd": 25.47549385146853,
  "dvars_std": 0.9892085605594407,
  "dvars_vstd": 0.9486464917482518,
  "efc": 0.4183485292261393,
  "fber": 9474.84765625,
  "fd_mean": 0.18577238739602642,
  "fd_num": 28,
  "fd_perc": 19.444444444444443,
  "fwhm_avg": 2.5451216666666667,
  "fwhm_x": 2.54325,
  "fwhm_y": 2.91842,
  "fwhm_z": 2.173695,
  "gcor": 0.0426064,
  "gsr_x": -0.0038395586889237165,
  "gsr_y": 0.011666232720017433,
  "provenance": {
    "md5sum": "6c6f96655b50f2bd0a99774de9ca394b",
    "settings": {
      "fd_thres": 0.2,
      "hmc_fsl": false
    },
    "software": "mriqc",
    "version": "0.9.6"
  },
  "size_t": 144,
  "size_x": 80,
  "size_y": 80,
  "size_z": 34,
  "snr": 5.161902152681805,
  "spacing_tr": 20100610.0,
  "spacing_x": 3.0,
  "spacing_y": 3.0,
  "spacing_z": 4.0,
  "summary_bg_k": 62.2707234749294,
  "summary_bg_mad": 5.992183685302734,
  "summary_bg_mean": 20.718219757080078,
  "summary_bg_median": 8.1875,
  "summary_bg_n": 145792.0,
  "summary_bg_p05": 3.118055582046509,
  "summary_bg_p95": 71.58264160156226,
  "summary_bg_stdv": 45.24941635131836,
  "summary_fg_k": 4.554118681441222,
  "summary_fg_mad": 106.74220275878906,
  "summary_fg_mean": 774.514404296875,
  "summary_fg_median": 788.9757080078125,
  "summary_fg_n": 33054.0,
  "summary_fg_p05": 492.80521850585944,
  "summary_fg_p95": 974.5996643066406,
  "summary_fg_stdv": 152.84361267089844,
  "tsnr": 35.22542953491211
}