{
  "aor": 0.015392499999999996,
  "aqi": 0.010316472361111113,
  "bids_meta": {
    "CogAtlasID": "http://www.cognitiveatlas.org/task/id/trm_4c8a834779883",
    "ConversionSoftware": "dcm2niix",
    "ConversionSoftwareVersion": "v1.0.20170314",
    "EchoTime": 0.03,
    "EffectiveEchoSpacing": 0.000290003,
    "FlipAngle": 90,
    "ImageType": [
      "ORIGINAL",
      "PRIMARY",
      "M",
      "ND",
      "NORM",
      "MOSAIC"
    ],
    "MagneticFieldStrength": 3,
    "Manufacturer": "Siemens",
    "ManufacturersModelName": "TrioTim",
    "PhaseEncodingDirection": "j-",
    "ProcedureStepDescription": "RESEARCH_Brain_Traumas",
    "ProtocolName": "Bold",
    "RepetitionTime": 2,
    "ScanningSequence": "EP",
    "SequenceName": "epfid2d1_80",
    "SequenceVariant": "SK",
    "SeriesDescription": "Bold",
    "SliceTiming": [
      0,
      1.0225,
      0.055,
      1.0775,
      0.1125,
      1.135,
      0.17,
      1.1925,
      0.2275,
      1.2475,
      0.2825,
      1.305,
      0.34,
      1.3625,
      0.3975,
      1.42,
      0.4525,
      1.475,
      0.51,
      1.5325,
      0.5675,
      1.59,
      0.625,
      1.645,
      0.68,
      1.7025,
      0.7375,
      1.76,
      0.795,
      1.8175,
      0.85,
      1.8725,
      0.9075,
      1.93,
      0.965
    ],
    "TaskName": "rest",
    "modality": "bold",
    "session_id": "2",
    "subject_id": "tbi07",
    "task_id": "rest"
  },
  "dummy_trs": 0,
  "dvars_nstd": 23.74114328643356,
  "dvars_std": 1.2572623520979018,
  "dvars_vstd": 1.1677923774825174,
  "efc": 0.4258771403266749,
  "fber": 6997.4453125,
  "fd_mean": 0.09846920089205016,
  "fd_num": 7,
  "fd_perc": 4.861111111111111,
  "fwhm_avg": 2.6069076105319926,
  "fwhm_x": 2.583123538621548,
  "fwhm_y": 3.1185066666666668,
  "fwhm_z": 2.119092626307763,
  "gcor": 0.00858799,
  "gsr_x": -0.011971802450716496,
  "gsr_y": 0.0006373090436682105,
  "provenance": {
    "md5sum": "b8957d0960b598a747972338b8a6a81c",
    "settings": {
      "fd_thres": 0.2,
      "hmc_fsl": false
    },
    "software": "mriqc",
    "version": "0.9.6"
  },
  "size_t": 144,
  "size_x": 80,
  "size_y": 80,
  "size_z": 35,
  "snr": 4.707237385867765,
  "spacing_tr": 1.0,
  "spacing_x": 2.999999761581421,
  "spacing_y": 3.0,
  "spacing_z": 3.999999761581421,
  "summary_bg_k": 52.03246143619341,
  "summary_bg_mad": 5.4362077713012695,
  "summary_bg_mean": 21.025117874145508,
  "summary_bg_median": 8.125,
  "summary_bg_n": 151492.0,
  "summary_bg_p05": 3.2986111640930176,
  "summary_bg_p95": 76.9513931274414,
  "summary_bg_stdv": 45.04964828491211,
  "summary_fg_k": 3.7452590889044686,
  "summary_fg_mad": 89.40913391113281,
  "summary_fg_mean": 667.0569458007812,
  "summary_fg_median": 693.7361450195312,
  "summary_fg_n": 33089.0,
  "summary_fg_p05": 350.07500610351565,
  "summary_fg_p95": 839.422216796875,
  "summary_fg_stdv": 147.374267578125,
  "tsnr": 56.19719314575195
}