{
  "aor": 0.017385,
  "aqi": 0.019412726527777775,
  "bids_meta": {
    "CogAtlasID": "http://www.cognitiveatlas.org/task/id/trm_4c8a834779883",
    "EchoTime": 0.034,
    "FlipAngle": 90,
    "ImageType": [
      "IMAGE",
      "M series"
    ],
    "MagneticFieldStrength": 3,
    "Manufacturer": "Philips",
    "ManufacturersModelName": "Achieva",
    "ProcedureStepDescription": "none",
    "ProtocolName": "NO_STIMULATION SENSE",
    "RepetitionTime": 2,
    "ScanningSequence": "EP",
    "SequenceName": "NO_STIMULATION SENSE",
    "SequenceVariant": "SK",
    "SeriesDescription": "NO_STIMULATION SENSE",
    "TaskName": "rest",
    "modality": "bold",
    "session_id": "1",
    "subject_id": "control06",
    "task_id": "rest"
  },
  "dummy_trs": 0,
  "dvars_nstd": 33.38769918069929,
  "dvars_std": 1.3257609882517485,
  "dvars_vstd": 1.0647157102097897,
  "efc": 0.4081310707041635,
  "fber": 100788.234375,
  "fd_mean": 0.16151590751420156,
  "fd_num": 27,
  "fd_perc": 18.75,
  "fwhm_avg": 3.1108887043986044,
  "fwhm_x": 3.4624637798624813,
  "fwhm_y": 4.079077333333333,
  "fwhm_z": 1.791125,
  "gcor": 0.00737916,
  "gsr_x": -0.013949641026556492,
  "gsr_y": 0.02314416877925396,
  "provenance": {
    "md5sum": "35b784e9b1cc016c85b57f6d5c4bcb8e",
    "settings": {
      "fd_thres": 0.2,
      "hmc_fsl": false
    },
    "software": "mriqc",
    "version": "0.9.6"
  },
  "size_t": 144,
  "size_x": 128,
  "size_y": 128,
  "size_z": 34,
  "snr": 4.508188573831677,
  "spacing_tr": 1.0,
  "spacing_x": 1.8750001192092896,
  "spacing_y": 1.875,
  "spacing_z": 4.0,
  "summary_bg_k": 126.67552944801301,
  "summary_bg_mad": 3.8480679988861084,
  "summary_bg_mean": 18.796361923217773,
  "summary_bg_median": 2.6525533199310303,
  "summary_bg_n": 387481.0,
  "summary_bg_p05": 0.03644523024559021,
  "summary_bg_p95": 75.98841094970703,
  "summary_bg_stdv": 51.88286590576172,
  "summary_fg_k": 2.3675059671949397,
  "summary_fg_mad": 157.83596801757812,
  "summary_fg_mean": 863.729736328125,
  "summary_fg_median": 864.0774536132812,
  "summary_fg_n": 87683.0,
  "summary_fg_p05": 552.5506530761719,
  "summary_fg_p95": 1151.8009643554685,
  "summary_fg_stdv": 191.66734313964844,
  "tsnr": 35.21459197998047
}