{
  "aor": 0.0037313194444444442,
  "aqi": 0.005794466666666667,
  "bids_meta": {
    "CogAtlasID": "http://www.cognitiveatlas.org/task/id/trm_4c8a834779883",
    "ConversionSoftware": "dcm2niix",
    "ConversionSoftwareVersion": "v1.0.20170314",
    "EchoTime": 0.03,
    "EffectiveEchoSpacing": 0.000290003,
    "FlipAngle": 90,
    "ImageType": [
      "ORIGINAL",
      "PRIMARY",
      "M",
      "ND",
      "MOSAIC"
    ],
    "MagneticFieldStrength": 3,
    "Manufacturer": "Siemens",
    "ManufacturersModelName": "TrioTim",
    "PhaseEncodingDirection": "j-",
    "ProcedureStepDescription": "Investigators_FGH3",
    "ProtocolName": "rest",
    "RepetitionTime": 2,
    "ScanningSequence": "EP",
    "SequenceName": "_epfid2d1_80",
    "SequenceVariant": "SK",
    "SeriesDescription": "rest",
    "SliceTiming": [
      0,
      1.0225,
      0.0575,
      1.08,
      0.115,
      1.1375,
      0.1725,
      1.1925,
      0.2275,
      1.25,
      0.285,
      1.3075,
      0.3425,
      1.365,
      0.3975,
      1.42,
      0.455,
      1.4775,
      0.5125,
      1.535,
      0.57,
      1.59,
      0.625,
      1.6475,
      0.6825,
      1.705,
      0.74,
      1.7625,
      0.795,
      1.8175,
      0.8525,
      1.875,
      0.91,
      1.9325,
      0.9675
    ],
    "TaskName": "rest",
    "modality": "bold",
    "session_id": "3",
    "subject_id": "tbi13",
    "task_id": "rest"
  },
  "dummy_trs": 0,
  "dvars_nstd": 27.14487545342656,
  "dvars_std": 1.2521941483916075,
  "dvars_vstd": 1.0385513667132866,
  "efc": 0.4211948163217953,
  "fber": 2980.7421875,
  "fd_mean": 0.12096352781649701,
  "fd_num": 15,
  "fd_perc": 10.416666666666666,
  "fwhm_avg": 2.584567542487435,
  "fwhm_x": 2.54202,
  "fwhm_y": 3.0732199999999996,
  "fwhm_z": 2.1384626274623053,
  "gcor": 0.0208691,
  "gsr_x": -0.008455783128738403,
  "gsr_y": 0.008131200447678566,
  "provenance": {
    "md5sum": "6a5f60376c1f6f3cfbf8fd2eae56c795",
    "settings": {
      "fd_thres": 0.2,
      "hmc_fsl": false
    },
    "software": "mriqc",
    "version": "0.9.6"
  },
  "size_t": 144,
  "size_x": 80,
  "size_y": 80,
  "size_z": 35,
  "snr": 4.377610713317302,
  "spacing_tr": 1.0,
  "spacing_x": 3.0,
  "spacing_y": 3.0,
  "spacing_z": 3.999999761581421,
  "summary_bg_k": 59.55753684423391,
  "summary_bg_mad": 3.304966688156128,
  "summary_bg_mean": 26.804277420043945,
  "summary_bg_median": 16.79166603088379,
  "summary_bg_n": 151815.0,
  "summary_bg_p05": 13.770833015441895,
  "summary_bg_p95": 72.29583206176741,
  "summary_bg_stdv": 37.282718658447266,
  "summary_fg_k": 1.9938833582359408,
  "summary_fg_mad": 167.38990783691406,
  "summary_fg_mean": 931.8848876953125,
  "summary_fg_median": 958.0208129882812,
  "summary_fg_n": 32927.0,
  "summary_fg_p05": 513.9333374023438,
  "summary_fg_p95": 1235.5145629882809,
  "summary_fg_stdv": 218.84226989746094,
  "tsnr": 61.49934005737305
}